GIT
  remote: https://github.com/ClearlyClaire/webpush.git
  revision: f14a4d52e201128b1b00245d11b6de80d6cfdcd9
  ref: f14a4d52e201128b1b00245d11b6de80d6cfdcd9
  specs:
    webpush (0.3.8)
      hkdf (~> 0.2)
      jwt (~> 2.0)

GIT
  remote: https://github.com/zunda/webpacker.git
  revision: 251c561a9ccc83b1239631eaa911cc92627ce305
  branch: v5.4.4-clear-command-with-better-versioning
  specs:
    webpacker (5.4.4)
      activesupport (>= 5.2)
      rack-proxy (>= 0.6.1)
      railties (>= 5.2)
      semantic_range (>= 2.3.0)

GEM
  remote: https://rubygems.org/
  specs:
    actioncable (7.1.3.2)
      actionpack (= 7.1.3.2)
      activesupport (= 7.1.3.2)
      nio4r (~> 2.0)
      websocket-driver (>= 0.6.1)
      zeitwerk (~> 2.6)
    actionmailbox (7.1.3.2)
      actionpack (= 7.1.3.2)
      activejob (= 7.1.3.2)
      activerecord (= 7.1.3.2)
      activestorage (= 7.1.3.2)
      activesupport (= 7.1.3.2)
      mail (>= 2.7.1)
      net-imap
      net-pop
      net-smtp
    actionmailer (7.1.3.2)
      actionpack (= 7.1.3.2)
      actionview (= 7.1.3.2)
      activejob (= 7.1.3.2)
      activesupport (= 7.1.3.2)
      mail (~> 2.5, >= 2.5.4)
      net-imap
      net-pop
      net-smtp
      rails-dom-testing (~> 2.2)
    actionpack (7.1.3.2)
      actionview (= 7.1.3.2)
      activesupport (= 7.1.3.2)
      nokogiri (>= 1.8.5)
      racc
      rack (>= 2.2.4)
      rack-session (>= 1.0.1)
      rack-test (>= 0.6.3)
      rails-dom-testing (~> 2.2)
      rails-html-sanitizer (~> 1.6)
    actiontext (7.1.3.2)
      actionpack (= 7.1.3.2)
      activerecord (= 7.1.3.2)
      activestorage (= 7.1.3.2)
      activesupport (= 7.1.3.2)
      globalid (>= 0.6.0)
      nokogiri (>= 1.8.5)
    actionview (7.1.3.2)
      activesupport (= 7.1.3.2)
      builder (~> 3.1)
      erubi (~> 1.11)
      rails-dom-testing (~> 2.2)
      rails-html-sanitizer (~> 1.6)
    active_model_serializers (0.10.14)
      actionpack (>= 4.1)
      activemodel (>= 4.1)
      case_transform (>= 0.2)
      jsonapi-renderer (>= 0.1.1.beta1, < 0.3)
    activejob (7.1.3.2)
      activesupport (= 7.1.3.2)
      globalid (>= 0.3.6)
    activemodel (7.1.3.2)
      activesupport (= 7.1.3.2)
    activerecord (7.1.3.2)
      activemodel (= 7.1.3.2)
      activesupport (= 7.1.3.2)
      timeout (>= 0.4.0)
    activestorage (7.1.3.2)
      actionpack (= 7.1.3.2)
      activejob (= 7.1.3.2)
      activerecord (= 7.1.3.2)
      activesupport (= 7.1.3.2)
      marcel (~> 1.0)
    activesupport (7.1.3.2)
      base64
      bigdecimal
      concurrent-ruby (~> 1.0, >= 1.0.2)
      connection_pool (>= 2.2.5)
      drb
      i18n (>= 1.6, < 2)
      minitest (>= 5.1)
      mutex_m
      tzinfo (~> 2.0)
    addressable (2.8.6)
      public_suffix (>= 2.0.2, < 6.0)
    aes_key_wrap (1.1.0)
    android_key_attestation (0.3.0)
    annotate (3.2.0)
      activerecord (>= 3.2, < 8.0)
      rake (>= 10.4, < 14.0)
    ast (2.4.2)
    attr_encrypted (4.0.0)
      encryptor (~> 3.0.0)
    attr_required (1.0.2)
    awrence (1.2.1)
    aws-eventstream (1.3.0)
    aws-partitions (1.916.0)
    aws-sdk-core (3.192.1)
      aws-eventstream (~> 1, >= 1.3.0)
      aws-partitions (~> 1, >= 1.651.0)
      aws-sigv4 (~> 1.8)
      jmespath (~> 1, >= 1.6.1)
    aws-sdk-kms (1.79.0)
      aws-sdk-core (~> 3, >= 3.191.0)
      aws-sigv4 (~> 1.1)
    aws-sdk-s3 (1.147.0)
      aws-sdk-core (~> 3, >= 3.192.0)
      aws-sdk-kms (~> 1)
      aws-sigv4 (~> 1.8)
    aws-sigv4 (1.8.0)
      aws-eventstream (~> 1, >= 1.0.2)
    azure-storage-blob (2.0.3)
      azure-storage-common (~> 2.0)
      nokogiri (~> 1, >= 1.10.8)
    azure-storage-common (2.0.4)
      faraday (~> 1.0)
      faraday_middleware (~> 1.0, >= 1.0.0.rc1)
      net-http-persistent (~> 4.0)
      nokogiri (~> 1, >= 1.10.8)
    base64 (0.2.0)
    bcp47_spec (0.2.1)
    bcrypt (3.1.20)
    better_errors (2.10.1)
      erubi (>= 1.0.0)
      rack (>= 0.9.0)
      rouge (>= 1.0.0)
    better_html (2.1.1)
      actionview (>= 6.0)
      activesupport (>= 6.0)
      ast (~> 2.0)
      erubi (~> 1.4)
      parser (>= 2.4)
      smart_properties
    bigdecimal (3.1.7)
    bindata (2.5.0)
    binding_of_caller (1.0.1)
      debug_inspector (>= 1.2.0)
    blurhash (0.1.7)
    brakeman (6.1.2)
      racc
    browser (5.3.1)
    brpoplpush-redis_script (0.1.3)
      concurrent-ruby (~> 1.0, >= 1.0.5)
      redis (>= 1.0, < 6)
    builder (3.2.4)
    bundler-audit (0.9.1)
      bundler (>= 1.2.0, < 3)
      thor (~> 1.0)
    capybara (3.40.0)
      addressable
      matrix
      mini_mime (>= 0.1.3)
      nokogiri (~> 1.11)
      rack (>= 1.6.0)
      rack-test (>= 0.6.3)
      regexp_parser (>= 1.5, < 3.0)
      xpath (~> 3.2)
    case_transform (0.2)
      activesupport
    cbor (0.5.9.8)
    charlock_holmes (0.7.7)
    chewy (7.5.1)
      activesupport (>= 5.2)
      elasticsearch (>= 7.12.0, < 7.14.0)
      elasticsearch-dsl
    chunky_png (1.4.0)
    climate_control (1.2.0)
    cocoon (1.2.15)
    color_diff (0.1)
    concurrent-ruby (1.2.3)
    connection_pool (2.4.1)
    cose (1.3.0)
      cbor (~> 0.5.9)
      openssl-signature_algorithm (~> 1.0)
    crack (1.0.0)
      bigdecimal
      rexml
    crass (1.0.6)
    css_parser (1.17.1)
      addressable
    csv (3.3.0)
    database_cleaner-active_record (2.1.0)
      activerecord (>= 5.a)
      database_cleaner-core (~> 2.0.0)
    database_cleaner-core (2.0.1)
    date (3.3.4)
    debug (1.9.2)
      irb (~> 1.10)
      reline (>= 0.3.8)
    debug_inspector (1.2.0)
    devise (4.9.4)
      bcrypt (~> 3.0)
      orm_adapter (~> 0.1)
      railties (>= 4.1.0)
      responders
      warden (~> 1.2.3)
    devise-two-factor (4.1.1)
      activesupport (~> 7.0)
      attr_encrypted (>= 1.3, < 5, != 2)
      devise (~> 4.0)
      railties (~> 7.0)
      rotp (~> 6.0)
    devise_pam_authenticatable2 (9.2.0)
      devise (>= 4.0.0)
      rpam2 (~> 4.0)
    diff-lcs (1.5.1)
    discard (1.3.0)
      activerecord (>= 4.2, < 8)
    docile (1.4.0)
    domain_name (0.6.20240107)
    doorkeeper (5.6.9)
      railties (>= 5)
    dotenv (3.1.0)
    drb (2.2.1)
    ed25519 (1.3.0)
    elasticsearch (7.13.3)
      elasticsearch-api (= 7.13.3)
      elasticsearch-transport (= 7.13.3)
    elasticsearch-api (7.13.3)
      multi_json
    elasticsearch-dsl (0.1.10)
    elasticsearch-transport (7.13.3)
      faraday (~> 1)
      multi_json
    email_spec (2.2.2)
      htmlentities (~> 4.3.3)
      launchy (~> 2.1)
      mail (~> 2.7)
    encryptor (3.0.0)
    erubi (1.12.0)
    et-orbi (1.2.11)
      tzinfo
    excon (0.110.0)
    fabrication (2.31.0)
    faker (3.3.1)
      i18n (>= 1.8.11, < 2)
    faraday (1.10.3)
      faraday-em_http (~> 1.0)
      faraday-em_synchrony (~> 1.0)
      faraday-excon (~> 1.1)
      faraday-httpclient (~> 1.0)
      faraday-multipart (~> 1.0)
      faraday-net_http (~> 1.0)
      faraday-net_http_persistent (~> 1.0)
      faraday-patron (~> 1.0)
      faraday-rack (~> 1.0)
      faraday-retry (~> 1.0)
      ruby2_keywords (>= 0.0.4)
    faraday-em_http (1.0.0)
    faraday-em_synchrony (1.0.0)
    faraday-excon (1.1.0)
    faraday-httpclient (1.0.1)
    faraday-multipart (1.0.4)
      multipart-post (~> 2)
    faraday-net_http (1.0.1)
    faraday-net_http_persistent (1.2.0)
    faraday-patron (1.0.0)
    faraday-rack (1.0.0)
    faraday-retry (1.0.3)
    faraday_middleware (1.2.0)
      faraday (~> 1.0)
    fast_blank (1.0.1)
    fastimage (2.3.1)
    ffi (1.16.3)
    ffi-compiler (1.3.2)
      ffi (>= 1.15.5)
      rake
    fog-core (2.4.0)
      builder
      excon (~> 0.71)
      formatador (>= 0.2, < 2.0)
      mime-types
    fog-json (1.2.0)
      fog-core
      multi_json (~> 1.10)
    fog-openstack (1.1.0)
      fog-core (~> 2.1)
      fog-json (>= 1.0)
    formatador (1.1.0)
    fugit (1.10.1)
      et-orbi (~> 1, >= 1.2.7)
      raabro (~> 1.4)
    fuubar (2.5.1)
      rspec-core (~> 3.0)
      ruby-progressbar (~> 1.4)
    globalid (1.2.1)
      activesupport (>= 6.1)
    haml (6.3.0)
      temple (>= 0.8.2)
      thor
      tilt
    haml-rails (2.1.0)
      actionpack (>= 5.1)
      activesupport (>= 5.1)
      haml (>= 4.0.6)
      railties (>= 5.1)
    haml_lint (0.57.0)
      haml (>= 5.0)
      parallel (~> 1.10)
      rainbow
      rubocop (>= 1.0)
      sysexits (~> 1.1)
    hashdiff (1.1.0)
    hashie (5.0.0)
    hcaptcha (7.1.0)
      json
    highline (3.0.1)
    hiredis (0.6.3)
    hkdf (0.3.0)
    htmlentities (4.3.4)
    http (5.2.0)
      addressable (~> 2.8)
      base64 (~> 0.1)
      http-cookie (~> 1.0)
      http-form_data (~> 2.2)
      llhttp-ffi (~> 0.5.0)
    http-cookie (1.0.5)
      domain_name (~> 0.5)
    http-form_data (2.3.0)
    http_accept_language (2.1.1)
    httpclient (2.8.3)
    httplog (1.6.3)
      rack (>= 2.0)
      rainbow (>= 2.0.0)
    i18n (1.14.1)
      concurrent-ruby (~> 1.0)
    i18n-tasks (1.0.13)
      activesupport (>= 4.0.2)
      ast (>= 2.1.0)
      better_html (>= 1.0, < 3.0)
      erubi
      highline (>= 2.0.0)
      i18n
      parser (>= 3.2.2.1)
      rails-i18n
      rainbow (>= 2.2.2, < 4.0)
      terminal-table (>= 1.5.1)
    idn-ruby (0.1.5)
    inline_svg (1.9.0)
      activesupport (>= 3.0)
      nokogiri (>= 1.6)
    io-console (0.7.2)
    irb (1.12.0)
      rdoc
      reline (>= 0.4.2)
    jmespath (1.6.2)
    json (2.7.2)
    json-canonicalization (1.0.0)
    json-jwt (1.15.3.1)
      activesupport (>= 4.2)
      aes_key_wrap
      bindata
      httpclient
    json-ld (3.3.1)
      htmlentities (~> 4.3)
      json-canonicalization (~> 1.0)
      link_header (~> 0.0, >= 0.0.8)
      multi_json (~> 1.15)
      rack (>= 2.2, < 4)
      rdf (~> 3.3)
    json-ld-preloaded (3.3.0)
      json-ld (~> 3.3)
      rdf (~> 3.3)
    json-schema (4.3.0)
      addressable (>= 2.8)
    jsonapi-renderer (0.2.2)
    jwt (2.7.1)
    kaminari (1.2.2)
      activesupport (>= 4.1.0)
      kaminari-actionview (= 1.2.2)
      kaminari-activerecord (= 1.2.2)
      kaminari-core (= 1.2.2)
    kaminari-actionview (1.2.2)
      actionview
      kaminari-core (= 1.2.2)
    kaminari-activerecord (1.2.2)
      activerecord
      kaminari-core (= 1.2.2)
    kaminari-core (1.2.2)
    kt-paperclip (7.2.2)
      activemodel (>= 4.2.0)
      activesupport (>= 4.2.0)
      marcel (~> 1.0.1)
      mime-types
      terrapin (>= 0.6.0, < 2.0)
    language_server-protocol (3.17.0.3)
    launchy (2.5.2)
      addressable (~> 2.8)
    letter_opener (1.10.0)
      launchy (>= 2.2, < 4)
    letter_opener_web (2.0.0)
      actionmailer (>= 5.2)
      letter_opener (~> 1.7)
      railties (>= 5.2)
      rexml
    link_header (0.0.8)
    llhttp-ffi (0.5.0)
      ffi-compiler (~> 1.0)
      rake (~> 13.0)
    lograge (0.14.0)
      actionpack (>= 4)
      activesupport (>= 4)
      railties (>= 4)
      request_store (~> 1.0)
    loofah (2.22.0)
      crass (~> 1.0.2)
      nokogiri (>= 1.12.0)
    mail (2.8.1)
      mini_mime (>= 0.1.1)
      net-imap
      net-pop
      net-smtp
    marcel (1.0.4)
    mario-redis-lock (1.2.1)
      redis (>= 3.0.5)
    matrix (0.4.2)
    md-paperclip-azure (2.2.0)
      addressable (~> 2.5)
      azure-storage-blob (~> 2.0.1)
      hashie (~> 5.0)
    memory_profiler (1.0.1)
    mime-types (3.5.2)
      mime-types-data (~> 3.2015)
    mime-types-data (3.2024.0305)
    mini_mime (1.1.5)
    mini_portile2 (2.8.6)
    minitest (5.22.3)
    multi_json (1.15.0)
    multipart-post (2.4.0)
    mutex_m (0.2.0)
    net-http (0.4.1)
      uri
    net-http-persistent (4.0.2)
      connection_pool (~> 2.2)
    net-imap (0.4.10)
      date
      net-protocol
    net-ldap (0.19.0)
    net-pop (0.1.2)
      net-protocol
    net-protocol (0.2.2)
      timeout
    net-smtp (0.5.0)
      net-protocol
    nio4r (2.7.1)
    nokogiri (1.16.4)
      mini_portile2 (~> 2.8.2)
      racc (~> 1.4)
    nsa (0.3.0)
      activesupport (>= 4.2, < 7.2)
      concurrent-ruby (~> 1.0, >= 1.0.2)
      sidekiq (>= 3.5)
      statsd-ruby (~> 1.4, >= 1.4.0)
    oj (3.16.3)
      bigdecimal (>= 3.0)
    omniauth (2.1.2)
      hashie (>= 3.4.6)
      rack (>= 2.2.3)
      rack-protection
    omniauth-cas (3.0.0)
      addressable (~> 2.8)
      nokogiri (~> 1.12)
      omniauth (~> 2.1)
    omniauth-rails_csrf_protection (1.0.1)
      actionpack (>= 4.2)
      omniauth (~> 2.0)
    omniauth-saml (2.1.0)
      omniauth (~> 2.0)
      ruby-saml (~> 1.12)
    omniauth_openid_connect (0.6.1)
      omniauth (>= 1.9, < 3)
      openid_connect (~> 1.1)
    openid_connect (1.4.2)
      activemodel
      attr_required (>= 1.0.0)
      json-jwt (>= 1.15.0)
      net-smtp
      rack-oauth2 (~> 1.21)
      swd (~> 1.3)
      tzinfo
      validate_email
      validate_url
      webfinger (~> 1.2)
    openssl (3.2.0)
    openssl-signature_algorithm (1.3.0)
      openssl (> 2.0)
    orm_adapter (0.5.0)
    ox (2.14.18)
    parallel (1.24.0)
    parser (3.3.0.5)
      ast (~> 2.4.1)
      racc
    parslet (2.0.0)
    pastel (0.8.0)
      tty-color (~> 0.5)
    pg (1.5.6)
    pghero (3.4.1)
      activerecord (>= 6)
    premailer (1.23.0)
      addressable
      css_parser (>= 1.12.0)
      htmlentities (>= 4.0.0)
    premailer-rails (1.12.0)
      actionmailer (>= 3)
      net-smtp
      premailer (~> 1.7, >= 1.7.9)
    private_address_check (0.5.0)
    propshaft (0.8.0)
      actionpack (>= 7.0.0)
      activesupport (>= 7.0.0)
      rack
      railties (>= 7.0.0)
    psych (5.1.2)
      stringio
    public_suffix (5.0.5)
    puma (6.4.2)
      nio4r (~> 2.0)
    pundit (2.3.1)
      activesupport (>= 3.0.0)
    raabro (1.4.0)
    racc (1.7.3)
    rack (2.2.9)
    rack-attack (6.7.0)
      rack (>= 1.0, < 4)
    rack-cors (2.0.2)
      rack (>= 2.0.0)
    rack-oauth2 (1.21.3)
      activesupport
      attr_required
      httpclient
      json-jwt (>= 1.11.0)
      rack (>= 2.1.0)
    rack-protection (3.2.0)
      base64 (>= 0.1.0)
      rack (~> 2.2, >= 2.2.4)
    rack-proxy (0.7.7)
      rack
    rack-session (1.0.2)
      rack (< 3)
    rack-test (2.1.0)
      rack (>= 1.3)
    rackup (1.0.0)
      rack (< 3)
      webrick
    rails (7.1.3.2)
      actioncable (= 7.1.3.2)
      actionmailbox (= 7.1.3.2)
      actionmailer (= 7.1.3.2)
      actionpack (= 7.1.3.2)
      actiontext (= 7.1.3.2)
      actionview (= 7.1.3.2)
      activejob (= 7.1.3.2)
      activemodel (= 7.1.3.2)
      activerecord (= 7.1.3.2)
      activestorage (= 7.1.3.2)
      activesupport (= 7.1.3.2)
      bundler (>= 1.15.0)
      railties (= 7.1.3.2)
    rails-controller-testing (1.0.5)
      actionpack (>= 5.0.1.rc1)
      actionview (>= 5.0.1.rc1)
      activesupport (>= 5.0.1.rc1)
    rails-dom-testing (2.2.0)
      activesupport (>= 5.0.0)
      minitest
      nokogiri (>= 1.6)
    rails-html-sanitizer (1.6.0)
      loofah (~> 2.21)
      nokogiri (~> 1.14)
    rails-i18n (7.0.9)
      i18n (>= 0.7, < 2)
      railties (>= 6.0.0, < 8)
    railties (7.1.3.2)
      actionpack (= 7.1.3.2)
      activesupport (= 7.1.3.2)
      irb
      rackup (>= 1.0.0)
      rake (>= 12.2)
      thor (~> 1.0, >= 1.2.2)
      zeitwerk (~> 2.6)
    rainbow (3.1.1)
    rake (13.2.1)
    rdf (3.3.1)
      bcp47_spec (~> 0.2)
      link_header (~> 0.0, >= 0.0.8)
    rdf-normalize (0.7.0)
      rdf (~> 3.3)
    rdoc (6.6.3.1)
      psych (>= 4.0.0)
    redcarpet (3.6.0)
    redis (4.8.1)
    redis-namespace (1.11.0)
      redis (>= 4)
    redlock (1.3.2)
      redis (>= 3.0.0, < 6.0)
    regexp_parser (2.9.0)
    reline (0.5.2)
      io-console (~> 0.5)
    request_store (1.6.0)
      rack (>= 1.4)
    responders (3.1.1)
      actionpack (>= 5.2)
      railties (>= 5.2)
    rexml (3.2.6)
    rotp (6.3.0)
    rouge (4.2.1)
    rpam2 (4.0.2)
    rqrcode (2.2.0)
      chunky_png (~> 1.0)
      rqrcode_core (~> 1.0)
    rqrcode_core (1.2.0)
    rspec-core (3.13.0)
      rspec-support (~> 3.13.0)
    rspec-expectations (3.13.0)
      diff-lcs (>= 1.2.0, < 2.0)
      rspec-support (~> 3.13.0)
    rspec-github (2.4.0)
      rspec-core (~> 3.0)
    rspec-mocks (3.13.0)
      diff-lcs (>= 1.2.0, < 2.0)
      rspec-support (~> 3.13.0)
    rspec-rails (6.1.2)
      actionpack (>= 6.1)
      activesupport (>= 6.1)
      railties (>= 6.1)
      rspec-core (~> 3.13)
      rspec-expectations (~> 3.13)
      rspec-mocks (~> 3.13)
      rspec-support (~> 3.13)
    rspec-sidekiq (4.2.0)
      rspec-core (~> 3.0)
      rspec-expectations (~> 3.0)
      rspec-mocks (~> 3.0)
      sidekiq (>= 5, < 8)
    rspec-support (3.13.1)
    rubocop (1.63.3)
      json (~> 2.3)
      language_server-protocol (>= 3.17.0)
      parallel (~> 1.10)
      parser (>= 3.3.0.2)
      rainbow (>= 2.2.2, < 4.0)
      regexp_parser (>= 1.8, < 3.0)
      rexml (>= 3.2.5, < 4.0)
      rubocop-ast (>= 1.31.1, < 2.0)
      ruby-progressbar (~> 1.7)
      unicode-display_width (>= 2.4.0, < 3.0)
    rubocop-ast (1.31.2)
      parser (>= 3.3.0.4)
    rubocop-capybara (2.20.0)
      rubocop (~> 1.41)
    rubocop-factory_bot (2.25.1)
      rubocop (~> 1.41)
    rubocop-performance (1.21.0)
      rubocop (>= 1.48.1, < 2.0)
      rubocop-ast (>= 1.31.1, < 2.0)
    rubocop-rails (2.24.1)
      activesupport (>= 4.2.0)
      rack (>= 1.1)
      rubocop (>= 1.33.0, < 2.0)
      rubocop-ast (>= 1.31.1, < 2.0)
    rubocop-rspec (2.29.1)
      rubocop (~> 1.40)
      rubocop-capybara (~> 2.17)
      rubocop-factory_bot (~> 2.22)
      rubocop-rspec_rails (~> 2.28)
    rubocop-rspec_rails (2.28.3)
      rubocop (~> 1.40)
    ruby-prof (1.7.0)
    ruby-progressbar (1.13.0)
    ruby-saml (1.16.0)
      nokogiri (>= 1.13.10)
      rexml
    ruby2_keywords (0.0.5)
    rubyzip (2.3.2)
    rufus-scheduler (3.9.1)
      fugit (~> 1.1, >= 1.1.6)
    safety_net_attestation (0.4.0)
      jwt (~> 2.0)
    sanitize (6.1.0)
      crass (~> 1.0.2)
      nokogiri (>= 1.12.0)
    scenic (1.8.0)
      activerecord (>= 4.0.0)
      railties (>= 4.0.0)
    selenium-webdriver (4.19.0)
      base64 (~> 0.2)
      rexml (~> 3.2, >= 3.2.5)
      rubyzip (>= 1.2.2, < 3.0)
      websocket (~> 1.0)
    semantic_range (3.0.0)
    sidekiq (6.5.12)
      connection_pool (>= 2.2.5, < 3)
      rack (~> 2.0)
      redis (>= 4.5.0, < 5)
    sidekiq-bulk (0.2.0)
      sidekiq
    sidekiq-scheduler (5.0.3)
      rufus-scheduler (~> 3.2)
      sidekiq (>= 6, < 8)
      tilt (>= 1.4.0)
    sidekiq-unique-jobs (7.1.33)
      brpoplpush-redis_script (> 0.1.1, <= 2.0.0)
      concurrent-ruby (~> 1.0, >= 1.0.5)
      redis (< 5.0)
      sidekiq (>= 5.0, < 7.0)
      thor (>= 0.20, < 3.0)
    simple-navigation (4.4.0)
      activesupport (>= 2.3.2)
    simple_form (5.3.0)
      actionpack (>= 5.2)
      activemodel (>= 5.2)
    simplecov (0.22.0)
      docile (~> 1.1)
      simplecov-html (~> 0.11)
      simplecov_json_formatter (~> 0.1)
    simplecov-html (0.12.3)
    simplecov-lcov (0.8.0)
    simplecov_json_formatter (0.1.4)
    smart_properties (1.17.0)
    stackprof (0.2.26)
    statsd-ruby (1.5.0)
    stoplight (4.1.0)
      redlock (~> 1.0)
    stringio (3.1.0)
    strong_migrations (1.8.0)
      activerecord (>= 5.2)
    swd (1.3.0)
      activesupport (>= 3)
      attr_required (>= 0.0.5)
      httpclient (>= 2.4)
    sysexits (1.2.0)
    temple (0.10.3)
    terminal-table (3.0.2)
      unicode-display_width (>= 1.1.1, < 3)
    terrapin (1.0.1)
      climate_control
    test-prof (1.3.3)
    thor (1.3.1)
    tilt (2.3.0)
    timeout (0.4.1)
    tpm-key_attestation (0.12.0)
      bindata (~> 2.4)
      openssl (> 2.0)
      openssl-signature_algorithm (~> 1.0)
    tty-color (0.6.0)
    tty-cursor (0.7.1)
    tty-prompt (0.23.1)
      pastel (~> 0.8)
      tty-reader (~> 0.8)
    tty-reader (0.9.0)
      tty-cursor (~> 0.7)
      tty-screen (~> 0.8)
      wisper (~> 2.0)
    tty-screen (0.8.2)
    twitter-text (3.1.0)
      idn-ruby
      unf (~> 0.1.0)
    tzinfo (2.0.6)
      concurrent-ruby (~> 1.0)
    tzinfo-data (1.2024.1)
      tzinfo (>= 1.0.0)
    unf (0.1.4)
      unf_ext
    unf_ext (0.0.9.1)
    unicode-display_width (2.5.0)
    uri (0.13.0)
    validate_email (0.1.6)
      activemodel (>= 3.0)
      mail (>= 2.2.5)
    validate_url (1.0.15)
      activemodel (>= 3.0.0)
      public_suffix
    warden (1.2.9)
      rack (>= 2.0.9)
    webauthn (3.1.0)
      android_key_attestation (~> 0.3.0)
      awrence (~> 1.1)
      bindata (~> 2.4)
      cbor (~> 0.5.9)
      cose (~> 1.1)
      openssl (>= 2.2)
      safety_net_attestation (~> 0.4.0)
      tpm-key_attestation (~> 0.12.0)
    webfinger (1.2.0)
      activesupport
      httpclient (>= 2.4)
    webmock (3.23.0)
      addressable (>= 2.8.0)
      crack (>= 0.3.2)
      hashdiff (>= 0.4.0, < 2.0.0)
    webrick (1.8.1)
    websocket (1.2.10)
    websocket-driver (0.7.6)
      websocket-extensions (>= 0.1.0)
    websocket-extensions (0.1.5)
    wisper (2.0.1)
    xorcist (1.1.3)
    xpath (3.2.0)
      nokogiri (~> 1.8)
    zeitwerk (2.6.13)

PLATFORMS
  ruby

DEPENDENCIES
  active_model_serializers (~> 0.10)
  addressable (~> 2.8)
  annotate (~> 3.2)
  aws-sdk-s3 (~> 1.123)
  better_errors (~> 2.9)
  binding_of_caller (~> 1.0)
  blurhash (~> 0.1)
  brakeman (~> 6.0)
  browser
  bundler-audit (~> 0.9)
  capybara (~> 3.39)
  charlock_holmes (~> 0.7.7)
  chewy (~> 7.3)
  climate_control
  cocoon (~> 1.2)
  color_diff (~> 0.1)
  concurrent-ruby
  connection_pool
  csv (~> 3.2)
  database_cleaner-active_record
  debug (~> 1.8)
  devise (~> 4.9)
  devise-two-factor (~> 4.1)
  devise_pam_authenticatable2 (~> 9.2)
  discard (~> 1.2)
  doorkeeper (~> 5.6)
  dotenv
  ed25519 (~> 1.3)
  email_spec
  fabrication (~> 2.30)
  faker (~> 3.2)
  fast_blank (~> 1.0)
  fastimage
  fog-core (<= 2.4.0)
  fog-openstack (~> 1.0)
  fuubar (~> 2.5)
  haml-rails (~> 2.0)
  haml_lint
  hcaptcha (~> 7.1)
  hiredis (~> 0.6)
  htmlentities (~> 4.3)
  http (~> 5.2.0)
  http_accept_language (~> 2.1)
  httplog (~> 1.6.2)
  i18n (= 1.14.1)
  i18n-tasks (~> 1.0)
  idn-ruby
  inline_svg
  irb (~> 1.8)
  json-ld
  json-ld-preloaded (~> 3.2)
  json-schema (~> 4.0)
  kaminari (~> 1.2)
  kt-paperclip (~> 7.2)
  letter_opener (~> 1.8)
  letter_opener_web (~> 2.0)
  link_header (~> 0.0)
  lograge (~> 0.12)
  mail (~> 2.8)
  mario-redis-lock (~> 1.2)
  md-paperclip-azure (~> 2.2)
  memory_profiler
  mime-types (~> 3.5.0)
  net-http (~> 0.4.0)
  net-ldap (~> 0.18)
  nokogiri (~> 1.15)
  nsa
  oj (~> 3.14)
  omniauth (~> 2.0)
  omniauth-cas (~> 3.0.0.beta.1)
  omniauth-rails_csrf_protection (~> 1.0)
  omniauth-saml (~> 2.0)
  omniauth_openid_connect (~> 0.6.1)
  ox (~> 2.14)
  parslet
  pg (~> 1.5)
  pghero
  premailer-rails
  private_address_check (~> 0.5)
  propshaft
  public_suffix (~> 5.0)
  puma (~> 6.3)
  pundit (~> 2.3)
  rack (~> 2.2.7)
  rack-attack (~> 6.6)
  rack-cors (~> 2.0)
  rack-test (~> 2.1)
  rails (~> 7.1.1)
  rails-controller-testing (~> 1.0)
  rails-i18n (~> 7.0)
  rdf-normalize (~> 0.5)
  redcarpet (~> 3.6)
  redis (~> 4.5)
  redis-namespace (~> 1.10)
  rqrcode (~> 2.2)
  rspec-github (~> 2.4)
  rspec-rails (~> 6.0)
  rspec-sidekiq (~> 4.0)
  rubocop
  rubocop-capybara
  rubocop-performance
  rubocop-rails
  rubocop-rspec
  ruby-prof
  ruby-progressbar (~> 1.13)
  rubyzip (~> 2.3)
  sanitize (~> 6.0)
  scenic (~> 1.7)
  selenium-webdriver
  sidekiq (~> 6.5)
  sidekiq-bulk (~> 0.2.0)
  sidekiq-scheduler (~> 5.0)
  sidekiq-unique-jobs (~> 7.1)
  simple-navigation (~> 4.4)
  simple_form (~> 5.2)
  simplecov (~> 0.22)
  simplecov-lcov (~> 0.8)
  stackprof
  stoplight (~> 4.1)
  strong_migrations (= 1.8.0)
  test-prof
  thor (~> 1.2)
  tty-prompt (~> 0.23)
  twitter-text (~> 3.1.0)
  tzinfo-data (~> 1.2023)
  webauthn (~> 3.0)
  webmock (~> 3.18)
  webpacker!
  webpush!
  xorcist (~> 1.1)

CHECKSUMS
  actioncable (7.1.3.2) sha256=e162ce4094368e86237cbf8345cc78c2c7cf1fddaf5d8aacf86428d32cf9d145
  actionmailbox (7.1.3.2) sha256=2493fe676720b6f82a7f0c0396b7ebc41e08ca2abbf5e9c3c9cd11f68bb3b8a9
  actionmailer (7.1.3.2) sha256=dab3ad5df3053c24e68c96d88394a3d9d45090dbd3f0c9b2d68b43d78aed5504
  actionpack (7.1.3.2) sha256=b8f958d5d77e17b0fcbcd21f03eedac0405b0bf17421479be38529cf4a263b58
  actiontext (7.1.3.2) sha256=ece807199490521c8d7c8048899fdd110951073c04bf38883b6d3193bcd3c52a
  actionview (7.1.3.2) sha256=369b1a33764017d017623622a33b6be007c7c0de3d1a4f1e9676466e3b5909cf
  active_model_serializers (0.10.14) sha256=14de177c843a8a1edbc7e954eb7637074b1af2dced3bd8454173bc06ec8dc18e
  activejob (7.1.3.2) sha256=d2a90501e8b8697eac541c1cf9aa23ac330d40dc4f5b7fb87cdf17d336f7f221
  activemodel (7.1.3.2) sha256=108e5262f96333c694e0fdba0209de5beeec1084b9a947940c259450f45d715c
  activerecord (7.1.3.2) sha256=4872900c3340948e2fc92ea08397034eaacd8cec1760ed7704975a116cc78173
  activestorage (7.1.3.2) sha256=283777f15a5ae2519ccf2a573968fa7afaea02d24b90cd6e0c23f77331069727
  activesupport (7.1.3.2) sha256=ad8445b7ae4a6d3acc5f88c8c5f437eb0b54062032aaf44856c7b6d3855b8b2e
  addressable (2.8.6) sha256=798f6af3556641a7619bad1dce04cdb6eb44b0216a991b0396ea7339276f2b47
  aes_key_wrap (1.1.0) sha256=b935f4756b37375895db45669e79dfcdc0f7901e12d4e08974d5540c8e0776a5
  android_key_attestation (0.3.0) sha256=467eb01a99d2bb48ef9cf24cc13712669d7056cba5a52d009554ff037560570b
  annotate (3.2.0) sha256=9a61baa1fb13880aa3a8d9f62553889bb2a3b7970f88bbc66d3ac75a567780d3
  ast (2.4.2) sha256=1e280232e6a33754cde542bc5ef85520b74db2aac73ec14acef453784447cc12
  attr_encrypted (4.0.0) sha256=ccbe4abd2b6973929f119af3b50a3fa10dba51bd69a7b4076a57a59d57359d0c
  attr_required (1.0.2) sha256=f0ebfc56b35e874f4d0ae799066dbc1f81efefe2364ca3803dc9ea6a4de6cb99
  awrence (1.2.1) sha256=dd1d214c12a91f449d1ef81d7ee3babc2816944e450752e7522c65521872483e
  aws-eventstream (1.3.0) sha256=f1434cc03ab2248756eb02cfa45e900e59a061d7fbdc4a9fd82a5dd23d796d3f
  aws-partitions (1.916.0) sha256=9ffa41e8563da988310100df5fca5f2a4e3c46331440256a37a784e512cc34be
  aws-sdk-core (3.192.1) sha256=c02612fe14a4a5a79d58d173d0f5d67f9ecd162c9f2dd5cfaa73509e66cfe8c2
  aws-sdk-kms (1.79.0) sha256=5c21460bc50fbde3a9c745b29f47370801f1bb697bf2965bc13a16d70d0060b1
  aws-sdk-s3 (1.147.0) sha256=367753c25d98b8019932d403d3ec56def51e70be917a2612d762a369ca167c45
  aws-sigv4 (1.8.0) sha256=84dd99768b91b93b63d1d8e53ee837cfd06ab402812772a7899a78f9f9117cbc
  azure-storage-blob (2.0.3) sha256=61b76118843c91776bd24bee22c74adafeb7c4bb3a858a325047dae3b59d0363
  azure-storage-common (2.0.4) sha256=608f4daab0e06b583b73dcffd3246ea39e78056de31630286b0cf97af7d6956b
  base64 (0.2.0) sha256=0f25e9b21a02a0cc0cea8ef92b2041035d39350946e8789c562b2d1a3da01507
  bcp47_spec (0.2.1) sha256=3fd62edf96c126bd9624e4319ac74082a966081859d1ee0ef3c3041640a37810
  bcrypt (3.1.20) sha256=8410f8c7b3ed54a3c00cd2456bf13917d695117f033218e2483b2e40b0784099
  better_errors (2.10.1) sha256=f798f1bac93f3e775925b7fcb24cffbcf0bb62ee2210f5350f161a6b75fc0a73
  better_html (2.1.1) sha256=046c3551d1488a3f2939a7cac6fabf2bde08c32e135c91fcd683380118e5af55
  bigdecimal (3.1.7) sha256=e799b369a0005fc6d62eed7ef19139ac9bc319cc51470c637b9dcdf593600133
  bindata (2.5.0) sha256=29dccb8ba1cc9de148f24bb88930840c62db56715f0f80eccadd624d9f3d2623
  binding_of_caller (1.0.1) sha256=2b2902abff4246ddcfbc4da9b69bc4a019e22aeb300c2ff6289a173d4b90b29a
  blurhash (0.1.7) sha256=c8f553d3d0ebf352df3a9d5c8a4ab518c250f9ba24b3314fddc88ee3f173ea14
  brakeman (6.1.2) sha256=7716769c18f2c4a52d7a74d2cb5a614be0c46d8aad3fbe7ca089dbb7c98bd4d3
  browser (5.3.1) sha256=62745301701ff2c6c5d32d077bb12532b20be261929dcb52c6781ed0d5658b3c
  brpoplpush-redis_script (0.1.3) sha256=3411dc086d093908bf3d3ce3923cf764238171131a7dac334d1b56ec8bfca5d9
  builder (3.2.4) sha256=99caf08af60c8d7f3a6b004029c4c3c0bdaebced6c949165fe98f1db27fbbc10
  bundler-audit (0.9.1) sha256=bdc716fc21cd8652a6507b137e5bc51f5e0e4f6f106a114ab004c89d0200bd3d
  capybara (3.40.0) sha256=42dba720578ea1ca65fd7a41d163dd368502c191804558f6e0f71b391054aeef
  case_transform (0.2) sha256=e2ad4418dceeb227cf474cc332cd5004c95c136c04186c1cceaad8ab8de6fe3b
  cbor (0.5.9.8) sha256=9ee097fc58d9bc5e406d112cd2d4e112c7354ec16f8b6ff34e4732c1e44b4eb7
  charlock_holmes (0.7.7) sha256=1790eca3f661ffa6bbf5866c53c7191e4b8472626fc4997ff9dbe7c425e2cb43
  chewy (7.5.1) sha256=8cd79d183d5f2260a49fa41909b95917c8a039e6be493d807c043f76ef6ceaea
  chunky_png (1.4.0) sha256=89d5b31b55c0cf4da3cf89a2b4ebc3178d8abe8cbaf116a1dba95668502fdcfe
  climate_control (1.2.0) sha256=36b21896193fa8c8536fa1cd843a07cf8ddbd03aaba43665e26c53ec1bd70aa5
  cocoon (1.2.15) sha256=d08f14e69653287d7a060ee43389b8c824e55191dffbca0c5c586f38ef491f0d
  color_diff (0.1) sha256=99dc39f4453e42aa3bbc6d738f82194870b974993135cee61deb2eff29deb705
  concurrent-ruby (1.2.3) sha256=82fdd3f8a0816e28d513e637bb2b90a45d7b982bdf4f3a0511722d2e495801e2
  connection_pool (2.4.1) sha256=0f40cf997091f1f04ff66da67eabd61a9fe0d4928b9a3645228532512fab62f4
  cose (1.3.0) sha256=63247c66a5bc76e53926756574fe3724cc0a88707e358c90532ae2a320e98601
  crack (1.0.0) sha256=c83aefdb428cdc7b66c7f287e488c796f055c0839e6e545fec2c7047743c4a49
  crass (1.0.6) sha256=dc516022a56e7b3b156099abc81b6d2b08ea1ed12676ac7a5657617f012bd45d
  css_parser (1.17.1) sha256=eb730f2d26591a843e52bd3d0efd76abdfeec8bad728e0b2ac821fc10bb018e6
  csv (3.3.0) sha256=0bbd1defdc31134abefed027a639b3723c2753862150f4c3ee61cab71b20d67d
  database_cleaner-active_record (2.1.0) sha256=7384b973d67bcc1b5a850b876a4638aa83cca3bc88f9d87562fe25cd2dd60d8a
  database_cleaner-core (2.0.1) sha256=8646574c32162e59ed7b5258a97a208d3c44551b854e510994f24683865d846c
  date (3.3.4) sha256=971f2cb66b945bcbea4ddd9c7908c9400b31a71bc316833cb42fa584b59d3291
  debug (1.9.2) sha256=48e026c0852c7a10c60263e2e527968308958e266231e36d64e3efcabec7e7fc
  debug_inspector (1.2.0) sha256=9bdfa02eebc3da163833e6a89b154084232f5766087e59573b70521c77ea68a2
  devise (4.9.4) sha256=920042fe5e704c548aa4eb65ebdd65980b83ffae67feb32c697206bfd975a7f8
  devise-two-factor (4.1.1) sha256=c95f5b07533e62217aaed3c386874d94e2d472fb5f2b6598afe8600fc17a8b95
  devise_pam_authenticatable2 (9.2.0) sha256=e21ee4ac213de01e5d5863ba25e23a4304b079dc6128866edf86c17945a1378e
  diff-lcs (1.5.1) sha256=273223dfb40685548436d32b4733aa67351769c7dea621da7d9dd4813e63ddfe
  discard (1.3.0) sha256=55218997ca4dc11f0594f1bb2d1196c4a959ceb562f1ab6490130233598dda67
  docile (1.4.0) sha256=5f1734bde23721245c20c3d723e76c104208e1aa01277a69901ce770f0ebb8d3
  domain_name (0.6.20240107) sha256=5f693b2215708476517479bf2b3802e49068ad82167bcd2286f899536a17d933
  doorkeeper (5.6.9) sha256=23e8fdc18ecdbc3f94f2370f278a76d3037fe75ff476019f5a3f572242680270
  dotenv (3.1.0) sha256=8b7e682e197dbaa69bd5660cc18bc821e8152e1bb2b3c02e32f2be718fd8b2b4
  drb (2.2.1) sha256=e9d472bf785f558b96b25358bae115646da0dbfd45107ad858b0bc0d935cb340
  ed25519 (1.3.0) sha256=514a5584f84d39daac568a17ec93a4e7261e140c52c562ed8c382c18456e627d
  elasticsearch (7.13.3) sha256=58b1ad787fafd41836388176dc09e914b2f6e0b257e73b8a51a704ba6bf75b41
  elasticsearch-api (7.13.3) sha256=888f35c64c896db7909f1a56f6c383c45ad6b73c3231649b9c989e39b3d2ba2e
  elasticsearch-dsl (0.1.10) sha256=d3756e40916e3338cbbb1bd59234515b1d2ce9c67575f1e45c5cd551b91b959c
  elasticsearch-transport (7.13.3) sha256=ab8d0226652fb5b32923f172c1abfbc7464058b7de2d9dde3215c88d518c8e2e
  email_spec (2.2.2) sha256=f53c54c82db2818c827f163bbb3dd74e82e779c6bfdceb670461fb55173016fa
  encryptor (3.0.0) sha256=abf23f94ab4d864b8cea85b43f3432044a60001982cda7c33c1cd90da8db1969
  erubi (1.12.0) sha256=27bedb74dfb1e04ff60674975e182d8ca787f2224f2e8143268c7696f42e4723
  et-orbi (1.2.11) sha256=d26e868cc21db88280a9ec1a50aa3da5d267eb9b2037ba7b831d6c2731f5df64
  excon (0.110.0) sha256=5f5372e1ccb6089ef45949100f2fc9fe12df200ee69c45a00771621eeefe6fd4
  fabrication (2.31.0) sha256=2c79f10d1b88034a2ebd47ce77acba66847fc4636581c8282b3408adc68e85aa
  faker (3.3.1) sha256=a42b9b0aca7a6d3c1741dc7713ac5a5491a8bf51af26e45a8687cf4e36665d47
  faraday (1.10.3) sha256=20f52e9f73231e5f3d43fb645901573ce2b75f0bd01ea52a2772133d0106e6b0
  faraday-em_http (1.0.0) sha256=7a3d4c7079789121054f57e08cd4ef7e40ad1549b63101f38c7093a9d6c59689
  faraday-em_synchrony (1.0.0) sha256=460dad1c30cc692d6e77d4c391ccadb4eca4854b315632cd7e560f74275cf9ed
  faraday-excon (1.1.0) sha256=b055c842376734d7f74350fe8611542ae2000c5387348d9ba9708109d6e40940
  faraday-httpclient (1.0.1) sha256=4c8ff1f0973ff835be8d043ef16aaf54f47f25b7578f6d916deee8399a04d33b
  faraday-multipart (1.0.4) sha256=9012021ab57790f7d712f590b48d5f948b19b43cfa11ca83e6459f06090b0725
  faraday-net_http (1.0.1) sha256=3245ce406ebb77b40e17a77bfa66191dda04be2fd4e13a78d8a4305854d328ba
  faraday-net_http_persistent (1.2.0) sha256=0b0cbc8f03dab943c3e1cc58d8b7beb142d9df068b39c718cd83e39260348335
  faraday-patron (1.0.0) sha256=dc2cd7b340bb3cc8e36bcb9e6e7eff43d134b6d526d5f3429c7a7680ddd38fa7
  faraday-rack (1.0.0) sha256=ef60ec969a2bb95b8dbf24400155aee64a00fc8ba6c6a4d3968562bcc92328c0
  faraday-retry (1.0.3) sha256=add154f4f399243cbe070806ed41b96906942e7f5259bb1fe6daf2ec8f497194
  faraday_middleware (1.2.0) sha256=ded15d574d50e92bd04448d5566913af5cb1a01b2fa311ceecc2464fa0ab88af
  fast_blank (1.0.1) sha256=269fc30414fed4e6403bc4a49081e1ea539f8b9226e59276ed1efaefabaa17ea
  fastimage (2.3.1) sha256=23c629f1f3e7d61bcfcc06c25b3d2418bc6bf41d2e615dbf5132c0e3b63ecce9
  ffi (1.16.3) sha256=6d3242ff10c87271b0675c58d68d3f10148fabc2ad6da52a18123f06078871fb
  ffi-compiler (1.3.2) sha256=a94f3d81d12caf5c5d4ecf13980a70d0aeaa72268f3b9cc13358bcc6509184a0
  fog-core (2.4.0) sha256=1e204f2f3cbb376f93408e7470f6841df1c2bf03740755ad1f335062018f5d5c
  fog-json (1.2.0) sha256=dd4f5ab362dbc72b687240bba9d2dd841d5dfe888a285797533f85c03ea548fe
  fog-openstack (1.1.0) sha256=47f5406164769fe0702ade00e5519d09e6db905a54e29475cfa7050a80c609f6
  formatador (1.1.0) sha256=54e23e2af4d60bb9327c7fac62b29968e4cf28cee0111f726d0bdeadc85e06d0
  fugit (1.10.1) sha256=0572989717d6181d6ff3eefd58fbec62de83913db8020082a9753bbe9f58a982
  fuubar (2.5.1) sha256=b272a7804b282661c7fab583a3764f92543cb482c365ae39c685cd218fdd4880
  globalid (1.2.1) sha256=70bf76711871f843dbba72beb8613229a49429d1866828476f9c9d6ccc327ce9
  haml (6.3.0) sha256=8e6eb87d869639e348852009e74a2a1663d79663ed7e7dbcb38beb1f12bcdd97
  haml-rails (2.1.0) sha256=273ba0189e2f82ce4b2385019dd9138884017e3103cc2eaebeee7f45186f59ea
  haml_lint (0.57.0) sha256=17620b5f4821c3572487242594ba5d17cf79f8a24df8629db793d53b0c03d37e
  hashdiff (1.1.0) sha256=b5465f0e7375f1ee883f53a766ece4dbc764b7674a7c5ffd76e79b2f5f6fc9c9
  hashie (5.0.0) sha256=9d6c4e51f2a36d4616cbc8a322d619a162d8f42815a792596039fc95595603da
  hcaptcha (7.1.0) sha256=a2a28431175f330df8fb0ba99664985b8509ceaafe0989ff9e516cfa431a063a
  highline (3.0.1) sha256=ca18b218fd581b1fae832f89bfeaf2b34d3a93429c44fd4411042ffce286f009
  hiredis (0.6.3) sha256=7f052e320f7d24b5c2a9fdf67c6ff6facdf6e256394a703511bce34ecf445212
  hkdf (0.3.0) sha256=34c62c7708451aaccbbafde62c471d837aa174dc30302381dfc486a2c0ebd111
  htmlentities (4.3.4) sha256=125a73c6c9f2d1b62100b7c3c401e3624441b663762afa7fe428476435a673da
  http (5.2.0) sha256=b99ed3c65376e0fd8107647fbaf5a8ab4f66c347d1271fb74cea757e209c6115
  http-cookie (1.0.5) sha256=73756d46c7dbdc7023deecdb8a171348ea95a1b99810b31cfe8b4fb4e9a6318f
  http-form_data (2.3.0) sha256=cc4eeb1361d9876821e31d7b1cf0b68f1cf874b201d27903480479d86448a5f3
  http_accept_language (2.1.1) sha256=0043f0d55a148cf45b604dbdd197cb36437133e990016c68c892d49dbea31634
  httpclient (2.8.3) sha256=2951e4991214464c3e92107e46438527d23048e634f3aee91c719e0bdfaebda6
  httplog (1.6.3) sha256=fa8f5cd3c838aff1d9d2a46be55fe298e1da19b7e45d7475bf37f510b7ceacee
  i18n (1.14.1) sha256=9d03698903547c060928e70a9bc8b6b87fda674453cda918fc7ab80235ae4a61
  i18n-tasks (1.0.13) sha256=51dafd3a1a884e9ecb1bea86dbee312bee71d4926afb6b594a8f5678f67d93e8
  idn-ruby (0.1.5) sha256=3076fa1aac170e92310d02822badf6b11e74e17915a045c8f9ad053bba24c037
  inline_svg (1.9.0) sha256=f44c5e3d2e401fd619ad3047b7c8cee384517d855edb1d1fb1a248d3cae535d6
  io-console (0.7.2) sha256=f0dccff252f877a4f60d04a4dc6b442b185ebffb4b320ab69212a92b48a7a221
  irb (1.12.0) sha256=07634937fbb7d28d07e46da50d0aa43b4d2f7258174d08de4e32dfb57c10539d
  jmespath (1.6.2) sha256=238d774a58723d6c090494c8879b5e9918c19485f7e840f2c1c7532cf84ebcb1
  json (2.7.2) sha256=1898b5cbc81cd36c0fd4d0b7ad2682c39fb07c5ff682fc6265f678f550d4982c
  json-canonicalization (1.0.0) sha256=d4848a8cca7534455c6721f2d9fc9e5e9adca49486864a898810024f67d59446
  json-jwt (1.15.3.1) sha256=92b27378212b6aa72aba93a537eabd7f7ac7ad38e12b638863cd7727e0dcb08f
  json-ld (3.3.1) sha256=08dd578204c4b72ec8945533652daf15e7518cd4e5696f3b6897997b907459b1
  json-ld-preloaded (3.3.0) sha256=81092744dc6b825b7ef84357a2aa8a8eeceb0aa74230d0dec4b51782ee8d48b8
  json-schema (4.3.0) sha256=ac35bfabf99eea2b8b45fbccbb714b399fbe7824c621fc985048a9c2e45d58d2
  jsonapi-renderer (0.2.2) sha256=b5c44b033d61b4abdb6500fa4ab84807ca0b36ea0e59e47a2c3ca7095a6e447b
  jwt (2.7.1) sha256=07357cd2f180739b2f8184eda969e252d850ac996ed0a23f616e8ff0a90ae19b
  kaminari (1.2.2) sha256=c4076ff9adccc6109408333f87b5c4abbda5e39dc464bd4c66d06d9f73442a3e
  kaminari-actionview (1.2.2) sha256=1330f6fc8b59a4a4ef6a549ff8a224797289ebf7a3a503e8c1652535287cc909
  kaminari-activerecord (1.2.2) sha256=0dd3a67bab356a356f36b3b7236bcb81cef313095365befe8e98057dd2472430
  kaminari-core (1.2.2) sha256=3bd26fec7370645af40ca73b9426a448d09b8a8ba7afa9ba3c3e0d39cdbb83ff
  kt-paperclip (7.2.2) sha256=95b023b36748f5e4451fa4e4511a88a51bc86034ed37f888a793ac7cca011fc9
  language_server-protocol (3.17.0.3) sha256=3d5c58c02f44a20d972957a9febe386d7e7468ab3900ce6bd2b563dd910c6b3f
  launchy (2.5.2) sha256=8aa0441655aec5514008e1d04892c2de3ba57bd337afb984568da091121a241b
  letter_opener (1.10.0) sha256=2ff33f2e3b5c3c26d1959be54b395c086ca6d44826e8bf41a14ff96fdf1bdbb2
  letter_opener_web (2.0.0) sha256=33860ad41e1785d75456500e8ca8bba8ed71ee6eaf08a98d06bbab67c5577b6f
  link_header (0.0.8) sha256=15c65ce43b29f739b30d05e5f25c22c23797e89cf6f905dbb595fb4c70cb55f9
  llhttp-ffi (0.5.0) sha256=496f40ad44bcbf99de02da1f26b1ad64e6593cd487b931508a86228e2a3af0fa
  lograge (0.14.0) sha256=42371a75823775f166f727639f5ddce73dd149452a55fc94b90c303213dc9ae1
  loofah (2.22.0) sha256=10d76e070c86b12fec74b6a9515fd1940f4459198b991342d0a7897d86c372fe
  mail (2.8.1) sha256=ec3b9fadcf2b3755c78785cb17bc9a0ca9ee9857108a64b6f5cfc9c0b5bfc9ad
  marcel (1.0.4) sha256=0d5649feb64b8f19f3d3468b96c680bae9746335d02194270287868a661516a4
  mario-redis-lock (1.2.1) sha256=27307e2a16120b3c3e5e307207e28d55204e5651e4f617abd0f67e2c996c3ced
  matrix (0.4.2) sha256=71083ccbd67a14a43bfa78d3e4dc0f4b503b9cc18e5b4b1d686dc0f9ef7c4cc0
  md-paperclip-azure (2.2.0) sha256=8502fba1b598049a6eb5b05d9635f09164a4a0214e967028cc1fc5d10d5061c1
  memory_profiler (1.0.1) sha256=38cdb42f22d9100df2eba0365c199724b58b05c38e765cd764a07392916901b1
  mime-types (3.5.2) sha256=c1299f10fa34c75a6f168e99e9dadbd11bc507d9d62dc5cf98c4e65f2af8c4e4
  mime-types-data (3.2024.0305) sha256=a5101ed02bf708fbaf1f65453d9dd27ece1bf910bece3df61835498d7be1a703
  mini_mime (1.1.5) sha256=8681b7e2e4215f2a159f9400b5816d85e9d8c6c6b491e96a12797e798f8bccef
  mini_portile2 (2.8.6) sha256=4e2ab09b924906fd42c0b6eb72816db6a435d0404e9cbdcc5d722c133b493991
  minitest (5.22.3) sha256=ea84676290cb5e2b4f31f25751af6050aa90d3e43e4337141c3e3e839611981e
  multi_json (1.15.0) sha256=1fd04138b6e4a90017e8d1b804c039031399866ff3fbabb7822aea367c78615d
  multipart-post (2.4.0) sha256=c7c48ce6cd32cd7a3bf5fa58fed39cf58e90f75a526de24fbaa91913cab86380
  mutex_m (0.2.0) sha256=b6ef0c6c842ede846f2ec0ade9e266b1a9dac0bc151682b04835e8ebd54840d5
  net-http (0.4.1) sha256=a96efc5ea18bcb9715e24dda4159d10f67ff0345c8a980d04630028055b2c282
  net-http-persistent (4.0.2) sha256=03f827a33857b1d56b4e796957ad19bf5b58367d853fd0a224eb70fba8d02a44
  net-imap (0.4.10) sha256=5275758f4da3735e43f670c5e4db19695c6f7c2493ea0c5e14c23008b890c77e
  net-ldap (0.19.0) sha256=be2a379ccbd28fc75fb70a94af74e3a9a6866b84574247fc243e0abdd2f82f3d
  net-pop (0.1.2) sha256=848b4e982013c15b2f0382792268763b748cce91c9e91e36b0f27ed26420dff3
  net-protocol (0.2.2) sha256=aa73e0cba6a125369de9837b8d8ef82a61849360eba0521900e2c3713aa162a8
  net-smtp (0.5.0) sha256=5fc0415e6ea1cc0b3dfea7270438ec22b278ca8d524986a3ae4e5ae8d087b42a
  nio4r (2.7.1) sha256=559c9bb19b1aee94e7f3da2e0dbcaecd3a681b653303ba1a94a68b22635c3c96
  nokogiri (1.16.4) sha256=62c116c3a14b4ed4e1faec786da266c4bd4c717a0bd04a9916164a7046040f45
  nsa (0.3.0) sha256=645a98527d42f1dc8d2ef34f46591bd5d6a45cf3174ab1187a373120178059d9
  oj (3.16.3) sha256=d0088a0c78ae4aa0eeaeeb9c3a592571432ba39f9829e5ac37b3f24c53eab63c
  omniauth (2.1.2) sha256=def03277298b8f8a5d3ff16cdb2eb5edb9bffed60ee7dda24cc0c89b3ae6a0ce
  omniauth-cas (3.0.0) sha256=7ad169d8066a58aceade1dfb8f15fb59c2ad9a2f6482551aa95ab7599b41e68f
  omniauth-rails_csrf_protection (1.0.1) sha256=fc546aeb7d43b7b9d7737051c380156e61c8f080b898cd4934d523eaa7e59acf
  omniauth-saml (2.1.0) sha256=969cb7ba271891d09dfa57b206fc274f43203c52727492517decda93decc6906
  omniauth_openid_connect (0.6.1) sha256=5f1318f5b19b05e339ff494def060b57a503b1e3ea83c3a0ced6cc014407d423
  openid_connect (1.4.2) sha256=887dab7309d559bcbe5a89130a85940f9dd1e07785dadc3edc661772776c33cd
  openssl (3.2.0) sha256=3c4bb8760977b4becd2819c6c2569bcf5c6f48b32b9f7a4ce1fd37f996378d14
  openssl-signature_algorithm (1.3.0) sha256=a3b40b5e8276162d4a6e50c7c97cdaf1446f9b2c3946a6fa2c14628e0c957e80
  orm_adapter (0.5.0) sha256=aa5d0be5d540cbb46d3a93e88061f4ece6a25f6e97d6a47122beb84fe595e9b9
  ox (2.14.18) sha256=993e0290491bab6bbd4946d2fa98711b052634bbb25d7812b931b29de5562f71
  parallel (1.24.0) sha256=5bf38efb9b37865f8e93d7a762727f8c5fc5deb19949f4040c76481d5eee9397
  parser (3.3.0.5) sha256=7748313e505ca87045dc0465c776c802043f777581796eb79b1654c5d19d2687
  parslet (2.0.0) sha256=d45130695d39b43d7e6a91f4d2ec66b388a8d822bae38de9b4de9a5fbde1f606
  pastel (0.8.0) sha256=481da9fb7d2f6e6b1a08faf11fa10363172dc40fd47848f096ae21209f805a75
  pg (1.5.6) sha256=4bc3ad2438825eea68457373555e3fd4ea1a82027b8a6be98ef57c0d57292b1c
  pghero (3.4.1) sha256=7f949828119ab17de22ebaef1854ab8c738106bdc31bee3ac0acd0462c0efa88
  premailer (1.23.0) sha256=f0d7f6ba299559c96ddf982aa5263f85e5617c86437c8d8ffff120813b2d7efb
  premailer-rails (1.12.0) sha256=c13815d161b9bc7f7d3d81396b0bb0a61a90fa9bd89931548bf4e537c7710400
  private_address_check (0.5.0) sha256=9e1165070e4aee9aa1a5ce1c38f96583bb7843028979903664093aa637f8f016
  propshaft (0.8.0) sha256=cad3fa50f78ef59db4938e61e5edc9b6105838cd890f75b1ca4d7c9b5b662b68
  psych (5.1.2) sha256=337322f58fc2bf24827d2b9bd5ab595f6a72971867d151bb39980060ea40a368
  public_suffix (5.0.5) sha256=72c340218bb384610536919988705cc29e09749c0021fd7005f715c7e5dfc493
  puma (6.4.2) sha256=3eb41999d00733280be3faeb00d610331b6965a537a8cd3d905f316c38575b44
  pundit (2.3.1) sha256=5c62a2e7c65278828d51fb921a3e608472a262a39a046d53d0e78588a556b181
  raabro (1.4.0) sha256=d4fa9ff5172391edb92b242eed8be802d1934b1464061ae5e70d80962c5da882
  racc (1.7.3) sha256=b785ab8a30ec43bce073c51dbbe791fd27000f68d1c996c95da98bf685316905
  rack (2.2.9) sha256=fd6301a97a1c1e955e68f85c861fcb1cde6145a32c532e1ea321a72ff8cc4042
  rack-attack (6.7.0) sha256=3ca47e8f66cd33b2c96af53ea4754525cd928ed3fa8da10ee6dad0277791d77c
  rack-cors (2.0.2) sha256=415d4e1599891760c5dc9ef0349c7fecdf94f7c6a03e75b2e7c2b54b82adda1b
  rack-oauth2 (1.21.3) sha256=4e72a79dd6a866692e84422a552b27c38a5a1918ded06661e04910f2bbe676ba
  rack-protection (3.2.0) sha256=3c74ba7fc59066453d61af9bcba5b6fe7a9b3dab6f445418d3b391d5ea8efbff
  rack-proxy (0.7.7) sha256=446a4b57001022145d5c3ba73b775f66a2260eaf7420c6907483141900395c8a
  rack-session (1.0.2) sha256=a02115e5420b4de036839b9811e3f7967d73446a554b42aa45106af335851d76
  rack-test (2.1.0) sha256=0c61fc61904049d691922ea4bb99e28004ed3f43aa5cfd495024cc345f125dfb
  rackup (1.0.0) sha256=e95e3e1b7f1f54ac3730fa9f1024903cb23e424a901781198d492d32c60079f1
  rails (7.1.3.2) sha256=2d787a65e87b70ee65f9d1cb644aaa5bb80eea12298982f474da949772c1bfa0
  rails-controller-testing (1.0.5) sha256=741448db59366073e86fc965ba403f881c636b79a2c39a48d0486f2607182e94
  rails-dom-testing (2.2.0) sha256=e515712e48df1f687a1d7c380fd7b07b8558faa26464474da64183a7426fa93b
  rails-html-sanitizer (1.6.0) sha256=86e9f19d2e6748890dcc2633c8945ca45baa08a1df9d8c215ce17b3b0afaa4de
  rails-i18n (7.0.9) sha256=c184db80a7c7bf21c14e0e400fe9e27c4c20312f019aaff5b364a82858dc1369
  railties (7.1.3.2) sha256=59fcd55cbfb90044ea4c3e9fdea2cf5687385c138cacc4a258a46508b7d36510
  rainbow (3.1.1) sha256=039491aa3a89f42efa1d6dec2fc4e62ede96eb6acd95e52f1ad581182b79bc6a
  rake (13.2.1) sha256=46cb38dae65d7d74b6020a4ac9d48afed8eb8149c040eccf0523bec91907059d
  rdf (3.3.1) sha256=dda6a2c95198915fc63d66ee270e35d4a76d431720747a2cf97ecd92062fa150
  rdf-normalize (0.7.0) sha256=92374497dddb61c2910b50bfc12bb0ace33dcf23c8edbd0e0f78fd4acf839ebe
  rdoc (6.6.3.1) sha256=39f7b749229ab5ad9d21c81586151c1dd7a549fa8be4070ee09b524f9c656345
  redcarpet (3.6.0) sha256=8ad1889c0355ff4c47174af14edd06d62f45a326da1da6e8a121d59bdcd2e9e9
  redis (4.8.1) sha256=387ee086694fffc9632aaeb1efe4a7b1627ca783bf373320346a8a20cd93333a
  redis-namespace (1.11.0) sha256=e91a1aa2b2d888b6dea1d4ab8d39e1ae6fac3426161feb9d91dd5cca598a2239
  redlock (1.3.2) sha256=6c7cea3d62c6e31e8df6b1924fdf89e35e5576e52dce10c62412e783bfe37277
  regexp_parser (2.9.0) sha256=81a00ba141cec0d4b4bf58cb80cd9193e5180836d3fa6ef623f7886d3ba8bdd9
  reline (0.5.2) sha256=03d49a8074ebcde3df6f9abc0875299242775bdacc4e8cdb5d5dbd3d453c8e77
  request_store (1.6.0) sha256=2d2c4d341ca515ae7ba40ae7aaa43bd90cd320bf69e814562a7369a0d4e1a44d
  responders (3.1.1) sha256=92f2a87e09028347368639cfb468f5fefa745cb0dc2377ef060db1cdd79a341a
  rexml (3.2.6) sha256=e0669a2d4e9f109951cb1fde723d8acd285425d81594a2ea929304af50282816
  rotp (6.3.0) sha256=75d40087e65ed0d8022c33055a6306c1c400d1c12261932533b5d6cbcd868854
  rouge (4.2.1) sha256=f371732db127913fe10f13b1c25500b927539167a746dc8ee8089ad868bba1fd
  rpam2 (4.0.2) sha256=6338bf6e56264ad3555c300ec6bccdd2a9114b9d2c3aff0e150e864ff48874ff
  rqrcode (2.2.0) sha256=23eea88bb44c7ee6d6cab9354d08c287f7ebcdc6112e1fe7bcc2d010d1ffefc1
  rqrcode_core (1.2.0) sha256=cf4989dc82d24e2877984738c4ee569308625fed2a810960f1b02d68d0308d1a
  rspec-core (3.13.0) sha256=557792b4e88da883d580342b263d9652b6a10a12d5bda9ef967b01a48f15454c
  rspec-expectations (3.13.0) sha256=621d48c62262f955421eaa418130744760802cad47e781df70dba4d9f897102e
  rspec-github (2.4.0) sha256=555a01de3fbe6e0ebe1d1ed5fa027b11b850581ba467d00c58d7895d50ab124f
  rspec-mocks (3.13.0) sha256=735a891215758d77cdb5f4721fffc21078793959d1f0ee4a961874311d9b7f66
  rspec-rails (6.1.2) sha256=02874ab2e3b09001742af389c48739bed8706943e453afaea5e12614a83b990b
  rspec-sidekiq (4.2.0) sha256=de625b94e4a2abb471a84673a77c86d84a9823494321bbbf9ea0a7dda02442b9
  rspec-support (3.13.1) sha256=48877d4f15b772b7538f3693c22225f2eda490ba65a0515c4e7cf6f2f17de70f
  rubocop (1.63.2) sha256=b431793eec5a15fb2d55f23ab76144f67bdffa390c9aa7fecf14eef54b49b2b6
  rubocop-ast (1.31.2) sha256=7c206fb094553779923eca862aceece3913ce384f1bf85730208228e884578ec
  rubocop-capybara (2.20.0) sha256=2a6844b942921f230ee3ab8c94fe77f41a9406096a140245270c0e11624bb938
  rubocop-factory_bot (2.25.1) sha256=62751bde7af789878b8a31cbd2a82e69515ce7b23a2ad1820cb0fcc3e0150134
  rubocop-performance (1.21.0) sha256=ec54fa8991c2d538af7bc958361d63bdb3df2e53032da393e9903ea5e4f74a9a
  rubocop-rails (2.24.1) sha256=03edf766954947468f3686cedb69142fae4f10e2007287f89cc0ea7072eeac19
  rubocop-rspec (2.29.1) sha256=534ee81a3006e7379ec6203687ef7c06ca1d137b7d6d67c2777b680b1ce82e13
  rubocop-rspec_rails (2.28.3) sha256=9769f2077cca8af2269193ba0450e0317ae1827a132c19149fdbeecaaca32818
  ruby-prof (1.7.0) sha256=059687d7566a2d74ce93988ca996babb8c3d2e920b58321e22c244ba6da7ca42
  ruby-progressbar (1.13.0) sha256=80fc9c47a9b640d6834e0dc7b3c94c9df37f08cb072b7761e4a71e22cff29b33
  ruby-saml (1.16.0) sha256=9dcf3a7fbc38e61d83329a9d64e51ea7190f00f40e2deeefa63ed81e7eb57061
  ruby2_keywords (0.0.5) sha256=ffd13740c573b7301cf7a2e61fc857b2a8e3d3aff32545d6f8300d8bae10e3ef
  rubyzip (2.3.2) sha256=3f57e3935dc2255c414484fbf8d673b4909d8a6a57007ed754dde39342d2373f
  rufus-scheduler (3.9.1) sha256=5fca077ca039a0025fa77fcc7484fa64e47a112124babc75d4c072ad05439992
  safety_net_attestation (0.4.0) sha256=96be2d74e7ed26453a51894913449bea0e072f44490021545ac2d1c38b0718ce
  sanitize (6.1.0) sha256=92fcd93c9c50c72ba6866465b93a593eef98b43382b33d451f9606087c015c73
  scenic (1.8.0) sha256=31920ab1f3aa00e8b39aa273ebcb10727806a2e2fc100146b57afc079e530d70
  selenium-webdriver (4.19.0) sha256=4c8bd1d6016a456154b4ba71a3bb4d532a0ae185a38acf9cec0acbd38b4e5066
  semantic_range (3.0.0) sha256=3066777ba546f807060d3c93892d5c52eff40f45fd48ac94cef496f4f64997b6
  sidekiq (6.5.12) sha256=b4f93b2204c42220d0b526a7b8e0c49b5f9da82c1ce1a05d2baf1e8f744c197f
  sidekiq-bulk (0.2.0) sha256=bb13385f0e8542e211a4bf01a8b7bf4593968074840eef548e821cf7eaefde22
  sidekiq-scheduler (5.0.3) sha256=30dc8d4da95ac24143662d013442cc571083574f4377928877425dd18796b25c
  sidekiq-unique-jobs (7.1.33) sha256=20054bf240a78ee0583585c45ad2e2acb2aca46720e1ae530f7f08d01d3fa1aa
  simple-navigation (4.4.0) sha256=987c79cfb942468470554da8a6bafb16fab519a9ead1da9d64d563c8afca81f1
  simple_form (5.3.0) sha256=628b4b2eb5ded0ca960c6df2f91a672259146b974cd5422e02a90eb95b68e000
  simplecov (0.22.0) sha256=fe2622c7834ff23b98066bb0a854284b2729a569ac659f82621fc22ef36213a5
  simplecov-html (0.12.3) sha256=4b1aad33259ffba8b29c6876c12db70e5750cb9df829486e4c6e5da4fa0aa07b
  simplecov-lcov (0.8.0) sha256=0115f31cb7ef5ec4334f5d9382c67fd43de2e5270e21b65bfc693da82dd713c1
  simplecov_json_formatter (0.1.4) sha256=529418fbe8de1713ac2b2d612aa3daa56d316975d307244399fa4838c601b428
  smart_properties (1.17.0) sha256=f9323f8122e932341756ddec8e0ac9ec6e238408a7661508be99439ca6d6384b
  stackprof (0.2.26) sha256=ee408cbcccd9422aabd66edff8b76a77d67955f2ee1b674961b5dfaa2cc7b8bd
  statsd-ruby (1.5.0) sha256=369ddf09537408e273849e09b84d4edbdac24ac461f5c9b6cacb0e4398190109
  stoplight (4.1.0) sha256=a81bb0d999cf0a33d0c26e84bd98c7570e13518abd5f98d6c041bec5abf90363
  stringio (3.1.0) sha256=c1f6263ae03a15025e51194ab19b06b15e06adcaaedb7f5f6c06ab60f5d67718
  strong_migrations (1.8.0) sha256=18de155ebcddf44e60e74f9a6c0b4bfd2d1e576dfe1c67f4aafc4ec5b0442f5d
  swd (1.3.0) sha256=bc382a19e1d36a95529b25152976db61b80376c3d486b21c8dd60ac2b5c06389
  sysexits (1.2.0) sha256=598241c4ae57baa403c125182dfdcc0d1ac4c0fb606dd47fbed57e4aaf795662
  temple (0.10.3) sha256=df3145fe6577af1e25387eb7f7122d32ed51bdb6f2e7bb0f4fbf07b66151913b
  terminal-table (3.0.2) sha256=f951b6af5f3e00203fb290a669e0a85c5dd5b051b3b023392ccfd67ba5abae91
  terrapin (1.0.1) sha256=dde2f5840c2f9754ed26e3d36413910c5d7ed8a6b165eabe489eb4aa7e47264d
  test-prof (1.3.3) sha256=0f03ee4f84c22a8cf6caaa8f8f93987a15b31b789b596d0cf8cf8a8a8fc19667
  thor (1.3.1) sha256=fa7e3471d4f6a27138e3d9c9b0d4daac9c3d7383927667ae83e9ab42ae7401ef
  tilt (2.3.0) sha256=82dd903d61213c63679d28e404ee8e10d1b0fdf5270f1ad0898ec314cc3e745c
  timeout (0.4.1) sha256=6f1f4edd4bca28cffa59501733a94215407c6960bd2107331f0280d4abdebb9a
  tpm-key_attestation (0.12.0) sha256=e133d80cf24fef0e7a7dfad00fd6aeff01fc79875fbfc66cd8537bbd622b1e6d
  tty-color (0.6.0) sha256=6f9c37ca3a4e2367fb2e6d09722762647d6f455c111f05b59f35730eeb24332a
  tty-cursor (0.7.1) sha256=79534185e6a777888d88628b14b6a1fdf5154a603f285f80b1753e1908e0bf48
  tty-prompt (0.23.1) sha256=fcdbce905238993f27eecfdf67597a636bc839d92192f6a0eef22b8166449ec8
  tty-reader (0.9.0) sha256=c62972c985c0b1566f0e56743b6a7882f979d3dc32ff491ed490a076f899c2b1
  tty-screen (0.8.2) sha256=c090652115beae764336c28802d633f204fb84da93c6a968aa5d8e319e819b50
  twitter-text (3.1.0) sha256=7fa4b3abf380ba26f3b4d310f41c6fecab0c0f137e7d51d6b201d02117b8d5b6
  tzinfo (2.0.6) sha256=8daf828cc77bcf7d63b0e3bdb6caa47e2272dcfaf4fbfe46f8c3a9df087a829b
  tzinfo-data (1.2024.1) sha256=0219144089daa83b9c5972e9e22b38042a97964e12608cd657d2ce6a7a6de1e5
  unf (0.1.4) sha256=4999517a531f2a955750f8831941891f6158498ec9b6cb1c81ce89388e63022e
  unf_ext (0.0.9.1) sha256=926114a858934126c6bbfd3254347dadb5dae354711869368c0f75e3765fc6e9
  unicode-display_width (2.5.0) sha256=7e7681dcade1add70cb9fda20dd77f300b8587c81ebbd165d14fd93144ff0ab4
  uri (0.13.0) sha256=26553c2a9399762e1e8bebd4444b4361c4b21298cf1c864b22eeabc9c4998f24
  validate_email (0.1.6) sha256=9dfe9016d527b17a8d3a6e95e4dc50a125400eef899d13d4cc2a254393f82ee4
  validate_url (1.0.15) sha256=72fe164c0713d63a9970bd6700bea948babbfbdcec392f2342b6704042f57451
  warden (1.2.9) sha256=46684f885d35a69dbb883deabf85a222c8e427a957804719e143005df7a1efd0
  webauthn (3.1.0) sha256=e545fcf17d8a6b821161a37c1c4bc8c3d2ead0ff6ff3b098f57f417e731790b7
  webfinger (1.2.0) sha256=7814ef1c85da47514f65c6e5ca14205fa9ce41ea2a70785e0c872842162852a2
  webmock (3.23.0) sha256=100787435c1f556129a238c11cc7cbee38cb9c2864709c6a0dcdcf822545f31f
  webpacker (5.4.4)
  webpush (0.3.8)
  webrick (1.8.1) sha256=19411ec6912911fd3df13559110127ea2badd0c035f7762873f58afc803e158f
  websocket (1.2.10) sha256=2cc1a4a79b6e63637b326b4273e46adcddf7871caa5dc5711f2ca4061a629fa8
  websocket-driver (0.7.6) sha256=f69400be7bc197879726ad8e6f5869a61823147372fd8928836a53c2c741d0db
  websocket-extensions (0.1.5) sha256=1c6ba63092cda343eb53fc657110c71c754c56484aad42578495227d717a8241
  wisper (2.0.1) sha256=ce17bc5c3a166f241a2e6613848b025c8146fce2defba505920c1d1f3f88fae6
  xorcist (1.1.3) sha256=690c97d9a3bb7271ee5cbfd739158f944496cb72fd0c1d55b2db31da918f6bb5
  xpath (3.2.0) sha256=6dfda79d91bb3b949b947ecc5919f042ef2f399b904013eb3ef6d20dd3a4082e
  zeitwerk (2.6.13) sha256=2db861b021d020f48b5bf51613f355fcd041bf0a27ad8c748fa88fa974c5c7d4

RUBY VERSION
   ruby 3.3.1p55

BUNDLED WITH
   2.5.9
