GIT
  remote: https://github.com/mastodon/webpush.git
  revision: 9631ac63045cfabddacc69fc06e919b4c13eb913
  ref: 9631ac63045cfabddacc69fc06e919b4c13eb913
  specs:
    webpush (1.1.0)
      hkdf (~> 0.2)
      jwt (~> 2.0)

GEM
  remote: https://rubygems.org/
  specs:
    actioncable (8.0.2)
      actionpack (= 8.0.2)
      activesupport (= 8.0.2)
      nio4r (~> 2.0)
      websocket-driver (>= 0.6.1)
      zeitwerk (~> 2.6)
    actionmailbox (8.0.2)
      actionpack (= 8.0.2)
      activejob (= 8.0.2)
      activerecord (= 8.0.2)
      activestorage (= 8.0.2)
      activesupport (= 8.0.2)
      mail (>= 2.8.0)
    actionmailer (8.0.2)
      actionpack (= 8.0.2)
      actionview (= 8.0.2)
      activejob (= 8.0.2)
      activesupport (= 8.0.2)
      mail (>= 2.8.0)
      rails-dom-testing (~> 2.2)
    actionpack (8.0.2)
      actionview (= 8.0.2)
      activesupport (= 8.0.2)
      nokogiri (>= 1.8.5)
      rack (>= 2.2.4)
      rack-session (>= 1.0.1)
      rack-test (>= 0.6.3)
      rails-dom-testing (~> 2.2)
      rails-html-sanitizer (~> 1.6)
      useragent (~> 0.16)
    actiontext (8.0.2)
      actionpack (= 8.0.2)
      activerecord (= 8.0.2)
      activestorage (= 8.0.2)
      activesupport (= 8.0.2)
      globalid (>= 0.6.0)
      nokogiri (>= 1.8.5)
    actionview (8.0.2)
      activesupport (= 8.0.2)
      builder (~> 3.1)
      erubi (~> 1.11)
      rails-dom-testing (~> 2.2)
      rails-html-sanitizer (~> 1.6)
    active_model_serializers (0.10.15)
      actionpack (>= 4.1)
      activemodel (>= 4.1)
      case_transform (>= 0.2)
      jsonapi-renderer (>= 0.1.1.beta1, < 0.3)
    activejob (8.0.2)
      activesupport (= 8.0.2)
      globalid (>= 0.3.6)
    activemodel (8.0.2)
      activesupport (= 8.0.2)
    activerecord (8.0.2)
      activemodel (= 8.0.2)
      activesupport (= 8.0.2)
      timeout (>= 0.4.0)
    activestorage (8.0.2)
      actionpack (= 8.0.2)
      activejob (= 8.0.2)
      activerecord (= 8.0.2)
      activesupport (= 8.0.2)
      marcel (~> 1.0)
    activesupport (8.0.2)
      base64
      benchmark (>= 0.3)
      bigdecimal
      concurrent-ruby (~> 1.0, >= 1.3.1)
      connection_pool (>= 2.2.5)
      drb
      i18n (>= 1.6, < 2)
      logger (>= 1.4.2)
      minitest (>= 5.1)
      securerandom (>= 0.3)
      tzinfo (~> 2.0, >= 2.0.5)
      uri (>= 0.13.1)
    addressable (2.8.7)
      public_suffix (>= 2.0.2, < 7.0)
    aes_key_wrap (1.1.0)
    android_key_attestation (0.3.0)
    annotaterb (4.14.0)
    ast (2.4.3)
    attr_required (1.0.2)
    aws-eventstream (1.3.2)
    aws-partitions (1.1103.0)
    aws-sdk-core (3.215.1)
      aws-eventstream (~> 1, >= 1.3.0)
      aws-partitions (~> 1, >= 1.992.0)
      aws-sigv4 (~> 1.9)
      jmespath (~> 1, >= 1.6.1)
    aws-sdk-kms (1.96.0)
      aws-sdk-core (~> 3, >= 3.210.0)
      aws-sigv4 (~> 1.5)
    aws-sdk-s3 (1.177.0)
      aws-sdk-core (~> 3, >= 3.210.0)
      aws-sdk-kms (~> 1)
      aws-sigv4 (~> 1.5)
    aws-sigv4 (1.11.0)
      aws-eventstream (~> 1, >= 1.0.2)
    azure-blob (0.5.8)
      rexml
    base64 (0.2.0)
    bcp47_spec (0.2.1)
    bcrypt (3.1.20)
    benchmark (0.4.0)
    better_errors (2.10.1)
      erubi (>= 1.0.0)
      rack (>= 0.9.0)
      rouge (>= 1.0.0)
    bigdecimal (3.1.9)
    bindata (2.5.1)
    binding_of_caller (1.0.1)
      debug_inspector (>= 1.2.0)
    blurhash (0.1.8)
    brakeman (7.0.2)
      racc
    browser (6.2.0)
    builder (3.3.0)
    bundler-audit (0.9.2)
      bundler (>= 1.2.0, < 3)
      thor (~> 1.0)
    capybara (3.40.0)
      addressable
      matrix
      mini_mime (>= 0.1.3)
      nokogiri (~> 1.11)
      rack (>= 1.6.0)
      rack-test (>= 0.6.3)
      regexp_parser (>= 1.5, < 3.0)
      xpath (~> 3.2)
    case_transform (0.2)
      activesupport
    cbor (0.5.9.8)
    cgi (0.4.2)
    charlock_holmes (0.7.9)
    chewy (7.6.0)
      activesupport (>= 5.2)
      elasticsearch (>= 7.14.0, < 8)
      elasticsearch-dsl
    childprocess (5.1.0)
      logger (~> 1.5)
    chunky_png (1.4.0)
    climate_control (1.2.0)
    cocoon (1.2.15)
    color_diff (0.1)
    concurrent-ruby (1.3.5)
    connection_pool (2.5.3)
    cose (1.3.1)
      cbor (~> 0.5.9)
      openssl-signature_algorithm (~> 1.0)
    crack (1.0.0)
      bigdecimal
      rexml
    crass (1.0.6)
    css_parser (1.21.1)
      addressable
    csv (3.3.4)
    database_cleaner-active_record (2.2.1)
      activerecord (>= 5.a)
      database_cleaner-core (~> 2.0.0)
    database_cleaner-core (2.0.1)
    date (3.4.1)
    debug (1.10.0)
      irb (~> 1.10)
      reline (>= 0.3.8)
    debug_inspector (1.2.0)
    devise (4.9.4)
      bcrypt (~> 3.0)
      orm_adapter (~> 0.1)
      railties (>= 4.1.0)
      responders
      warden (~> 1.2.3)
    devise-two-factor (6.1.0)
      activesupport (>= 7.0, < 8.1)
      devise (~> 4.0)
      railties (>= 7.0, < 8.1)
      rotp (~> 6.0)
    devise_pam_authenticatable2 (9.2.0)
      devise (>= 4.0.0)
      rpam2 (~> 4.0)
    diff-lcs (1.6.2)
    discard (1.4.0)
      activerecord (>= 4.2, < 9.0)
    docile (1.4.1)
    domain_name (0.6.20240107)
    doorkeeper (5.8.2)
      railties (>= 5)
    dotenv (3.1.8)
    drb (2.2.1)
    dry-cli (1.2.0)
    elasticsearch (7.17.11)
      elasticsearch-api (= 7.17.11)
      elasticsearch-transport (= 7.17.11)
    elasticsearch-api (7.17.11)
      multi_json
    elasticsearch-dsl (0.1.10)
    elasticsearch-transport (7.17.11)
      base64
      faraday (>= 1, < 3)
      multi_json
    email_spec (2.3.0)
      htmlentities (~> 4.3.3)
      launchy (>= 2.1, < 4.0)
      mail (~> 2.7)
    email_validator (2.2.4)
      activemodel
    erubi (1.13.1)
    et-orbi (1.2.11)
      tzinfo
    excon (1.2.5)
      logger
    fabrication (2.31.0)
    faker (3.5.1)
      i18n (>= 1.8.11, < 2)
    faraday (2.13.1)
      faraday-net_http (>= 2.0, < 3.5)
      json
      logger
    faraday-follow_redirects (0.3.0)
      faraday (>= 1, < 3)
    faraday-httpclient (2.0.1)
      httpclient (>= 2.2)
    faraday-net_http (3.4.0)
      net-http (>= 0.5.0)
    fast_blank (1.0.1)
    fastimage (2.4.0)
    ffi (1.17.2)
    ffi-compiler (1.3.2)
      ffi (>= 1.15.5)
      rake
    flatware (2.3.4)
      drb
      thor (< 2.0)
    flatware-rspec (2.3.4)
      flatware (= 2.3.4)
      rspec (>= 3.6)
    fog-core (2.6.0)
      builder
      excon (~> 1.0)
      formatador (>= 0.2, < 2.0)
      mime-types
    fog-json (1.2.0)
      fog-core
      multi_json (~> 1.10)
    fog-openstack (1.1.5)
      fog-core (~> 2.1)
      fog-json (>= 1.0)
    formatador (1.1.0)
    forwardable (1.3.3)
    fugit (1.11.1)
      et-orbi (~> 1, >= 1.2.11)
      raabro (~> 1.4)
    globalid (1.2.1)
      activesupport (>= 6.1)
    google-protobuf (4.31.0)
      bigdecimal
      rake (>= 13)
    googleapis-common-protos-types (1.20.0)
      google-protobuf (>= 3.18, < 5.a)
    haml (6.3.0)
      temple (>= 0.8.2)
      thor
      tilt
    haml-rails (2.1.0)
      actionpack (>= 5.1)
      activesupport (>= 5.1)
      haml (>= 4.0.6)
      railties (>= 5.1)
    haml_lint (0.62.0)
      haml (>= 5.0)
      parallel (~> 1.10)
      rainbow
      rubocop (>= 1.0)
      sysexits (~> 1.1)
    hashdiff (1.1.2)
    hashie (5.0.0)
    hcaptcha (7.1.0)
      json
    highline (3.1.2)
      reline
    hiredis (0.6.3)
    hiredis-client (0.24.0)
      redis-client (= 0.24.0)
    hkdf (0.3.0)
    htmlentities (4.3.4)
    http (5.2.0)
      addressable (~> 2.8)
      base64 (~> 0.1)
      http-cookie (~> 1.0)
      http-form_data (~> 2.2)
      llhttp-ffi (~> 0.5.0)
    http-cookie (1.0.8)
      domain_name (~> 0.5)
    http-form_data (2.3.0)
    http_accept_language (2.1.1)
    httpclient (2.9.0)
      mutex_m
    httplog (1.7.0)
      rack (>= 2.0)
      rainbow (>= 2.0.0)
    i18n (1.14.7)
      concurrent-ruby (~> 1.0)
    i18n-tasks (1.0.15)
      activesupport (>= 4.0.2)
      ast (>= 2.1.0)
      erubi
      highline (>= 2.0.0)
      i18n
      parser (>= 3.2.2.1)
      rails-i18n
      rainbow (>= 2.2.2, < 4.0)
      ruby-progressbar (~> 1.8, >= 1.8.1)
      terminal-table (>= 1.5.1)
    idn-ruby (0.1.5)
    inline_svg (1.10.0)
      activesupport (>= 3.0)
      nokogiri (>= 1.6)
    io-console (0.8.0)
    irb (1.15.2)
      pp (>= 0.6.0)
      rdoc (>= 4.0.0)
      reline (>= 0.4.2)
    jd-paperclip-azure (3.0.0)
      addressable (~> 2.5)
      azure-blob (~> 0.5.2)
      hashie (~> 5.0)
    jmespath (1.6.2)
    json (2.12.0)
    json-canonicalization (1.0.0)
    json-jwt (1.16.7)
      activesupport (>= 4.2)
      aes_key_wrap
      base64
      bindata
      faraday (~> 2.0)
      faraday-follow_redirects
    json-ld (3.3.2)
      htmlentities (~> 4.3)
      json-canonicalization (~> 1.0)
      link_header (~> 0.0, >= 0.0.8)
      multi_json (~> 1.15)
      rack (>= 2.2, < 4)
      rdf (~> 3.3)
      rexml (~> 3.2)
    json-ld-preloaded (3.3.1)
      json-ld (~> 3.3)
      rdf (~> 3.3)
    json-schema (5.1.1)
      addressable (~> 2.8)
      bigdecimal (~> 3.1)
    jsonapi-renderer (0.2.2)
    jwt (2.10.1)
      base64
    kaminari (1.2.2)
      activesupport (>= 4.1.0)
      kaminari-actionview (= 1.2.2)
      kaminari-activerecord (= 1.2.2)
      kaminari-core (= 1.2.2)
    kaminari-actionview (1.2.2)
      actionview
      kaminari-core (= 1.2.2)
    kaminari-activerecord (1.2.2)
      activerecord
      kaminari-core (= 1.2.2)
    kaminari-core (1.2.2)
    kt-paperclip (7.2.2)
      activemodel (>= 4.2.0)
      activesupport (>= 4.2.0)
      marcel (~> 1.0.1)
      mime-types
      terrapin (>= 0.6.0, < 2.0)
    language_server-protocol (3.17.0.5)
    launchy (3.1.1)
      addressable (~> 2.8)
      childprocess (~> 5.0)
      logger (~> 1.6)
    letter_opener (1.10.0)
      launchy (>= 2.2, < 4)
    letter_opener_web (3.0.0)
      actionmailer (>= 6.1)
      letter_opener (~> 1.9)
      railties (>= 6.1)
      rexml
    link_header (0.0.8)
    lint_roller (1.1.0)
    linzer (0.7.2)
      cgi (~> 0.4.2)
      forwardable (~> 1.3, >= 1.3.3)
      logger (~> 1.7, >= 1.7.0)
      net-http (~> 0.6.0)
      openssl (~> 3.0, >= 3.0.0)
      rack (>= 2.2, < 4.0)
      starry (~> 0.2)
      stringio (~> 3.1, >= 3.1.2)
      uri (~> 1.0, >= 1.0.2)
    llhttp-ffi (0.5.1)
      ffi-compiler (~> 1.0)
      rake (~> 13.0)
    logger (1.7.0)
    lograge (0.14.0)
      actionpack (>= 4)
      activesupport (>= 4)
      railties (>= 4)
      request_store (~> 1.0)
    loofah (2.24.1)
      crass (~> 1.0.2)
      nokogiri (>= 1.12.0)
    mail (2.8.1)
      mini_mime (>= 0.1.1)
      net-imap
      net-pop
      net-smtp
    marcel (1.0.4)
    mario-redis-lock (1.2.1)
      redis (>= 3.0.5)
    matrix (0.4.2)
    memory_profiler (1.1.0)
    mime-types (3.7.0)
      logger
      mime-types-data (~> 3.2025, >= 3.2025.0507)
    mime-types-data (3.2025.0514)
    mini_mime (1.1.5)
    mini_portile2 (2.8.9)
    minitest (5.25.5)
    multi_json (1.15.0)
    mutex_m (0.3.0)
    net-http (0.6.0)
      uri
    net-imap (0.5.8)
      date
      net-protocol
    net-ldap (0.19.0)
    net-pop (0.1.2)
      net-protocol
    net-protocol (0.2.2)
      timeout
    net-smtp (0.5.1)
      net-protocol
    nio4r (2.7.4)
    nokogiri (1.18.8)
      mini_portile2 (~> 2.8.2)
      racc (~> 1.4)
    oj (3.16.10)
      bigdecimal (>= 3.0)
      ostruct (>= 0.2)
    omniauth (2.1.3)
      hashie (>= 3.4.6)
      rack (>= 2.2.3)
      rack-protection
    omniauth-cas (3.0.1)
      addressable (~> 2.8)
      nokogiri (~> 1.12)
      omniauth (~> 2.1)
    omniauth-rails_csrf_protection (1.0.2)
      actionpack (>= 4.2)
      omniauth (~> 2.0)
    omniauth-saml (2.2.3)
      omniauth (~> 2.1)
      ruby-saml (~> 1.18)
    omniauth_openid_connect (0.8.0)
      omniauth (>= 1.9, < 3)
      openid_connect (~> 2.2)
    openid_connect (2.3.1)
      activemodel
      attr_required (>= 1.0.0)
      email_validator
      faraday (~> 2.0)
      faraday-follow_redirects
      json-jwt (>= 1.16)
      mail
      rack-oauth2 (~> 2.2)
      swd (~> 2.0)
      tzinfo
      validate_url
      webfinger (~> 2.0)
    openssl (3.3.0)
    openssl-signature_algorithm (1.3.0)
      openssl (> 2.0)
    opentelemetry-api (1.5.0)
    opentelemetry-common (0.22.0)
      opentelemetry-api (~> 1.0)
    opentelemetry-exporter-otlp (0.30.0)
      google-protobuf (>= 3.18)
      googleapis-common-protos-types (~> 1.3)
      opentelemetry-api (~> 1.1)
      opentelemetry-common (~> 0.20)
      opentelemetry-sdk (~> 1.2)
      opentelemetry-semantic_conventions
    opentelemetry-helpers-sql (0.1.1)
      opentelemetry-api (~> 1.0)
    opentelemetry-helpers-sql-obfuscation (0.3.0)
      opentelemetry-common (~> 0.21)
    opentelemetry-instrumentation-action_mailer (0.4.0)
      opentelemetry-api (~> 1.0)
      opentelemetry-instrumentation-active_support (~> 0.7)
      opentelemetry-instrumentation-base (~> 0.23.0)
    opentelemetry-instrumentation-action_pack (0.12.1)
      opentelemetry-api (~> 1.0)
      opentelemetry-instrumentation-base (~> 0.23.0)
      opentelemetry-instrumentation-rack (~> 0.21)
    opentelemetry-instrumentation-action_view (0.9.0)
      opentelemetry-api (~> 1.0)
      opentelemetry-instrumentation-active_support (~> 0.7)
      opentelemetry-instrumentation-base (~> 0.23.0)
    opentelemetry-instrumentation-active_job (0.8.0)
      opentelemetry-api (~> 1.0)
      opentelemetry-instrumentation-base (~> 0.23.0)
    opentelemetry-instrumentation-active_model_serializers (0.22.0)
      opentelemetry-api (~> 1.0)
      opentelemetry-instrumentation-active_support (>= 0.7.0)
      opentelemetry-instrumentation-base (~> 0.23.0)
    opentelemetry-instrumentation-active_record (0.9.0)
      opentelemetry-api (~> 1.0)
      opentelemetry-instrumentation-base (~> 0.23.0)
    opentelemetry-instrumentation-active_storage (0.1.1)
      opentelemetry-api (~> 1.0)
      opentelemetry-instrumentation-active_support (~> 0.7)
      opentelemetry-instrumentation-base (~> 0.23.0)
    opentelemetry-instrumentation-active_support (0.8.0)
      opentelemetry-api (~> 1.0)
      opentelemetry-instrumentation-base (~> 0.23.0)
    opentelemetry-instrumentation-base (0.23.0)
      opentelemetry-api (~> 1.0)
      opentelemetry-common (~> 0.21)
      opentelemetry-registry (~> 0.1)
    opentelemetry-instrumentation-concurrent_ruby (0.22.0)
      opentelemetry-api (~> 1.0)
      opentelemetry-instrumentation-base (~> 0.23.0)
    opentelemetry-instrumentation-excon (0.23.0)
      opentelemetry-api (~> 1.0)
      opentelemetry-instrumentation-base (~> 0.23.0)
    opentelemetry-instrumentation-faraday (0.26.0)
      opentelemetry-api (~> 1.0)
      opentelemetry-instrumentation-base (~> 0.23.0)
    opentelemetry-instrumentation-http (0.24.0)
      opentelemetry-api (~> 1.0)
      opentelemetry-instrumentation-base (~> 0.23.0)
    opentelemetry-instrumentation-http_client (0.23.0)
      opentelemetry-api (~> 1.0)
      opentelemetry-instrumentation-base (~> 0.23.0)
    opentelemetry-instrumentation-net_http (0.23.0)
      opentelemetry-api (~> 1.0)
      opentelemetry-instrumentation-base (~> 0.23.0)
    opentelemetry-instrumentation-pg (0.30.1)
      opentelemetry-api (~> 1.0)
      opentelemetry-helpers-sql
      opentelemetry-helpers-sql-obfuscation
      opentelemetry-instrumentation-base (~> 0.23.0)
    opentelemetry-instrumentation-rack (0.26.0)
      opentelemetry-api (~> 1.0)
      opentelemetry-instrumentation-base (~> 0.23.0)
    opentelemetry-instrumentation-rails (0.36.0)
      opentelemetry-api (~> 1.0)
      opentelemetry-instrumentation-action_mailer (~> 0.4.0)
      opentelemetry-instrumentation-action_pack (~> 0.12.0)
      opentelemetry-instrumentation-action_view (~> 0.9.0)
      opentelemetry-instrumentation-active_job (~> 0.8.0)
      opentelemetry-instrumentation-active_record (~> 0.9.0)
      opentelemetry-instrumentation-active_storage (~> 0.1.0)
      opentelemetry-instrumentation-active_support (~> 0.8.0)
      opentelemetry-instrumentation-base (~> 0.23.0)
      opentelemetry-instrumentation-concurrent_ruby (~> 0.22.0)
    opentelemetry-instrumentation-redis (0.26.1)
      opentelemetry-api (~> 1.0)
      opentelemetry-instrumentation-base (~> 0.23.0)
    opentelemetry-instrumentation-sidekiq (0.26.1)
      opentelemetry-api (~> 1.0)
      opentelemetry-instrumentation-base (~> 0.23.0)
    opentelemetry-registry (0.4.0)
      opentelemetry-api (~> 1.1)
    opentelemetry-sdk (1.8.0)
      opentelemetry-api (~> 1.1)
      opentelemetry-common (~> 0.20)
      opentelemetry-registry (~> 0.2)
      opentelemetry-semantic_conventions
    opentelemetry-semantic_conventions (1.11.0)
      opentelemetry-api (~> 1.0)
    orm_adapter (0.5.0)
    ostruct (0.6.1)
    ox (2.14.22)
      bigdecimal (>= 3.0)
    parallel (1.27.0)
    parser (3.3.8.0)
      ast (~> 2.4.1)
      racc
    parslet (2.0.0)
    pastel (0.8.0)
      tty-color (~> 0.5)
    pg (1.5.9)
    pghero (3.6.2)
      activerecord (>= 6.1)
    pp (0.6.2)
      prettyprint
    premailer (1.27.0)
      addressable
      css_parser (>= 1.19.0)
      htmlentities (>= 4.0.0)
    premailer-rails (1.12.0)
      actionmailer (>= 3)
      net-smtp
      premailer (~> 1.7, >= 1.7.9)
    prettyprint (0.2.0)
    prism (1.4.0)
    prometheus_exporter (2.2.0)
      webrick
    propshaft (1.1.0)
      actionpack (>= 7.0.0)
      activesupport (>= 7.0.0)
      rack
      railties (>= 7.0.0)
    psych (5.2.6)
      date
      stringio
    public_suffix (6.0.2)
    puma (6.6.0)
      nio4r (~> 2.0)
    pundit (2.5.0)
      activesupport (>= 3.0.0)
    raabro (1.4.0)
    racc (1.8.1)
    rack (2.2.16)
    rack-attack (6.7.0)
      rack (>= 1.0, < 4)
    rack-cors (2.0.2)
      rack (>= 2.0.0)
    rack-oauth2 (2.2.1)
      activesupport
      attr_required
      faraday (~> 2.0)
      faraday-follow_redirects
      json-jwt (>= 1.11.0)
      rack (>= 2.1.0)
    rack-protection (3.2.0)
      base64 (>= 0.1.0)
      rack (~> 2.2, >= 2.2.4)
    rack-proxy (0.7.7)
      rack
    rack-session (1.0.2)
      rack (< 3)
    rack-test (2.2.0)
      rack (>= 1.3)
    rackup (1.0.1)
      rack (< 3)
      webrick
    rails (8.0.2)
      actioncable (= 8.0.2)
      actionmailbox (= 8.0.2)
      actionmailer (= 8.0.2)
      actionpack (= 8.0.2)
      actiontext (= 8.0.2)
      actionview (= 8.0.2)
      activejob (= 8.0.2)
      activemodel (= 8.0.2)
      activerecord (= 8.0.2)
      activestorage (= 8.0.2)
      activesupport (= 8.0.2)
      bundler (>= 1.15.0)
      railties (= 8.0.2)
    rails-controller-testing (1.0.5)
      actionpack (>= 5.0.1.rc1)
      actionview (>= 5.0.1.rc1)
      activesupport (>= 5.0.1.rc1)
    rails-dom-testing (2.2.0)
      activesupport (>= 5.0.0)
      minitest
      nokogiri (>= 1.6)
    rails-html-sanitizer (1.6.2)
      loofah (~> 2.21)
      nokogiri (>= 1.15.7, != 1.16.7, != 1.16.6, != 1.16.5, != 1.16.4, != 1.16.3, != 1.16.2, != 1.16.1, != 1.16.0.rc1, != 1.16.0)
    rails-i18n (8.0.1)
      i18n (>= 0.7, < 2)
      railties (>= 8.0.0, < 9)
    railties (8.0.2)
      actionpack (= 8.0.2)
      activesupport (= 8.0.2)
      irb (~> 1.13)
      rackup (>= 1.0.0)
      rake (>= 12.2)
      thor (~> 1.0, >= 1.2.2)
      zeitwerk (~> 2.6)
    rainbow (3.1.1)
    rake (13.2.1)
    rdf (3.3.2)
      bcp47_spec (~> 0.2)
      bigdecimal (~> 3.1, >= 3.1.5)
      link_header (~> 0.0, >= 0.0.8)
    rdf-normalize (0.7.0)
      rdf (~> 3.3)
    rdoc (6.13.1)
      psych (>= 4.0.0)
    redcarpet (3.6.1)
    redis (4.8.1)
    redis-client (0.24.0)
      connection_pool
    redlock (1.3.2)
      redis (>= 3.0.0, < 6.0)
    regexp_parser (2.10.0)
    reline (0.6.1)
      io-console (~> 0.5)
    request_store (1.7.0)
      rack (>= 1.4)
    responders (3.1.1)
      actionpack (>= 5.2)
      railties (>= 5.2)
    rexml (3.4.1)
    rotp (6.3.0)
    rouge (4.5.2)
    rpam2 (4.0.2)
    rqrcode (3.1.0)
      chunky_png (~> 1.0)
      rqrcode_core (~> 2.0)
    rqrcode_core (2.0.0)
    rspec (3.13.0)
      rspec-core (~> 3.13.0)
      rspec-expectations (~> 3.13.0)
      rspec-mocks (~> 3.13.0)
    rspec-core (3.13.3)
      rspec-support (~> 3.13.0)
    rspec-expectations (3.13.4)
      diff-lcs (>= 1.2.0, < 2.0)
      rspec-support (~> 3.13.0)
    rspec-github (3.0.0)
      rspec-core (~> 3.0)
    rspec-mocks (3.13.4)
      diff-lcs (>= 1.2.0, < 2.0)
      rspec-support (~> 3.13.0)
    rspec-rails (8.0.0)
      actionpack (>= 7.2)
      activesupport (>= 7.2)
      railties (>= 7.2)
      rspec-core (~> 3.13)
      rspec-expectations (~> 3.13)
      rspec-mocks (~> 3.13)
      rspec-support (~> 3.13)
    rspec-sidekiq (5.1.0)
      rspec-core (~> 3.0)
      rspec-expectations (~> 3.0)
      rspec-mocks (~> 3.0)
      sidekiq (>= 5, < 9)
    rspec-support (3.13.3)
    rubocop (1.75.7)
      json (~> 2.3)
      language_server-protocol (~> 3.17.0.2)
      lint_roller (~> 1.1.0)
      parallel (~> 1.10)
      parser (>= 3.3.0.2)
      rainbow (>= 2.2.2, < 4.0)
      regexp_parser (>= 2.9.3, < 3.0)
      rubocop-ast (>= 1.44.0, < 2.0)
      ruby-progressbar (~> 1.7)
      unicode-display_width (>= 2.4.0, < 4.0)
    rubocop-ast (1.44.1)
      parser (>= 3.3.7.2)
      prism (~> 1.4)
    rubocop-capybara (2.22.1)
      lint_roller (~> 1.1)
      rubocop (~> 1.72, >= 1.72.1)
    rubocop-i18n (3.2.3)
      lint_roller (~> 1.1)
      rubocop (>= 1.72.1)
    rubocop-performance (1.25.0)
      lint_roller (~> 1.1)
      rubocop (>= 1.75.0, < 2.0)
      rubocop-ast (>= 1.38.0, < 2.0)
    rubocop-rails (2.32.0)
      activesupport (>= 4.2.0)
      lint_roller (~> 1.1)
      rack (>= 1.1)
      rubocop (>= 1.75.0, < 2.0)
      rubocop-ast (>= 1.44.0, < 2.0)
    rubocop-rspec (3.6.0)
      lint_roller (~> 1.1)
      rubocop (~> 1.72, >= 1.72.1)
    rubocop-rspec_rails (2.31.0)
      lint_roller (~> 1.1)
      rubocop (~> 1.72, >= 1.72.1)
      rubocop-rspec (~> 3.5)
    ruby-prof (1.7.2)
      base64
    ruby-progressbar (1.13.0)
    ruby-saml (1.18.0)
      nokogiri (>= 1.13.10)
      rexml
    ruby-vips (2.2.3)
      ffi (~> 1.12)
      logger
    rubyzip (2.4.1)
    rufus-scheduler (3.9.2)
      fugit (~> 1.1, >= 1.11.1)
    safety_net_attestation (0.4.0)
      jwt (~> 2.0)
    sanitize (7.0.0)
      crass (~> 1.0.2)
      nokogiri (>= 1.16.8)
    scenic (1.8.0)
      activerecord (>= 4.0.0)
      railties (>= 4.0.0)
    securerandom (0.4.1)
    selenium-webdriver (4.33.0)
      base64 (~> 0.2)
      logger (~> 1.4)
      rexml (~> 3.2, >= 3.2.5)
      rubyzip (>= 1.2.2, < 3.0)
      websocket (~> 1.0)
    shoulda-matchers (6.5.0)
      activesupport (>= 5.2.0)
    sidekiq (7.3.9)
      base64
      connection_pool (>= 2.3.0)
      logger
      rack (>= 2.2.4)
      redis-client (>= 0.22.2)
    sidekiq-bulk (0.2.0)
      sidekiq
    sidekiq-scheduler (5.0.6)
      rufus-scheduler (~> 3.2)
      sidekiq (>= 6, < 8)
      tilt (>= 1.4.0, < 3)
    sidekiq-unique-jobs (8.0.10)
      concurrent-ruby (~> 1.0, >= 1.0.5)
      sidekiq (>= 7.0.0, < 8.0.0)
      thor (>= 1.0, < 3.0)
    simple-navigation (4.4.0)
      activesupport (>= 2.3.2)
    simple_form (5.3.1)
      actionpack (>= 5.2)
      activemodel (>= 5.2)
    simplecov (0.22.0)
      docile (~> 1.1)
      simplecov-html (~> 0.11)
      simplecov_json_formatter (~> 0.1)
    simplecov-html (0.13.1)
    simplecov-lcov (0.8.0)
    simplecov_json_formatter (0.1.4)
    stackprof (0.2.27)
    starry (0.2.0)
      base64
    stoplight (4.1.1)
      redlock (~> 1.0)
    stringio (3.1.7)
    strong_migrations (2.3.0)
      activerecord (>= 7)
    swd (2.0.3)
      activesupport (>= 3)
      attr_required (>= 0.0.5)
      faraday (~> 2.0)
      faraday-follow_redirects
    sysexits (1.2.0)
    temple (0.10.3)
    terminal-table (4.0.0)
      unicode-display_width (>= 1.1.1, < 4)
    terrapin (1.1.0)
      climate_control
    test-prof (1.4.4)
    thor (1.3.2)
    tilt (2.6.0)
    timeout (0.4.3)
    tpm-key_attestation (0.14.0)
      bindata (~> 2.4)
      openssl (> 2.0)
      openssl-signature_algorithm (~> 1.0)
    tty-color (0.6.0)
    tty-cursor (0.7.1)
    tty-prompt (0.23.1)
      pastel (~> 0.8)
      tty-reader (~> 0.8)
    tty-reader (0.9.0)
      tty-cursor (~> 0.7)
      tty-screen (~> 0.8)
      wisper (~> 2.0)
    tty-screen (0.8.2)
    twitter-text (3.1.0)
      idn-ruby
      unf (~> 0.1.0)
    tzinfo (2.0.6)
      concurrent-ruby (~> 1.0)
    tzinfo-data (1.2025.2)
      tzinfo (>= 1.0.0)
    unf (0.1.4)
      unf_ext
    unf_ext (0.0.9.1)
    unicode-display_width (3.1.4)
      unicode-emoji (~> 4.0, >= 4.0.4)
    unicode-emoji (4.0.4)
    uri (1.0.3)
    useragent (0.16.11)
    validate_url (1.0.15)
      activemodel (>= 3.0.0)
      public_suffix
    vite_rails (3.0.19)
      railties (>= 5.1, < 9)
      vite_ruby (~> 3.0, >= 3.2.2)
    vite_ruby (3.9.2)
      dry-cli (>= 0.7, < 2)
      logger (~> 1.6)
      mutex_m
      rack-proxy (~> 0.6, >= 0.6.1)
      zeitwerk (~> 2.2)
    warden (1.2.9)
      rack (>= 2.0.9)
    webauthn (3.4.0)
      android_key_attestation (~> 0.3.0)
      bindata (~> 2.4)
      cbor (~> 0.5.9)
      cose (~> 1.1)
      openssl (>= 2.2)
      safety_net_attestation (~> 0.4.0)
      tpm-key_attestation (~> 0.14.0)
    webfinger (2.1.3)
      activesupport
      faraday (~> 2.0)
      faraday-follow_redirects
    webmock (3.25.1)
      addressable (>= 2.8.0)
      crack (>= 0.3.2)
      hashdiff (>= 0.4.0, < 2.0.0)
    webrick (1.9.1)
    websocket (1.2.11)
    websocket-driver (0.7.7)
      base64
      websocket-extensions (>= 0.1.0)
    websocket-extensions (0.1.5)
    wisper (2.0.1)
    xorcist (1.1.3)
    xpath (3.2.0)
      nokogiri (~> 1.8)
    zeitwerk (2.7.2)

PLATFORMS
  ruby

DEPENDENCIES
  active_model_serializers (~> 0.10)
  addressable (~> 2.8)
  annotaterb (~> 4.13)
  aws-sdk-core (< 3.216.0)
  aws-sdk-s3 (~> 1.123)
  better_errors (~> 2.9)
  binding_of_caller (~> 1.0)
  blurhash (~> 0.1)
  brakeman (~> 7.0)
  browser
  bundler-audit (~> 0.9)
  capybara (~> 3.39)
  charlock_holmes (~> 0.7.7)
  chewy (~> 7.3)
  climate_control
  cocoon (~> 1.2)
  color_diff (~> 0.1)
  concurrent-ruby
  connection_pool
  csv (~> 3.2)
  database_cleaner-active_record
  debug (~> 1.8)
  devise (~> 4.9)
  devise-two-factor
  devise_pam_authenticatable2 (~> 9.2)
  discard (~> 1.2)
  doorkeeper (~> 5.6)
  dotenv
  email_spec
  fabrication (~> 2.30)
  faker (~> 3.2)
  faraday-httpclient
  fast_blank (~> 1.0)
  fastimage
  flatware-rspec
  fog-core (<= 2.6.0)
  fog-openstack (~> 1.0)
  haml-rails (~> 2.0)
  haml_lint
  hcaptcha (~> 7.1)
  hiredis (~> 0.6)
  hiredis-client
  htmlentities (~> 4.3)
  http (~> 5.2.0)
  http_accept_language (~> 2.1)
  httplog (~> 1.7.0)
  i18n
  i18n-tasks (~> 1.0)
  idn-ruby
  inline_svg
  irb (~> 1.8)
  jd-paperclip-azure (~> 3.0)
  json-ld
  json-ld-preloaded (~> 3.2)
  json-schema (~> 5.0)
  kaminari (~> 1.2)
  kt-paperclip (~> 7.2)
  letter_opener (~> 1.8)
  letter_opener_web (~> 3.0)
  link_header (~> 0.0)
  linzer (~> 0.7.2)
  lograge (~> 0.12)
  mail (~> 2.8)
  mario-redis-lock (~> 1.2)
  memory_profiler
  mime-types (~> 3.7.0)
  mutex_m
  net-http (~> 0.6.0)
  net-ldap (~> 0.18)
  nokogiri (~> 1.15)
  oj (~> 3.14)
  omniauth (~> 2.0)
  omniauth-cas (~> 3.0.0.beta.1)
  omniauth-rails_csrf_protection (~> 1.0)
  omniauth-saml (~> 2.0)
  omniauth_openid_connect (~> 0.8.0)
  opentelemetry-api (~> 1.5.0)
  opentelemetry-exporter-otlp (~> 0.30.0)
  opentelemetry-instrumentation-active_job (~> 0.8.0)
  opentelemetry-instrumentation-active_model_serializers (~> 0.22.0)
  opentelemetry-instrumentation-concurrent_ruby (~> 0.22.0)
  opentelemetry-instrumentation-excon (~> 0.23.0)
  opentelemetry-instrumentation-faraday (~> 0.26.0)
  opentelemetry-instrumentation-http (~> 0.24.0)
  opentelemetry-instrumentation-http_client (~> 0.23.0)
  opentelemetry-instrumentation-net_http (~> 0.23.0)
  opentelemetry-instrumentation-pg (~> 0.30.0)
  opentelemetry-instrumentation-rack (~> 0.26.0)
  opentelemetry-instrumentation-rails (~> 0.36.0)
  opentelemetry-instrumentation-redis (~> 0.26.0)
  opentelemetry-instrumentation-sidekiq (~> 0.26.0)
  opentelemetry-sdk (~> 1.4)
  ox (~> 2.14)
  parslet
  pg (~> 1.5)
  pghero
  premailer-rails
  prometheus_exporter (~> 2.2)
  propshaft
  public_suffix (~> 6.0)
  puma (~> 6.3)
  pundit (~> 2.3)
  rack (~> 2.2.7)
  rack-attack (~> 6.6)
  rack-cors (~> 2.0)
  rack-test (~> 2.1)
  rails (~> 8.0)
  rails-controller-testing (~> 1.0)
  rails-i18n (~> 8.0)
  rdf-normalize (~> 0.5)
  redcarpet (~> 3.6)
  redis (~> 4.5)
  rqrcode (~> 3.0)
  rspec-github (~> 3.0)
  rspec-rails (~> 8.0)
  rspec-sidekiq (~> 5.0)
  rubocop
  rubocop-capybara
  rubocop-i18n
  rubocop-performance
  rubocop-rails
  rubocop-rspec
  rubocop-rspec_rails
  ruby-prof
  ruby-progressbar (~> 1.13)
  ruby-vips (~> 2.2)
  rubyzip (~> 2.3)
  sanitize (~> 7.0)
  scenic (~> 1.7)
  selenium-webdriver
  shoulda-matchers
  sidekiq (< 8)
  sidekiq-bulk (~> 0.2.0)
  sidekiq-scheduler (~> 5.0)
  sidekiq-unique-jobs (> 8)
  simple-navigation (~> 4.4)
  simple_form (~> 5.2)
  simplecov (~> 0.22)
  simplecov-lcov (~> 0.8)
  stackprof
  stoplight (~> 4.1)
  strong_migrations
  test-prof
  thor (~> 1.2)
  tty-prompt (~> 0.23)
  twitter-text (~> 3.1.0)
  tzinfo-data (~> 1.2023)
  vite_rails (~> 3.0.19)
  webauthn (~> 3.0)
  webmock (~> 3.18)
  webpush!
  xorcist (~> 1.1)

CHECKSUMS
  actioncable (8.0.2) sha256=7bcce2df62e91a80143592600e16583c273e98aab50ae40a9f6a2604bb3289a0
  actionmailbox (8.0.2) sha256=3d8fb3453913e6257da4d02004bbfa2b997dfd10672f8d990e95013983e2cedb
  actionmailer (8.0.2) sha256=b0c968b38576ec56a3dc2795931818e0aaae6a18cc9801f53f175c12d4b277d0
  actionpack (8.0.2) sha256=93e703064f3815295ccf820f57acbca719aec836749597da9262781c9b2f4b78
  actiontext (8.0.2) sha256=a40db32032ee2fbb479d5d69318c4284344c1cda73836fd73ffcdb917d203abf
  actionview (8.0.2) sha256=e038e1405cdfc18f04f17243da4fb8eeda3a4992f63a6d70a7281d255cf7cebb
  active_model_serializers (0.10.15) sha256=08275b2083ab4e8304279d838b99af546878e0d879a8154f731b0d16cb8b0c4c
  activejob (8.0.2) sha256=b0228b45e36b1ef3a081c684e81494147e094a6baf729018756ccf125b1853ca
  activemodel (8.0.2) sha256=0ae1fb7fa1fae0699ba041a9e97702df42ea3b13f2d39f2d0fde51fca5f0656c
  activerecord (8.0.2) sha256=793470b92c44e4198d0262ac60086b7822f0ea585079ad67e32a6e4c86f2d90a
  activestorage (8.0.2) sha256=f83d221e0f06ae38f2200e55490bd155c76d0add330f6e300e8646048d672977
  activesupport (8.0.2) sha256=8565cddba31b900cdc17682fd66ecd020441e3eef320a9930285394e8c07a45e
  addressable (2.8.7) sha256=462986537cf3735ab5f3c0f557f14155d778f4b43ea4f485a9deb9c8f7c58232
  aes_key_wrap (1.1.0) sha256=b935f4756b37375895db45669e79dfcdc0f7901e12d4e08974d5540c8e0776a5
  android_key_attestation (0.3.0) sha256=467eb01a99d2bb48ef9cf24cc13712669d7056cba5a52d009554ff037560570b
  annotaterb (4.14.0) sha256=466cf28443416a19754c807cb2acb9370c75a6a2bc3b92d3c4bbc02a38d00975
  ast (2.4.3) sha256=954615157c1d6a382bc27d690d973195e79db7f55e9765ac7c481c60bdb4d383
  attr_required (1.0.2) sha256=f0ebfc56b35e874f4d0ae799066dbc1f81efefe2364ca3803dc9ea6a4de6cb99
  aws-eventstream (1.3.2) sha256=7e2c3a55ca70d7861d5d3c98e47daa463ed539c349caba22b48305b8919572d7
  aws-partitions (1.1103.0) sha256=3138c7adf7f159ee93df76e5162cb75f3867784f2d2f162629cd9145ddec64f8
  aws-sdk-core (3.215.1) sha256=fed37a60cc1b3cc99810e9eeb3e21e1d267bf92729371f25cc0037215431b1ee
  aws-sdk-kms (1.96.0) sha256=b1818e140b4d1b3cbe154e6b2df1d157f8c65aa297d488f69b5745995a6ba375
  aws-sdk-s3 (1.177.0) sha256=bf2fd9210c3e534f2bd4d90cf855429859bdbfc1911f4d61045a3aaa3ff2f183
  aws-sigv4 (1.11.0) sha256=50a8796991a862324442036ad7a395920572b84bb6cd29b945e5e1800e8da1db
  azure-blob (0.5.8) sha256=440ec6b5a3bc22d96565a3c11bf06936b0c8a28ddd5d8d86460a89ce3700d4fd
  base64 (0.2.0) sha256=0f25e9b21a02a0cc0cea8ef92b2041035d39350946e8789c562b2d1a3da01507
  bcp47_spec (0.2.1) sha256=3fd62edf96c126bd9624e4319ac74082a966081859d1ee0ef3c3041640a37810
  bcrypt (3.1.20) sha256=8410f8c7b3ed54a3c00cd2456bf13917d695117f033218e2483b2e40b0784099
  benchmark (0.4.0) sha256=0f12f8c495545e3710c3e4f0480f63f06b4c842cc94cec7f33a956f5180e874a
  better_errors (2.10.1) sha256=f798f1bac93f3e775925b7fcb24cffbcf0bb62ee2210f5350f161a6b75fc0a73
  bigdecimal (3.1.9) sha256=2ffc742031521ad69c2dfc815a98e426a230a3d22aeac1995826a75dabfad8cc
  bindata (2.5.1) sha256=53186a1ec2da943d4cb413583d680644eb810aacbf8902497aac8f191fad9e58
  binding_of_caller (1.0.1) sha256=2b2902abff4246ddcfbc4da9b69bc4a019e22aeb300c2ff6289a173d4b90b29a
  blurhash (0.1.8) sha256=8ac1dbd2d136e4dfd2258ef6a4e97b8afe3cb7e671601b8ad467d12aa041d1f2
  brakeman (7.0.2) sha256=b602d91bcec6c5ce4d4bc9e081e01f621c304b7a69f227d1e58784135f333786
  browser (6.2.0) sha256=281d5295788825c9396427c292c2d2be0a5c91875c93c390fde6e5d61a5ace2d
  builder (3.3.0) sha256=497918d2f9dca528fdca4b88d84e4ef4387256d984b8154e9d5d3fe5a9c8835f
  bundler-audit (0.9.2) sha256=73051daa09865c436450a35c4d87ceef15f3f9777f4aad4fd015cc6f1f2b1048
  capybara (3.40.0) sha256=42dba720578ea1ca65fd7a41d163dd368502c191804558f6e0f71b391054aeef
  case_transform (0.2) sha256=e2ad4418dceeb227cf474cc332cd5004c95c136c04186c1cceaad8ab8de6fe3b
  cbor (0.5.9.8) sha256=9ee097fc58d9bc5e406d112cd2d4e112c7354ec16f8b6ff34e4732c1e44b4eb7
  cgi (0.4.2) sha256=a3cb190d46a820ca01a3e28bd5b64e67003ff99d7884b70512448566f35347e6
  charlock_holmes (0.7.9) sha256=b49e8a11ce1921e2c5b65511bb864ae51720ce9bd1c336ccf0e89e6c8ae62db0
  chewy (7.6.0) sha256=4bd43de074e1516a7793fbfb2cc0943f23e05dec41b71ce2b13401cde091f84d
  childprocess (5.1.0) sha256=9a8d484be2fd4096a0e90a0cd3e449a05bc3aa33f8ac9e4d6dcef6ac1455b6ec
  chunky_png (1.4.0) sha256=89d5b31b55c0cf4da3cf89a2b4ebc3178d8abe8cbaf116a1dba95668502fdcfe
  climate_control (1.2.0) sha256=36b21896193fa8c8536fa1cd843a07cf8ddbd03aaba43665e26c53ec1bd70aa5
  cocoon (1.2.15) sha256=d08f14e69653287d7a060ee43389b8c824e55191dffbca0c5c586f38ef491f0d
  color_diff (0.1) sha256=99dc39f4453e42aa3bbc6d738f82194870b974993135cee61deb2eff29deb705
  concurrent-ruby (1.3.5) sha256=813b3e37aca6df2a21a3b9f1d497f8cbab24a2b94cab325bffe65ee0f6cbebc6
  connection_pool (2.5.3) sha256=cfd74a82b9b094d1ce30c4f1a346da23ee19dc8a062a16a85f58eab1ced4305b
  cose (1.3.1) sha256=d5d4dbcd6b035d513edc4e1ab9bc10e9ce13b4011c96e3d1b8fe5e6413fd6de5
  crack (1.0.0) sha256=c83aefdb428cdc7b66c7f287e488c796f055c0839e6e545fec2c7047743c4a49
  crass (1.0.6) sha256=dc516022a56e7b3b156099abc81b6d2b08ea1ed12676ac7a5657617f012bd45d
  css_parser (1.21.1) sha256=6cfd3ffc0a97333b39d2b1b49c95397b05e0e3b684d68f77ec471ba4ec2ef7c7
  csv (3.3.4) sha256=e96ecd5a8c3494aa5b596282249daba5c6033203c199248e6146e36d2a78d8cd
  database_cleaner-active_record (2.2.1) sha256=be47005de91e48f97841f8220f7cbd57b13682073016caac7ce332e6c77bbfcb
  database_cleaner-core (2.0.1) sha256=8646574c32162e59ed7b5258a97a208d3c44551b854e510994f24683865d846c
  date (3.4.1) sha256=bf268e14ef7158009bfeaec40b5fa3c7271906e88b196d958a89d4b408abe64f
  debug (1.10.0) sha256=11e28ca74875979e612444104f3972bd5ffb9e79179907d7ad46dba44bd2e7a4
  debug_inspector (1.2.0) sha256=9bdfa02eebc3da163833e6a89b154084232f5766087e59573b70521c77ea68a2
  devise (4.9.4) sha256=920042fe5e704c548aa4eb65ebdd65980b83ffae67feb32c697206bfd975a7f8
  devise-two-factor (6.1.0) sha256=90389ea00e6eab999f1868311972b6f4c84e6d7d6d1e90990eea8fcaf3372c10
  devise_pam_authenticatable2 (9.2.0) sha256=e21ee4ac213de01e5d5863ba25e23a4304b079dc6128866edf86c17945a1378e
  diff-lcs (1.6.2) sha256=9ae0d2cba7d4df3075fe8cd8602a8604993efc0dfa934cff568969efb1909962
  discard (1.4.0) sha256=6efcd2a53ddf96781f81b825d398f1c88ab88c0faa84e131bea6e16ef95d65d0
  docile (1.4.1) sha256=96159be799bfa73cdb721b840e9802126e4e03dfc26863db73647204c727f21e
  domain_name (0.6.20240107) sha256=5f693b2215708476517479bf2b3802e49068ad82167bcd2286f899536a17d933
  doorkeeper (5.8.2) sha256=a73d07aeaf590b1e7e2a35390446f23131c9f37bc0561653e514d3973f4d50d3
  dotenv (3.1.8) sha256=9e1176060ced581f8e6ce4384e91361817763a76e3c625c8bddc18b35bd392c3
  drb (2.2.1) sha256=e9d472bf785f558b96b25358bae115646da0dbfd45107ad858b0bc0d935cb340
  dry-cli (1.2.0) sha256=8c97df3b290ee6354ee2025a5f0a67226b381627de32741d06f35ea0887cd95b
  elasticsearch (7.17.11) sha256=ed080f085d939f21d07f424ebcea95326e4bdb5f770a8f33aac699374f2ffc86
  elasticsearch-api (7.17.11) sha256=fed8f7b64493c97cf3984a33396a798204b54b8e1b01c5b6c099fa3fd4209107
  elasticsearch-dsl (0.1.10) sha256=d3756e40916e3338cbbb1bd59234515b1d2ce9c67575f1e45c5cd551b91b959c
  elasticsearch-transport (7.17.11) sha256=d18057d5295e4c39fe80084ede9e00e9c0e0d74580348985f8677b2fb7f70f03
  email_spec (2.3.0) sha256=df23be7a131186f7a3d5be3b35eaac9196f9ac13bd26c9c3d59341e13d852d11
  email_validator (2.2.4) sha256=5ab238095bec7aef9389f230e9e0c64c5081cdf91f19d6c5cecee0a93af20604
  erubi (1.13.1) sha256=a082103b0885dbc5ecf1172fede897f9ebdb745a4b97a5e8dc63953db1ee4ad9
  et-orbi (1.2.11) sha256=d26e868cc21db88280a9ec1a50aa3da5d267eb9b2037ba7b831d6c2731f5df64
  excon (1.2.5) sha256=ca040bb61bc0059968f34a17115a00d2db8562e3c0c5c5c7432072b551c85a9d
  fabrication (2.31.0) sha256=2c79f10d1b88034a2ebd47ce77acba66847fc4636581c8282b3408adc68e85aa
  faker (3.5.1) sha256=1ad1fbea279d882f486059c23fe3ddb816ccd1d7052c05a45014b4450d859bfc
  faraday (2.13.1) sha256=cc531eb5467e7d74d4517630fa96f1a7003647cbf20a9a3e067d098941217b75
  faraday-follow_redirects (0.3.0) sha256=d92d975635e2c7fe525dd494fcd4b9bb7f0a4a0ec0d5f4c15c729530fdb807f9
  faraday-httpclient (2.0.1) sha256=2c4a378ba807dd5e360982d383584272cab4a0d682d097026df1167f516dfc5d
  faraday-net_http (3.4.0) sha256=a1f1e4cd6a2cf21599c8221595e27582d9936819977bbd4089a601f24c64e54a
  fast_blank (1.0.1) sha256=269fc30414fed4e6403bc4a49081e1ea539f8b9226e59276ed1efaefabaa17ea
  fastimage (2.4.0) sha256=5fce375e27d3bdbb46c18dbca6ba9af29d3304801ae1eb995771c4796c5ac7e8
  ffi (1.17.2) sha256=297235842e5947cc3036ebe64077584bff583cd7a4e94e9a02fdec399ef46da6
  ffi-compiler (1.3.2) sha256=a94f3d81d12caf5c5d4ecf13980a70d0aeaa72268f3b9cc13358bcc6509184a0
  flatware (2.3.4) sha256=33464fc43fb7bae4cb13e44787f5b7dc63515f3a6280acc26667c5d2ffa5d41b
  flatware-rspec (2.3.4) sha256=cba63a6ea683a4249af749980677b3942e79af5c6ef40c10c6a62dac689413bf
  fog-core (2.6.0) sha256=3fe08aa83a23cddce42f4ba412040c08f890d7ff04c175c0ee59119371245be6
  fog-json (1.2.0) sha256=dd4f5ab362dbc72b687240bba9d2dd841d5dfe888a285797533f85c03ea548fe
  fog-openstack (1.1.5) sha256=46472a9a50416b99086d67e038f476d57fc5064805fe6ea60ccdf2ec0f13bd46
  formatador (1.1.0) sha256=54e23e2af4d60bb9327c7fac62b29968e4cf28cee0111f726d0bdeadc85e06d0
  forwardable (1.3.3) sha256=f17df4bd6afa6f46a003217023fe5716ef88ce261f5c4cf0edbdeed6470cafac
  fugit (1.11.1) sha256=e89485e7be22226d8e9c6da411664d0660284b4b1c08cacb540f505907869868
  globalid (1.2.1) sha256=70bf76711871f843dbba72beb8613229a49429d1866828476f9c9d6ccc327ce9
  google-protobuf (4.31.0) sha256=4db6fe6c92dd683aa9671432c38976685aaf9ba2f92450eebd63d76bcdbe4891
  googleapis-common-protos-types (1.20.0) sha256=5e374b06bcfc7e13556e7c0d87b99f1fa3d42de6396a1de3d8fc13aefb4dd07f
  haml (6.3.0) sha256=8e6eb87d869639e348852009e74a2a1663d79663ed7e7dbcb38beb1f12bcdd97
  haml-rails (2.1.0) sha256=273ba0189e2f82ce4b2385019dd9138884017e3103cc2eaebeee7f45186f59ea
  haml_lint (0.62.0) sha256=e5262eee682848b9bd89cd3d20eb0efdaf3126762ad93e6707c9858eb3abef61
  hashdiff (1.1.2) sha256=2c30eeded6ed3dce8401d2b5b99e6963fe5f14ed85e60dd9e33c545a44b71a77
  hashie (5.0.0) sha256=9d6c4e51f2a36d4616cbc8a322d619a162d8f42815a792596039fc95595603da
  hcaptcha (7.1.0) sha256=a2a28431175f330df8fb0ba99664985b8509ceaafe0989ff9e516cfa431a063a
  highline (3.1.2) sha256=67cbd34d19f6ef11a7ee1d82ffab5d36dfd5b3be861f450fc1716c7125f4bb4a
  hiredis (0.6.3) sha256=7f052e320f7d24b5c2a9fdf67c6ff6facdf6e256394a703511bce34ecf445212
  hiredis-client (0.24.0) sha256=c819991f7ecd0efab2fed25bbc940ccd27cf7ae0eaa6222ae2700a4aee4b551f
  hkdf (0.3.0) sha256=34c62c7708451aaccbbafde62c471d837aa174dc30302381dfc486a2c0ebd111
  htmlentities (4.3.4) sha256=125a73c6c9f2d1b62100b7c3c401e3624441b663762afa7fe428476435a673da
  http (5.2.0) sha256=b99ed3c65376e0fd8107647fbaf5a8ab4f66c347d1271fb74cea757e209c6115
  http-cookie (1.0.8) sha256=b14fe0445cf24bf9ae098633e9b8d42e4c07c3c1f700672b09fbfe32ffd41aa6
  http-form_data (2.3.0) sha256=cc4eeb1361d9876821e31d7b1cf0b68f1cf874b201d27903480479d86448a5f3
  http_accept_language (2.1.1) sha256=0043f0d55a148cf45b604dbdd197cb36437133e990016c68c892d49dbea31634
  httpclient (2.9.0) sha256=4b645958e494b2f86c2f8a2f304c959baa273a310e77a2931ddb986d83e498c8
  httplog (1.7.0) sha256=892c959888961cb1e163f03f09e34b912efafa3c018ae262aaabf9585d231625
  i18n (1.14.7) sha256=ceba573f8138ff2c0915427f1fc5bdf4aa3ab8ae88c8ce255eb3ecf0a11a5d0f
  i18n-tasks (1.0.15) sha256=74f3e9e0e2db5d757c58e659f4269ee698c7a7532ed29066a2aaffc9efbdfb56
  idn-ruby (0.1.5) sha256=3076fa1aac170e92310d02822badf6b11e74e17915a045c8f9ad053bba24c037
  inline_svg (1.10.0) sha256=5b652934236fd9f8adc61f3fd6e208b7ca3282698b19f28659971da84bf9a10f
  io-console (0.8.0) sha256=cd6a9facbc69871d69b2cb8b926fc6ea7ef06f06e505e81a64f14a470fddefa2
  irb (1.15.2) sha256=222f32952e278da34b58ffe45e8634bf4afc2dc7aa9da23fed67e581aa50fdba
  jd-paperclip-azure (3.0.0) sha256=6976a27e89e7932f2d082c609863ba33e6a162ddde4dc137be299b8d699e91bd
  jmespath (1.6.2) sha256=238d774a58723d6c090494c8879b5e9918c19485f7e840f2c1c7532cf84ebcb1
  json (2.12.0) sha256=b30fce000756de94c756679c7e57ed41f03f8cc8dde2d2dc00a7c44005da0a50
  json-canonicalization (1.0.0) sha256=d4848a8cca7534455c6721f2d9fc9e5e9adca49486864a898810024f67d59446
  json-jwt (1.16.7) sha256=ccabff4c6d1a14276b23178e8bebe513ef236399b72a0b886d7ed94800d172a5
  json-ld (3.3.2) sha256=b9531893bf5bdc01db428e96953845a23adb1097125ce918ae0f97c4a6e1ab27
  json-ld-preloaded (3.3.1) sha256=afd5bf1a3b7d8f8a80dfd407185f41458c69ebe3b2d2e353890f76cd95cc6250
  json-schema (5.1.1) sha256=b3829ad9bcdfc5010d8a160c4c2bebb8fed8d05d22de65648f6ba646b071f9bf
  jsonapi-renderer (0.2.2) sha256=b5c44b033d61b4abdb6500fa4ab84807ca0b36ea0e59e47a2c3ca7095a6e447b
  jwt (2.10.1) sha256=e6424ae1d813f63e761a04d6284e10e7ec531d6f701917fadcd0d9b2deaf1cc5
  kaminari (1.2.2) sha256=c4076ff9adccc6109408333f87b5c4abbda5e39dc464bd4c66d06d9f73442a3e
  kaminari-actionview (1.2.2) sha256=1330f6fc8b59a4a4ef6a549ff8a224797289ebf7a3a503e8c1652535287cc909
  kaminari-activerecord (1.2.2) sha256=0dd3a67bab356a356f36b3b7236bcb81cef313095365befe8e98057dd2472430
  kaminari-core (1.2.2) sha256=3bd26fec7370645af40ca73b9426a448d09b8a8ba7afa9ba3c3e0d39cdbb83ff
  kt-paperclip (7.2.2) sha256=95b023b36748f5e4451fa4e4511a88a51bc86034ed37f888a793ac7cca011fc9
  language_server-protocol (3.17.0.5) sha256=fd1e39a51a28bf3eec959379985a72e296e9f9acfce46f6a79d31ca8760803cc
  launchy (3.1.1) sha256=72b847b5cc961589dde2c395af0108c86ff0119f42d4648d25b5440ebb10059e
  letter_opener (1.10.0) sha256=2ff33f2e3b5c3c26d1959be54b395c086ca6d44826e8bf41a14ff96fdf1bdbb2
  letter_opener_web (3.0.0) sha256=3f391efe0e8b9b24becfab5537dfb17a5cf5eb532038f947daab58cb4b749860
  link_header (0.0.8) sha256=15c65ce43b29f739b30d05e5f25c22c23797e89cf6f905dbb595fb4c70cb55f9
  lint_roller (1.1.0) sha256=2c0c845b632a7d172cb849cc90c1bce937a28c5c8ccccb50dfd46a485003cc87
  linzer (0.7.2) sha256=1c6296e5e9e7053fd9f1f929ffb222ce8f81928264d54f99f09ff4c427073b78
  llhttp-ffi (0.5.1) sha256=9a25a7fc19311f691a78c9c0ac0fbf4675adbd0cca74310228fdf841018fa7bc
  logger (1.7.0) sha256=196edec7cc44b66cfb40f9755ce11b392f21f7967696af15d274dde7edff0203
  lograge (0.14.0) sha256=42371a75823775f166f727639f5ddce73dd149452a55fc94b90c303213dc9ae1
  loofah (2.24.1) sha256=655a30842b70ec476410b347ab1cd2a5b92da46a19044357bbd9f401b009a337
  mail (2.8.1) sha256=ec3b9fadcf2b3755c78785cb17bc9a0ca9ee9857108a64b6f5cfc9c0b5bfc9ad
  marcel (1.0.4) sha256=0d5649feb64b8f19f3d3468b96c680bae9746335d02194270287868a661516a4
  mario-redis-lock (1.2.1) sha256=27307e2a16120b3c3e5e307207e28d55204e5651e4f617abd0f67e2c996c3ced
  matrix (0.4.2) sha256=71083ccbd67a14a43bfa78d3e4dc0f4b503b9cc18e5b4b1d686dc0f9ef7c4cc0
  memory_profiler (1.1.0) sha256=79a17df7980a140c83c469785905409d3027ca614c42c086089d128b805aa8f8
  mime-types (3.7.0) sha256=dcebf61c246f08e15a4de34e386ebe8233791e868564a470c3fe77c00eed5e56
  mime-types-data (3.2025.0514) sha256=92e56b4da4fa24c423cda582a4a69baa0083bb5272d62e6516c874af5877d352
  mini_mime (1.1.5) sha256=8681b7e2e4215f2a159f9400b5816d85e9d8c6c6b491e96a12797e798f8bccef
  mini_portile2 (2.8.9) sha256=0cd7c7f824e010c072e33f68bc02d85a00aeb6fce05bb4819c03dfd3c140c289
  minitest (5.25.5) sha256=391b6c6cb43a4802bfb7c93af1ebe2ac66a210293f4a3fb7db36f2fc7dc2c756
  multi_json (1.15.0) sha256=1fd04138b6e4a90017e8d1b804c039031399866ff3fbabb7822aea367c78615d
  mutex_m (0.3.0) sha256=cfcb04ac16b69c4813777022fdceda24e9f798e48092a2b817eb4c0a782b0751
  net-http (0.6.0) sha256=9621b20c137898af9d890556848c93603716cab516dc2c89b01a38b894e259fb
  net-imap (0.5.8) sha256=52aa5fdfc1a8a3df1f793b20a327e95b5a9dfe1d733e1f0d53075d2dbcfcf593
  net-ldap (0.19.0) sha256=be2a379ccbd28fc75fb70a94af74e3a9a6866b84574247fc243e0abdd2f82f3d
  net-pop (0.1.2) sha256=848b4e982013c15b2f0382792268763b748cce91c9e91e36b0f27ed26420dff3
  net-protocol (0.2.2) sha256=aa73e0cba6a125369de9837b8d8ef82a61849360eba0521900e2c3713aa162a8
  net-smtp (0.5.1) sha256=ed96a0af63c524fceb4b29b0d352195c30d82dd916a42f03c62a3a70e5b70736
  nio4r (2.7.4) sha256=d95dee68e0bb251b8ff90ac3423a511e3b784124e5db7ff5f4813a220ae73ca9
  nokogiri (1.18.8) sha256=8c7464875d9ca7f71080c24c0db7bcaa3940e8be3c6fc4bcebccf8b9a0016365
  oj (3.16.10) sha256=7f26bed974e331e16d579b470b0865010757f6fe6ee30ea9b67df653fbe13d7c
  omniauth (2.1.3) sha256=8d24e2e55c41926c96e4a93fd566bc026dfd6f2c850408748e89945a565956c2
  omniauth-cas (3.0.1) sha256=a1338efe4164454312aed1c3256c411e20c8c8408be523c39a9b31d84b9ad6fb
  omniauth-rails_csrf_protection (1.0.2) sha256=1170fd672aff092b9b7ebebc1453559f073ed001e3ce62a1df616e32f8dc5fe0
  omniauth-saml (2.2.3) sha256=d4e0dbdcb304e4bb74410eb75deaa1873b08a42afa7634c9c3171be0b34751b0
  omniauth_openid_connect (0.8.0) sha256=1f2f3890386e2a742221cee0d2e903b78d874e6fab9ea3bfa31c1462f4793d25
  openid_connect (2.3.1) sha256=5d808380cff80d78e3d3d54cfaebe2d6461d835c674faa29e2314a402c1b2182
  openssl (3.3.0) sha256=ff3a573fc97ab30f69483fddc80029f91669bf36532859bd182d1836f45aee79
  openssl-signature_algorithm (1.3.0) sha256=a3b40b5e8276162d4a6e50c7c97cdaf1446f9b2c3946a6fa2c14628e0c957e80
  opentelemetry-api (1.5.0) sha256=8dcc33e7aba70b1da630065ce0db3d6f50cb8ebd2017383209739439025ea997
  opentelemetry-common (0.22.0) sha256=ce5e96a0f838d67eb70a1d32e02bdbe7b8f41767bc71994d73b299a8b0c5878d
  opentelemetry-exporter-otlp (0.30.0) sha256=07cb0446bb782dfcf7cc27d2d6ebcf9aef1a4585b3f4952be6276a1e77d5ba97
  opentelemetry-helpers-sql (0.1.1) sha256=19e861c2c69d1b61852ee4fba3ef7c0d06e6885ee4156dc06fb963a3e2eedb8d
  opentelemetry-helpers-sql-obfuscation (0.3.0) sha256=f5d866d58f98267b5302be479c9dddad25ddf7db19030d44fb5ab93025ea9e4b
  opentelemetry-instrumentation-action_mailer (0.4.0) sha256=e8b5959572038dc0367300b5425f2f7b297fc0b372a966832b1aad4af06ee9a2
  opentelemetry-instrumentation-action_pack (0.12.1) sha256=4e9ea0a5ffce7e049a24ba6d8dc534cfeebbdd5c0a40a94c44634537528609cc
  opentelemetry-instrumentation-action_view (0.9.0) sha256=4b434644650bf66c0bab9984c0b1f2e2c474ed0b0d5638f5153677efe8bcc561
  opentelemetry-instrumentation-active_job (0.8.0) sha256=9d5d884e05421ca9444635ac9c96886bccf1a042d4ee5d3282f620d0acd5613d
  opentelemetry-instrumentation-active_model_serializers (0.22.0) sha256=fdfd0fafb1c90e4f121c4c215540abdc928f72c4de4b0643db870459d56c4bbe
  opentelemetry-instrumentation-active_record (0.9.0) sha256=9cbcb92dbfd48fa7bbf7524e3567e334f1773055467e9c6fbeaa49d911a60140
  opentelemetry-instrumentation-active_storage (0.1.1) sha256=a654926abbeca00ec1fe942f9e4ded610530e23630d2cfb88fb876eabef4a703
  opentelemetry-instrumentation-active_support (0.8.0) sha256=9be102354e420ed08a6841d113e39d9c5480ed35940fe7268c7297656167d999
  opentelemetry-instrumentation-base (0.23.0) sha256=b3e103ceea2ccf3e6269a394938a5bc239c80d113869fe2b2ac49ba27c3c1c50
  opentelemetry-instrumentation-concurrent_ruby (0.22.0) sha256=fba61e55b4f66331a53ad82cb0a0c225a1ddea9a4f693fcf2e9fa7e7199c6897
  opentelemetry-instrumentation-excon (0.23.0) sha256=3ae5c57a05457f3bfea796ef815d261df94ffc4a83e4b691128044185a8a3f07
  opentelemetry-instrumentation-faraday (0.26.0) sha256=8d17c3c14d5efc7e802c112b2c65326ba1dfe73336461f5c14c9c34e5d0d9281
  opentelemetry-instrumentation-http (0.24.0) sha256=94419a35e3ae4be4ba9a6b3a1992872def476b8fb764062feeeefff7fafca0ba
  opentelemetry-instrumentation-http_client (0.23.0) sha256=90cf55b55d95c207e6bc9c5d78662aed4f727d0fd722e638ffcd8225da2f9cdc
  opentelemetry-instrumentation-net_http (0.23.0) sha256=91123b721848f807e72157725771f680f70ecdbbdd58c05577713234ff1c0a80
  opentelemetry-instrumentation-pg (0.30.1) sha256=85353ad70012e3a2e196c66a2c8029e791746e028997fcf43bedfdad3ac74f27
  opentelemetry-instrumentation-rack (0.26.0) sha256=8a55910b358e08acab0899fc99227058b72fca76a27e382e6b34b365abb87bad
  opentelemetry-instrumentation-rails (0.36.0) sha256=f21e26fad6660d64a9711b9317f059c21376cc9a1facdeb3956c9f20098eb717
  opentelemetry-instrumentation-redis (0.26.1) sha256=315efba5560c943dfe8ea41b16ab162418fc7423c45bb36c4bcc91a310467ba0
  opentelemetry-instrumentation-sidekiq (0.26.1) sha256=853aea9d88642643b29a8ed818e290e374586f72f304c785b672b9086360f3d2
  opentelemetry-registry (0.4.0) sha256=903fa6bfaa29eac1c1d73a4fdd29b850977b5353b84b8cdff11222c00ad2968f
  opentelemetry-sdk (1.8.0) sha256=fad979b4a6c7ad5b2f9f2bfde77ab5c0c6a9b81d5a6458becf5957e3fa371df7
  opentelemetry-semantic_conventions (1.11.0) sha256=89f209f588d48a8e38ca2205c24c6b4a35f3d2622c2f1854bd476c56290afdcb
  orm_adapter (0.5.0) sha256=aa5d0be5d540cbb46d3a93e88061f4ece6a25f6e97d6a47122beb84fe595e9b9
  ostruct (0.6.1) sha256=09a3fb7ecc1fa4039f25418cc05ae9c82bd520472c5c6a6f515f03e4988cb817
  ox (2.14.22) sha256=0bbc4a40d109e4b76295c4927b5f2d453070eb5af221e5b05ec0ff58e291c6a9
  parallel (1.27.0) sha256=4ac151e1806b755fb4e2dc2332cbf0e54f2e24ba821ff2d3dcf86bf6dc4ae130
  parser (3.3.8.0) sha256=2476364142b307fa5a1b1ece44f260728be23858a9c71078e956131a75453c45
  parslet (2.0.0) sha256=d45130695d39b43d7e6a91f4d2ec66b388a8d822bae38de9b4de9a5fbde1f606
  pastel (0.8.0) sha256=481da9fb7d2f6e6b1a08faf11fa10363172dc40fd47848f096ae21209f805a75
  pg (1.5.9) sha256=761efbdf73b66516f0c26fcbe6515dc7500c3f0aa1a1b853feae245433c64fdc
  pghero (3.6.2) sha256=0520429820a6c209e32d39471fe09ea270f73f0a8f6154897c408fb02f2e5896
  pp (0.6.2) sha256=947ec3120c6f92195f8ee8aa25a7b2c5297bb106d83b41baa02983686577b6ff
  premailer (1.27.0) sha256=0fe2348cd82738855c482b31c915a06ecb1d3ad004578c19042905196ddbd1e7
  premailer-rails (1.12.0) sha256=c13815d161b9bc7f7d3d81396b0bb0a61a90fa9bd89931548bf4e537c7710400
  prettyprint (0.2.0) sha256=2bc9e15581a94742064a3cc8b0fb9d45aae3d03a1baa6ef80922627a0766f193
  prism (1.4.0) sha256=dc0e3e00e93160213dc2a65519d9002a4a1e7b962db57d444cf1a71565bb703e
  prometheus_exporter (2.2.0) sha256=38a71af112da26b588f67948e5dcc32d539b26cfbf25115e92caca8db8437497
  propshaft (1.1.0) sha256=d389361faf66aeb17e8d204828962c1e506edd14a1a17adb3fa475435c070f6b
  psych (5.2.6) sha256=814328aa5dcb6d604d32126a20bc1cbcf05521a5b49dbb1a8b30a07e580f316e
  public_suffix (6.0.2) sha256=bfa7cd5108066f8c9602e0d6d4114999a5df5839a63149d3e8b0f9c1d3558394
  puma (6.6.0) sha256=f25c06873eb3d5de5f0a4ebc783acc81a4ccfe580c760cfe323497798018ad87
  pundit (2.5.0) sha256=4fb6b8ad3fbfe6c34e4be172a1eac03dfcb36c29d6a1214574517af5a605beda
  raabro (1.4.0) sha256=d4fa9ff5172391edb92b242eed8be802d1934b1464061ae5e70d80962c5da882
  racc (1.8.1) sha256=4a7f6929691dbec8b5209a0b373bc2614882b55fc5d2e447a21aaa691303d62f
  rack (2.2.16) sha256=8082752aa493a793baa89500afb3544ff92bd4dd5a55a969d1fd2df9506979c4
  rack-attack (6.7.0) sha256=3ca47e8f66cd33b2c96af53ea4754525cd928ed3fa8da10ee6dad0277791d77c
  rack-cors (2.0.2) sha256=415d4e1599891760c5dc9ef0349c7fecdf94f7c6a03e75b2e7c2b54b82adda1b
  rack-oauth2 (2.2.1) sha256=c73aa87c508043e2258f02b4fb110cacba9b37d2ccf884e22487d014a120d1a5
  rack-protection (3.2.0) sha256=3c74ba7fc59066453d61af9bcba5b6fe7a9b3dab6f445418d3b391d5ea8efbff
  rack-proxy (0.7.7) sha256=446a4b57001022145d5c3ba73b775f66a2260eaf7420c6907483141900395c8a
  rack-session (1.0.2) sha256=a02115e5420b4de036839b9811e3f7967d73446a554b42aa45106af335851d76
  rack-test (2.2.0) sha256=005a36692c306ac0b4a9350355ee080fd09ddef1148a5f8b2ac636c720f5c463
  rackup (1.0.1) sha256=ba86604a28989fe1043bff20d819b360944ca08156406812dca6742b24b3c249
  rails (8.0.2) sha256=fdfaa5a83ec0388e02864e88d515959caedc88053b5f701c4deb1652d8f164c6
  rails-controller-testing (1.0.5) sha256=741448db59366073e86fc965ba403f881c636b79a2c39a48d0486f2607182e94
  rails-dom-testing (2.2.0) sha256=e515712e48df1f687a1d7c380fd7b07b8558faa26464474da64183a7426fa93b
  rails-html-sanitizer (1.6.2) sha256=35fce2ca8242da8775c83b6ba9c1bcaad6751d9eb73c1abaa8403475ab89a560
  rails-i18n (8.0.1) sha256=15303195450bdac9a80636cf14c7e5ada2f43907cc60fcd19bbb3f81ab45be0d
  railties (8.0.2) sha256=0d7c3f40c49ba74980f1bac1d4bb153a9331c5ee8a9631d89c7bf79db82e5cf9
  rainbow (3.1.1) sha256=039491aa3a89f42efa1d6dec2fc4e62ede96eb6acd95e52f1ad581182b79bc6a
  rake (13.2.1) sha256=46cb38dae65d7d74b6020a4ac9d48afed8eb8149c040eccf0523bec91907059d
  rdf (3.3.2) sha256=960eeb22fb4434ec5b6f4dacf65256725db043dac789a4a0dc7cf22057a58ad6
  rdf-normalize (0.7.0) sha256=92374497dddb61c2910b50bfc12bb0ace33dcf23c8edbd0e0f78fd4acf839ebe
  rdoc (6.13.1) sha256=62a0dac99493c94e8eb7a3fb44e55aefcb4cecb119f7991f25bddc5ed8d472f7
  redcarpet (3.6.1) sha256=d444910e6aa55480c6bcdc0cdb057626e8a32c054c29e793fa642ba2f155f445
  redis (4.8.1) sha256=387ee086694fffc9632aaeb1efe4a7b1627ca783bf373320346a8a20cd93333a
  redis-client (0.24.0) sha256=ee65ee39cb2c38608b734566167fd912384f3c1241f59075e22858f23a085dbb
  redlock (1.3.2) sha256=6c7cea3d62c6e31e8df6b1924fdf89e35e5576e52dce10c62412e783bfe37277
  regexp_parser (2.10.0) sha256=cb6f0ddde88772cd64bff1dbbf68df66d376043fe2e66a9ef77fcb1b0c548c61
  reline (0.6.1) sha256=1afcc9d7cb1029cdbe780d72f2f09251ce46d3780050f3ec39c3ccc6b60675fb
  request_store (1.7.0) sha256=e1b75d5346a315f452242a68c937ef8e48b215b9453a77a6c0acdca2934c88cb
  responders (3.1.1) sha256=92f2a87e09028347368639cfb468f5fefa745cb0dc2377ef060db1cdd79a341a
  rexml (3.4.1) sha256=c74527a9a0a04b4ec31dbe0dc4ed6004b960af943d8db42e539edde3a871abca
  rotp (6.3.0) sha256=75d40087e65ed0d8022c33055a6306c1c400d1c12261932533b5d6cbcd868854
  rouge (4.5.2) sha256=034233fb8a69d0ad0e0476943184e04cb971b68e3c2239724e02f428878b68a3
  rpam2 (4.0.2) sha256=6338bf6e56264ad3555c300ec6bccdd2a9114b9d2c3aff0e150e864ff48874ff
  rqrcode (3.1.0) sha256=e2d5996375f6e9a013823c289ed575dbea678b8e0388574302c1fac563f098af
  rqrcode_core (2.0.0) sha256=1e40b823ab57a96482a417fff5dd5c33645a00cea6ef5d9e342fecc5ef91d9ab
  rspec (3.13.0) sha256=d490914ac1d5a5a64a0e1400c1d54ddd2a501324d703b8cfe83f458337bab993
  rspec-core (3.13.3) sha256=25136507f4f9cf2e8977a2851e64e438b4331646054e345998714108745cdfe4
  rspec-expectations (3.13.4) sha256=4e43459765dfee900b25aa1361e106ab0799895ede65fc57872069feb559ecd8
  rspec-github (3.0.0) sha256=46af3cd8cad3e4434c20598752b6e721c5325e73d7e36e256379f0d3a85968af
  rspec-mocks (3.13.4) sha256=6bb158a0719c53d522104ed34c0777b884b2c9dc775ce64eaa10207df02ab993
  rspec-rails (8.0.0) sha256=977a508cd94d152db2068c6585470db5d0cd47eef56d5410b9531034fb9d97bf
  rspec-sidekiq (5.1.0) sha256=ed671ce4a9948ea2395db464c8c846651ea006e124f7868ee5d497f693102867
  rspec-support (3.13.3) sha256=2a61e393f6e18b7228726e0c6869c5d5a1419d37206116c4d917d145276b3f43
  rubocop (1.75.7) sha256=23566ebb25263f26020687f8abb8aec049f3e29b6a00bdf0aa9d1db16b558be9
  rubocop-ast (1.44.1) sha256=e3cc04203b2ef04f6d6cf5f85fe6d643f442b18cc3b23e3ada0ce5b6521b8e92
  rubocop-capybara (2.22.1) sha256=ced88caef23efea53f46e098ff352f8fc1068c649606ca75cb74650970f51c0c
  rubocop-i18n (3.2.3) sha256=9620228f372892c0e6c0a3a73d7caed964a932404bee567e5ff4b8292e2a2bda
  rubocop-performance (1.25.0) sha256=6f7d03568a770054117a78d0a8e191cefeffb703b382871ca7743831b1a52ec1
  rubocop-rails (2.32.0) sha256=9fcc623c8722fe71e835e99c4a18b740b5b0d3fb69915d7f0777f00794b30490
  rubocop-rspec (3.6.0) sha256=c0e4205871776727e54dee9cc91af5fd74578001551ba40e1fe1a1ab4b404479
  rubocop-rspec_rails (2.31.0) sha256=775375e18a26a1184a812ef3054b79d218e85601b9ae897f38f8be24dddf1f45
  ruby-prof (1.7.2) sha256=270424fcac37e611f2d15a55226c4628e234f8434e1d7c25ca8a2155b9fc4340
  ruby-progressbar (1.13.0) sha256=80fc9c47a9b640d6834e0dc7b3c94c9df37f08cb072b7761e4a71e22cff29b33
  ruby-saml (1.18.0) sha256=de342a55925fd5ce6114d0802651c324428c0fec26e7fe52bf3a7cfa54dbfa6d
  ruby-vips (2.2.3) sha256=41d12b1a805cd6ead4a7965201a8f7c5fe459bb58d3a7d967c9eb0719a6edc92
  rubyzip (2.4.1) sha256=8577c88edc1fde8935eb91064c5cb1aef9ad5494b940cf19c775ee833e075615
  rufus-scheduler (3.9.2) sha256=55fa9e4db0ff69d7f38c804f17baba0c9bce5cba39984ae3c5cf6c039d1323b9
  safety_net_attestation (0.4.0) sha256=96be2d74e7ed26453a51894913449bea0e072f44490021545ac2d1c38b0718ce
  sanitize (7.0.0) sha256=269d1b9d7326e69307723af5643ec032ff86ad616e72a3b36d301ac75a273984
  scenic (1.8.0) sha256=31920ab1f3aa00e8b39aa273ebcb10727806a2e2fc100146b57afc079e530d70
  securerandom (0.4.1) sha256=cc5193d414a4341b6e225f0cb4446aceca8e50d5e1888743fac16987638ea0b1
  selenium-webdriver (4.33.0) sha256=720cad35cb7c2fdd87706940ed107bf2ec6873e50fa45b26f497fa28a8f97e1d
  shoulda-matchers (6.5.0) sha256=ef6b572b2bed1ac4aba6ab2c5ff345a24b6d055a93a3d1c3bfc86d9d499e3f44
  sidekiq (7.3.9) sha256=1108712e1def89002b28e3545d5ae15d4a57ffd4d2c25d97bb1360988826b5a7
  sidekiq-bulk (0.2.0) sha256=bb13385f0e8542e211a4bf01a8b7bf4593968074840eef548e821cf7eaefde22
  sidekiq-scheduler (5.0.6) sha256=aa49fa982fb0d58e3e94d6bc2e2187be000414b9354a9f35e0cd06de204ad5be
  sidekiq-unique-jobs (8.0.10) sha256=d8abed98f863b2f830a75839e8325b892e72a2fda7cf335f10540382393c950c
  simple-navigation (4.4.0) sha256=987c79cfb942468470554da8a6bafb16fab519a9ead1da9d64d563c8afca81f1
  simple_form (5.3.1) sha256=3891a36a89a7f8c69f1361624c5357591578a9e9c318257cd7b9cc7b6ce47460
  simplecov (0.22.0) sha256=fe2622c7834ff23b98066bb0a854284b2729a569ac659f82621fc22ef36213a5
  simplecov-html (0.13.1) sha256=5dab0b7ee612e60e9887ad57693832fdf4695b4c0c859eaea5f95c18791ef10b
  simplecov-lcov (0.8.0) sha256=0115f31cb7ef5ec4334f5d9382c67fd43de2e5270e21b65bfc693da82dd713c1
  simplecov_json_formatter (0.1.4) sha256=529418fbe8de1713ac2b2d612aa3daa56d316975d307244399fa4838c601b428
  stackprof (0.2.27) sha256=aff6d28656c852e74cf632cc2046f849033dc1dedffe7cb8c030d61b5745e80c
  starry (0.2.0) sha256=2696b0a165694269177bd7d98f77b6e76fd62b69455f297684ba416088d429b1
  stoplight (4.1.1) sha256=ed475d174d40f4ce316023243517bdd2158c3c84092a09aa7c85ec2b4ce0459a
  stringio (3.1.7) sha256=5b78b7cb242a315fb4fca61a8255d62ec438f58da2b90be66048546ade4507fa
  strong_migrations (2.3.0) sha256=41e0ec98725dd0fd6d4b660b227619e355645baec248c966d13940c0b4be80fe
  swd (2.0.3) sha256=4cdbe2a4246c19f093fce22e967ec3ebdd4657d37673672e621bf0c7eb770655
  sysexits (1.2.0) sha256=598241c4ae57baa403c125182dfdcc0d1ac4c0fb606dd47fbed57e4aaf795662
  temple (0.10.3) sha256=df3145fe6577af1e25387eb7f7122d32ed51bdb6f2e7bb0f4fbf07b66151913b
  terminal-table (4.0.0) sha256=f504793203f8251b2ea7c7068333053f0beeea26093ec9962e62ea79f94301d2
  terrapin (1.1.0) sha256=9d96901b43ca3f77f63c2d48dfef7b872309fa3ac9c4f1f2844455f10b5f75d6
  test-prof (1.4.4) sha256=1a59513ed9d33a1f5ca17c0b89da4e70f60a91c83ec62e9a873dbb99141353ef
  thor (1.3.2) sha256=eef0293b9e24158ccad7ab383ae83534b7ad4ed99c09f96f1a6b036550abbeda
  tilt (2.6.0) sha256=263d748466e0d83e510aa1a2e2281eff547937f0ef06be33d3632721e255f76b
  timeout (0.4.3) sha256=9509f079b2b55fe4236d79633bd75e34c1c1e7e3fb4b56cb5fda61f80a0fe30e
  tpm-key_attestation (0.14.0) sha256=d05cc52b397f89c36a7307407e0e84d3ea1c7afce50e0a70b146f8ab17d2bf4b
  tty-color (0.6.0) sha256=6f9c37ca3a4e2367fb2e6d09722762647d6f455c111f05b59f35730eeb24332a
  tty-cursor (0.7.1) sha256=79534185e6a777888d88628b14b6a1fdf5154a603f285f80b1753e1908e0bf48
  tty-prompt (0.23.1) sha256=fcdbce905238993f27eecfdf67597a636bc839d92192f6a0eef22b8166449ec8
  tty-reader (0.9.0) sha256=c62972c985c0b1566f0e56743b6a7882f979d3dc32ff491ed490a076f899c2b1
  tty-screen (0.8.2) sha256=c090652115beae764336c28802d633f204fb84da93c6a968aa5d8e319e819b50
  twitter-text (3.1.0) sha256=7fa4b3abf380ba26f3b4d310f41c6fecab0c0f137e7d51d6b201d02117b8d5b6
  tzinfo (2.0.6) sha256=8daf828cc77bcf7d63b0e3bdb6caa47e2272dcfaf4fbfe46f8c3a9df087a829b
  tzinfo-data (1.2025.2) sha256=a92375a1fbb47d38fe88fd514c40a38cc8f97d168da2a6479f15185e86470939
  unf (0.1.4) sha256=4999517a531f2a955750f8831941891f6158498ec9b6cb1c81ce89388e63022e
  unf_ext (0.0.9.1) sha256=926114a858934126c6bbfd3254347dadb5dae354711869368c0f75e3765fc6e9
  unicode-display_width (3.1.4) sha256=8caf2af1c0f2f07ec89ef9e18c7d88c2790e217c482bfc78aaa65eadd5415ac1
  unicode-emoji (4.0.4) sha256=2c2c4ef7f353e5809497126285a50b23056cc6e61b64433764a35eff6c36532a
  uri (1.0.3) sha256=e9f2244608eea2f7bc357d954c65c910ce0399ca5e18a7a29207ac22d8767011
  useragent (0.16.11) sha256=700e6413ad4bb954bb63547fa098dddf7b0ebe75b40cc6f93b8d54255b173844
  validate_url (1.0.15) sha256=72fe164c0713d63a9970bd6700bea948babbfbdcec392f2342b6704042f57451
  vite_rails (3.0.19) sha256=195c44677bc05c1f94e7a69f1264e49d4bad2729ab06538ee858c2962f5bb500
  vite_ruby (3.9.2) sha256=e10a7c851b590cccab57904bc96c2eb078ed6e22560a778db1dcefa3818a4972
  warden (1.2.9) sha256=46684f885d35a69dbb883deabf85a222c8e427a957804719e143005df7a1efd0
  webauthn (3.4.0) sha256=a10665f5e05eb156ba0219fd17480c57e0af4daaf83e3e33439bf958350af4c5
  webfinger (2.1.3) sha256=567a52bde77fb38ca6b67e55db755f988766ec4651c1d24916a65aa70540695c
  webmock (3.25.1) sha256=ab9d5d9353bcbe6322c83e1c60a7103988efc7b67cd72ffb9012629c3d396323
  webpush (1.1.0)
  webrick (1.9.1) sha256=b42d3c94f166f3fb73d87e9b359def9b5836c426fc8beacf38f2184a21b2a989
  websocket (1.2.11) sha256=b7e7a74e2410b5e85c25858b26b3322f29161e300935f70a0e0d3c35e0462737
  websocket-driver (0.7.7) sha256=056d99f2cd545712cfb1291650fde7478e4f2661dc1db6a0fa3b966231a146b4
  websocket-extensions (0.1.5) sha256=1c6ba63092cda343eb53fc657110c71c754c56484aad42578495227d717a8241
  wisper (2.0.1) sha256=ce17bc5c3a166f241a2e6613848b025c8146fce2defba505920c1d1f3f88fae6
  xorcist (1.1.3) sha256=690c97d9a3bb7271ee5cbfd739158f944496cb72fd0c1d55b2db31da918f6bb5
  xpath (3.2.0) sha256=6dfda79d91bb3b949b947ecc5919f042ef2f399b904013eb3ef6d20dd3a4082e
  zeitwerk (2.7.2) sha256=842e067cb11eb923d747249badfb5fcdc9652d6f20a1f06453317920fdcd4673

RUBY VERSION
   ruby 3.4.4p34

BUNDLED WITH
   2.6.9
