GIT
  remote: https://github.com/ClearlyClaire/webpush.git
  revision: f14a4d52e201128b1b00245d11b6de80d6cfdcd9
  ref: f14a4d52e201128b1b00245d11b6de80d6cfdcd9
  specs:
    webpush (0.3.8)
      hkdf (~> 0.2)
      jwt (~> 2.0)

GIT
  remote: https://github.com/zunda/webpacker.git
  revision: 251c561a9ccc83b1239631eaa911cc92627ce305
  branch: v5.4.4-clear-command-with-better-versioning
  specs:
    webpacker (5.4.4)
      activesupport (>= 5.2)
      rack-proxy (>= 0.6.1)
      railties (>= 5.2)
      semantic_range (>= 2.3.0)

GEM
  remote: https://rubygems.org/
  specs:
    actioncable (7.2.2.1)
      actionpack (= 7.2.2.1)
      activesupport (= 7.2.2.1)
      nio4r (~> 2.0)
      websocket-driver (>= 0.6.1)
      zeitwerk (~> 2.6)
    actionmailbox (7.2.2.1)
      actionpack (= 7.2.2.1)
      activejob (= 7.2.2.1)
      activerecord (= 7.2.2.1)
      activestorage (= 7.2.2.1)
      activesupport (= 7.2.2.1)
      mail (>= 2.8.0)
    actionmailer (7.2.2.1)
      actionpack (= 7.2.2.1)
      actionview (= 7.2.2.1)
      activejob (= 7.2.2.1)
      activesupport (= 7.2.2.1)
      mail (>= 2.8.0)
      rails-dom-testing (~> 2.2)
    actionpack (7.2.2.1)
      actionview (= 7.2.2.1)
      activesupport (= 7.2.2.1)
      nokogiri (>= 1.8.5)
      racc
      rack (>= 2.2.4, < 3.2)
      rack-session (>= 1.0.1)
      rack-test (>= 0.6.3)
      rails-dom-testing (~> 2.2)
      rails-html-sanitizer (~> 1.6)
      useragent (~> 0.16)
    actiontext (7.2.2.1)
      actionpack (= 7.2.2.1)
      activerecord (= 7.2.2.1)
      activestorage (= 7.2.2.1)
      activesupport (= 7.2.2.1)
      globalid (>= 0.6.0)
      nokogiri (>= 1.8.5)
    actionview (7.2.2.1)
      activesupport (= 7.2.2.1)
      builder (~> 3.1)
      erubi (~> 1.11)
      rails-dom-testing (~> 2.2)
      rails-html-sanitizer (~> 1.6)
    active_model_serializers (0.10.15)
      actionpack (>= 4.1)
      activemodel (>= 4.1)
      case_transform (>= 0.2)
      jsonapi-renderer (>= 0.1.1.beta1, < 0.3)
    activejob (7.2.2.1)
      activesupport (= 7.2.2.1)
      globalid (>= 0.3.6)
    activemodel (7.2.2.1)
      activesupport (= 7.2.2.1)
    activerecord (7.2.2.1)
      activemodel (= 7.2.2.1)
      activesupport (= 7.2.2.1)
      timeout (>= 0.4.0)
    activestorage (7.2.2.1)
      actionpack (= 7.2.2.1)
      activejob (= 7.2.2.1)
      activerecord (= 7.2.2.1)
      activesupport (= 7.2.2.1)
      marcel (~> 1.0)
    activesupport (7.2.2.1)
      base64
      benchmark (>= 0.3)
      bigdecimal
      concurrent-ruby (~> 1.0, >= 1.3.1)
      connection_pool (>= 2.2.5)
      drb
      i18n (>= 1.6, < 2)
      logger (>= 1.4.2)
      minitest (>= 5.1)
      securerandom (>= 0.3)
      tzinfo (~> 2.0, >= 2.0.5)
    addressable (2.8.7)
      public_suffix (>= 2.0.2, < 7.0)
    aes_key_wrap (1.1.0)
    android_key_attestation (0.3.0)
    annotaterb (4.13.0)
    ast (2.4.2)
    attr_required (1.0.2)
    aws-eventstream (1.3.0)
    aws-partitions (1.1017.0)
    aws-sdk-core (3.214.0)
      aws-eventstream (~> 1, >= 1.3.0)
      aws-partitions (~> 1, >= 1.992.0)
      aws-sigv4 (~> 1.9)
      jmespath (~> 1, >= 1.6.1)
    aws-sdk-kms (1.96.0)
      aws-sdk-core (~> 3, >= 3.210.0)
      aws-sigv4 (~> 1.5)
    aws-sdk-s3 (1.176.0)
      aws-sdk-core (~> 3, >= 3.210.0)
      aws-sdk-kms (~> 1)
      aws-sigv4 (~> 1.5)
    aws-sigv4 (1.10.1)
      aws-eventstream (~> 1, >= 1.0.2)
    azure-blob (0.5.3)
      rexml
    base64 (0.2.0)
    bcp47_spec (0.2.1)
    bcrypt (3.1.20)
    benchmark (0.4.0)
    better_errors (2.10.1)
      erubi (>= 1.0.0)
      rack (>= 0.9.0)
      rouge (>= 1.0.0)
    bigdecimal (3.1.8)
    bindata (2.5.0)
    binding_of_caller (1.0.1)
      debug_inspector (>= 1.2.0)
    blurhash (0.1.8)
    brakeman (6.2.2)
      racc
    browser (6.2.0)
    brpoplpush-redis_script (0.1.3)
      concurrent-ruby (~> 1.0, >= 1.0.5)
      redis (>= 1.0, < 6)
    builder (3.3.0)
    bundler-audit (0.9.2)
      bundler (>= 1.2.0, < 3)
      thor (~> 1.0)
    capybara (3.40.0)
      addressable
      matrix
      mini_mime (>= 0.1.3)
      nokogiri (~> 1.11)
      rack (>= 1.6.0)
      rack-test (>= 0.6.3)
      regexp_parser (>= 1.5, < 3.0)
      xpath (~> 3.2)
    case_transform (0.2)
      activesupport
    cbor (0.5.9.8)
    charlock_holmes (0.7.9)
    chewy (7.6.0)
      activesupport (>= 5.2)
      elasticsearch (>= 7.14.0, < 8)
      elasticsearch-dsl
    childprocess (5.1.0)
      logger (~> 1.5)
    chunky_png (1.4.0)
    climate_control (1.2.0)
    cocoon (1.2.15)
    color_diff (0.1)
    concurrent-ruby (1.3.4)
    connection_pool (2.4.1)
    cose (1.3.1)
      cbor (~> 0.5.9)
      openssl-signature_algorithm (~> 1.0)
    crack (1.0.0)
      bigdecimal
      rexml
    crass (1.0.6)
    css_parser (1.19.1)
      addressable
    csv (3.3.0)
    database_cleaner-active_record (2.2.0)
      activerecord (>= 5.a)
      database_cleaner-core (~> 2.0.0)
    database_cleaner-core (2.0.1)
    date (3.4.1)
    debug (1.9.2)
      irb (~> 1.10)
      reline (>= 0.3.8)
    debug_inspector (1.2.0)
    devise (4.9.4)
      bcrypt (~> 3.0)
      orm_adapter (~> 0.1)
      railties (>= 4.1.0)
      responders
      warden (~> 1.2.3)
    devise-two-factor (6.1.0)
      activesupport (>= 7.0, < 8.1)
      devise (~> 4.0)
      railties (>= 7.0, < 8.1)
      rotp (~> 6.0)
    devise_pam_authenticatable2 (9.2.0)
      devise (>= 4.0.0)
      rpam2 (~> 4.0)
    diff-lcs (1.5.1)
    discard (1.4.0)
      activerecord (>= 4.2, < 9.0)
    docile (1.4.1)
    domain_name (0.6.20240107)
    doorkeeper (5.8.1)
      railties (>= 5)
    dotenv (3.1.4)
    drb (2.2.1)
    elasticsearch (7.17.11)
      elasticsearch-api (= 7.17.11)
      elasticsearch-transport (= 7.17.11)
    elasticsearch-api (7.17.11)
      multi_json
    elasticsearch-dsl (0.1.10)
    elasticsearch-transport (7.17.11)
      base64
      faraday (>= 1, < 3)
      multi_json
    email_spec (2.3.0)
      htmlentities (~> 4.3.3)
      launchy (>= 2.1, < 4.0)
      mail (~> 2.7)
    erubi (1.13.0)
    et-orbi (1.2.11)
      tzinfo
    excon (0.112.0)
    fabrication (2.31.0)
    faker (3.5.1)
      i18n (>= 1.8.11, < 2)
    faraday (2.12.0)
      faraday-net_http (>= 2.0, < 3.4)
      json
      logger
    faraday-httpclient (2.0.1)
      httpclient (>= 2.2)
    faraday-net_http (3.3.0)
      net-http
    fast_blank (1.0.1)
    fastimage (2.3.1)
    ffi (1.17.0)
    ffi-compiler (1.3.2)
      ffi (>= 1.15.5)
      rake
    flatware (2.3.3)
      drb
      thor (< 2.0)
    flatware-rspec (2.3.3)
      flatware (= 2.3.3)
      rspec (>= 3.6)
    fog-core (2.5.0)
      builder
      excon (~> 0.71)
      formatador (>= 0.2, < 2.0)
      mime-types
    fog-json (1.2.0)
      fog-core
      multi_json (~> 1.10)
    fog-openstack (1.1.3)
      fog-core (~> 2.1)
      fog-json (>= 1.0)
    formatador (1.1.0)
    fugit (1.11.1)
      et-orbi (~> 1, >= 1.2.11)
      raabro (~> 1.4)
    globalid (1.2.1)
      activesupport (>= 6.1)
    google-protobuf (3.25.5)
    googleapis-common-protos-types (1.15.0)
      google-protobuf (>= 3.18, < 5.a)
    haml (6.3.0)
      temple (>= 0.8.2)
      thor
      tilt
    haml-rails (2.1.0)
      actionpack (>= 5.1)
      activesupport (>= 5.1)
      haml (>= 4.0.6)
      railties (>= 5.1)
    haml_lint (0.59.0)
      haml (>= 5.0)
      parallel (~> 1.10)
      rainbow
      rubocop (>= 1.0)
      sysexits (~> 1.1)
    hashdiff (1.1.1)
    hashie (5.0.0)
    hcaptcha (7.1.0)
      json
    highline (3.1.1)
      reline
    hiredis (0.6.3)
    hkdf (0.3.0)
    htmlentities (4.3.4)
    http (5.2.0)
      addressable (~> 2.8)
      base64 (~> 0.1)
      http-cookie (~> 1.0)
      http-form_data (~> 2.2)
      llhttp-ffi (~> 0.5.0)
    http-cookie (1.0.5)
      domain_name (~> 0.5)
    http-form_data (2.3.0)
    http_accept_language (2.1.1)
    httpclient (2.8.3)
    httplog (1.7.0)
      rack (>= 2.0)
      rainbow (>= 2.0.0)
    i18n (1.14.6)
      concurrent-ruby (~> 1.0)
    i18n-tasks (1.0.14)
      activesupport (>= 4.0.2)
      ast (>= 2.1.0)
      erubi
      highline (>= 2.0.0)
      i18n
      parser (>= 3.2.2.1)
      rails-i18n
      rainbow (>= 2.2.2, < 4.0)
      terminal-table (>= 1.5.1)
    idn-ruby (0.1.5)
    inline_svg (1.10.0)
      activesupport (>= 3.0)
      nokogiri (>= 1.6)
    io-console (0.7.2)
    irb (1.14.1)
      rdoc (>= 4.0.0)
      reline (>= 0.4.2)
    jd-paperclip-azure (3.0.0)
      addressable (~> 2.5)
      azure-blob (~> 0.5.2)
      hashie (~> 5.0)
    jmespath (1.6.2)
    json (2.9.0)
    json-canonicalization (1.0.0)
    json-jwt (1.15.3.1)
      activesupport (>= 4.2)
      aes_key_wrap
      bindata
      httpclient
    json-ld (3.3.2)
      htmlentities (~> 4.3)
      json-canonicalization (~> 1.0)
      link_header (~> 0.0, >= 0.0.8)
      multi_json (~> 1.15)
      rack (>= 2.2, < 4)
      rdf (~> 3.3)
      rexml (~> 3.2)
    json-ld-preloaded (3.3.1)
      json-ld (~> 3.3)
      rdf (~> 3.3)
    json-schema (5.1.1)
      addressable (~> 2.8)
      bigdecimal (~> 3.1)
    jsonapi-renderer (0.2.2)
    jwt (2.9.3)
      base64
    kaminari (1.2.2)
      activesupport (>= 4.1.0)
      kaminari-actionview (= 1.2.2)
      kaminari-activerecord (= 1.2.2)
      kaminari-core (= 1.2.2)
    kaminari-actionview (1.2.2)
      actionview
      kaminari-core (= 1.2.2)
    kaminari-activerecord (1.2.2)
      activerecord
      kaminari-core (= 1.2.2)
    kaminari-core (1.2.2)
    kt-paperclip (7.2.2)
      activemodel (>= 4.2.0)
      activesupport (>= 4.2.0)
      marcel (~> 1.0.1)
      mime-types
      terrapin (>= 0.6.0, < 2.0)
    language_server-protocol (3.17.0.3)
    launchy (3.0.1)
      addressable (~> 2.8)
      childprocess (~> 5.0)
    letter_opener (1.10.0)
      launchy (>= 2.2, < 4)
    letter_opener_web (3.0.0)
      actionmailer (>= 6.1)
      letter_opener (~> 1.9)
      railties (>= 6.1)
      rexml
    link_header (0.0.8)
    llhttp-ffi (0.5.0)
      ffi-compiler (~> 1.0)
      rake (~> 13.0)
    logger (1.6.2)
    lograge (0.14.0)
      actionpack (>= 4)
      activesupport (>= 4)
      railties (>= 4)
      request_store (~> 1.0)
    loofah (2.23.1)
      crass (~> 1.0.2)
      nokogiri (>= 1.12.0)
    mail (2.8.1)
      mini_mime (>= 0.1.1)
      net-imap
      net-pop
      net-smtp
    marcel (1.0.4)
    mario-redis-lock (1.2.1)
      redis (>= 3.0.5)
    matrix (0.4.2)
    memory_profiler (1.1.0)
    mime-types (3.6.0)
      logger
      mime-types-data (~> 3.2015)
    mime-types-data (3.2024.1105)
    mini_mime (1.1.5)
    mini_portile2 (2.8.8)
    minitest (5.25.4)
    multi_json (1.15.0)
    mutex_m (0.3.0)
    net-http (0.5.0)
      uri
    net-imap (0.5.1)
      date
      net-protocol
    net-ldap (0.19.0)
    net-pop (0.1.2)
      net-protocol
    net-protocol (0.2.2)
      timeout
    net-smtp (0.5.0)
      net-protocol
    nio4r (2.7.4)
    nokogiri (1.17.1)
      mini_portile2 (~> 2.8.2)
      racc (~> 1.4)
    oj (3.16.7)
      bigdecimal (>= 3.0)
      ostruct (>= 0.2)
    omniauth (2.1.2)
      hashie (>= 3.4.6)
      rack (>= 2.2.3)
      rack-protection
    omniauth-cas (3.0.0)
      addressable (~> 2.8)
      nokogiri (~> 1.12)
      omniauth (~> 2.1)
    omniauth-rails_csrf_protection (1.0.2)
      actionpack (>= 4.2)
      omniauth (~> 2.0)
    omniauth-saml (2.2.1)
      omniauth (~> 2.1)
      ruby-saml (~> 1.17)
    omniauth_openid_connect (0.6.1)
      omniauth (>= 1.9, < 3)
      openid_connect (~> 1.1)
    openid_connect (1.4.2)
      activemodel
      attr_required (>= 1.0.0)
      json-jwt (>= 1.15.0)
      net-smtp
      rack-oauth2 (~> 1.21)
      swd (~> 1.3)
      tzinfo
      validate_email
      validate_url
      webfinger (~> 1.2)
    openssl (3.2.0)
    openssl-signature_algorithm (1.3.0)
      openssl (> 2.0)
    opentelemetry-api (1.4.0)
    opentelemetry-common (0.21.0)
      opentelemetry-api (~> 1.0)
    opentelemetry-exporter-otlp (0.29.1)
      google-protobuf (>= 3.18)
      googleapis-common-protos-types (~> 1.3)
      opentelemetry-api (~> 1.1)
      opentelemetry-common (~> 0.20)
      opentelemetry-sdk (~> 1.2)
      opentelemetry-semantic_conventions
    opentelemetry-helpers-sql-obfuscation (0.2.1)
      opentelemetry-common (~> 0.21)
    opentelemetry-instrumentation-action_mailer (0.2.0)
      opentelemetry-api (~> 1.0)
      opentelemetry-instrumentation-active_support (~> 0.1)
      opentelemetry-instrumentation-base (~> 0.22.1)
    opentelemetry-instrumentation-action_pack (0.10.0)
      opentelemetry-api (~> 1.0)
      opentelemetry-instrumentation-base (~> 0.22.1)
      opentelemetry-instrumentation-rack (~> 0.21)
    opentelemetry-instrumentation-action_view (0.7.3)
      opentelemetry-api (~> 1.0)
      opentelemetry-instrumentation-active_support (~> 0.6)
      opentelemetry-instrumentation-base (~> 0.22.1)
    opentelemetry-instrumentation-active_job (0.7.8)
      opentelemetry-api (~> 1.0)
      opentelemetry-instrumentation-base (~> 0.22.1)
    opentelemetry-instrumentation-active_model_serializers (0.20.3)
      opentelemetry-api (~> 1.0)
      opentelemetry-instrumentation-active_support (>= 0.6.0)
      opentelemetry-instrumentation-base (~> 0.22.1)
    opentelemetry-instrumentation-active_record (0.8.1)
      opentelemetry-api (~> 1.0)
      opentelemetry-instrumentation-base (~> 0.22.1)
    opentelemetry-instrumentation-active_support (0.6.0)
      opentelemetry-api (~> 1.0)
      opentelemetry-instrumentation-base (~> 0.22.1)
    opentelemetry-instrumentation-base (0.22.6)
      opentelemetry-api (~> 1.0)
      opentelemetry-common (~> 0.21)
      opentelemetry-registry (~> 0.1)
    opentelemetry-instrumentation-concurrent_ruby (0.21.4)
      opentelemetry-api (~> 1.0)
      opentelemetry-instrumentation-base (~> 0.22.1)
    opentelemetry-instrumentation-excon (0.22.5)
      opentelemetry-api (~> 1.0)
      opentelemetry-instrumentation-base (~> 0.22.1)
    opentelemetry-instrumentation-faraday (0.24.7)
      opentelemetry-api (~> 1.0)
      opentelemetry-instrumentation-base (~> 0.22.1)
    opentelemetry-instrumentation-http (0.23.5)
      opentelemetry-api (~> 1.0)
      opentelemetry-instrumentation-base (~> 0.22.1)
    opentelemetry-instrumentation-http_client (0.22.8)
      opentelemetry-api (~> 1.0)
      opentelemetry-instrumentation-base (~> 0.22.1)
    opentelemetry-instrumentation-net_http (0.22.8)
      opentelemetry-api (~> 1.0)
      opentelemetry-instrumentation-base (~> 0.22.1)
    opentelemetry-instrumentation-pg (0.29.1)
      opentelemetry-api (~> 1.0)
      opentelemetry-helpers-sql-obfuscation
      opentelemetry-instrumentation-base (~> 0.22.1)
    opentelemetry-instrumentation-rack (0.25.0)
      opentelemetry-api (~> 1.0)
      opentelemetry-instrumentation-base (~> 0.22.1)
    opentelemetry-instrumentation-rails (0.33.1)
      opentelemetry-api (~> 1.0)
      opentelemetry-instrumentation-action_mailer (~> 0.2.0)
      opentelemetry-instrumentation-action_pack (~> 0.10.0)
      opentelemetry-instrumentation-action_view (~> 0.7.0)
      opentelemetry-instrumentation-active_job (~> 0.7.0)
      opentelemetry-instrumentation-active_record (~> 0.8.0)
      opentelemetry-instrumentation-active_support (~> 0.6.0)
      opentelemetry-instrumentation-base (~> 0.22.1)
    opentelemetry-instrumentation-redis (0.25.7)
      opentelemetry-api (~> 1.0)
      opentelemetry-instrumentation-base (~> 0.22.1)
    opentelemetry-instrumentation-sidekiq (0.25.7)
      opentelemetry-api (~> 1.0)
      opentelemetry-instrumentation-base (~> 0.22.1)
    opentelemetry-registry (0.3.1)
      opentelemetry-api (~> 1.1)
    opentelemetry-sdk (1.6.0)
      opentelemetry-api (~> 1.1)
      opentelemetry-common (~> 0.20)
      opentelemetry-registry (~> 0.2)
      opentelemetry-semantic_conventions
    opentelemetry-semantic_conventions (1.10.1)
      opentelemetry-api (~> 1.0)
    orm_adapter (0.5.0)
    ostruct (0.6.1)
    ox (2.14.18)
    parallel (1.26.3)
    parser (3.3.6.0)
      ast (~> 2.4.1)
      racc
    parslet (2.0.0)
    pastel (0.8.0)
      tty-color (~> 0.5)
    pg (1.5.9)
    pghero (3.6.1)
      activerecord (>= 6.1)
    premailer (1.27.0)
      addressable
      css_parser (>= 1.19.0)
      htmlentities (>= 4.0.0)
    premailer-rails (1.12.0)
      actionmailer (>= 3)
      net-smtp
      premailer (~> 1.7, >= 1.7.9)
    propshaft (1.1.0)
      actionpack (>= 7.0.0)
      activesupport (>= 7.0.0)
      rack
      railties (>= 7.0.0)
    psych (5.2.1)
      date
      stringio
    public_suffix (6.0.1)
    puma (6.5.0)
      nio4r (~> 2.0)
    pundit (2.4.0)
      activesupport (>= 3.0.0)
    raabro (1.4.0)
    racc (1.8.1)
    rack (2.2.10)
    rack-attack (6.7.0)
      rack (>= 1.0, < 4)
    rack-cors (2.0.2)
      rack (>= 2.0.0)
    rack-oauth2 (1.21.3)
      activesupport
      attr_required
      httpclient
      json-jwt (>= 1.11.0)
      rack (>= 2.1.0)
    rack-protection (3.2.0)
      base64 (>= 0.1.0)
      rack (~> 2.2, >= 2.2.4)
    rack-proxy (0.7.7)
      rack
    rack-session (1.0.2)
      rack (< 3)
    rack-test (2.1.0)
      rack (>= 1.3)
    rackup (1.0.1)
      rack (< 3)
      webrick
    rails (7.2.2.1)
      actioncable (= 7.2.2.1)
      actionmailbox (= 7.2.2.1)
      actionmailer (= 7.2.2.1)
      actionpack (= 7.2.2.1)
      actiontext (= 7.2.2.1)
      actionview (= 7.2.2.1)
      activejob (= 7.2.2.1)
      activemodel (= 7.2.2.1)
      activerecord (= 7.2.2.1)
      activestorage (= 7.2.2.1)
      activesupport (= 7.2.2.1)
      bundler (>= 1.15.0)
      railties (= 7.2.2.1)
    rails-controller-testing (1.0.5)
      actionpack (>= 5.0.1.rc1)
      actionview (>= 5.0.1.rc1)
      activesupport (>= 5.0.1.rc1)
    rails-dom-testing (2.2.0)
      activesupport (>= 5.0.0)
      minitest
      nokogiri (>= 1.6)
    rails-html-sanitizer (1.6.1)
      loofah (~> 2.21)
      nokogiri (>= 1.15.7, != 1.16.7, != 1.16.6, != 1.16.5, != 1.16.4, != 1.16.3, != 1.16.2, != 1.16.1, != 1.16.0.rc1, != 1.16.0)
    rails-i18n (7.0.10)
      i18n (>= 0.7, < 2)
      railties (>= 6.0.0, < 8)
    railties (7.2.2.1)
      actionpack (= 7.2.2.1)
      activesupport (= 7.2.2.1)
      irb (~> 1.13)
      rackup (>= 1.0.0)
      rake (>= 12.2)
      thor (~> 1.0, >= 1.2.2)
      zeitwerk (~> 2.6)
    rainbow (3.1.1)
    rake (13.2.1)
    rdf (3.3.2)
      bcp47_spec (~> 0.2)
      bigdecimal (~> 3.1, >= 3.1.5)
      link_header (~> 0.0, >= 0.0.8)
    rdf-normalize (0.7.0)
      rdf (~> 3.3)
    rdoc (6.7.0)
      psych (>= 4.0.0)
    redcarpet (3.6.0)
    redis (4.8.1)
    redis-namespace (1.11.0)
      redis (>= 4)
    redlock (1.3.2)
      redis (>= 3.0.0, < 6.0)
    regexp_parser (2.9.3)
    reline (0.5.12)
      io-console (~> 0.5)
    request_store (1.6.0)
      rack (>= 1.4)
    responders (3.1.1)
      actionpack (>= 5.2)
      railties (>= 5.2)
    rexml (3.3.9)
    rotp (6.3.0)
    rouge (4.5.1)
    rpam2 (4.0.2)
    rqrcode (2.2.0)
      chunky_png (~> 1.0)
      rqrcode_core (~> 1.0)
    rqrcode_core (1.2.0)
    rspec (3.13.0)
      rspec-core (~> 3.13.0)
      rspec-expectations (~> 3.13.0)
      rspec-mocks (~> 3.13.0)
    rspec-core (3.13.2)
      rspec-support (~> 3.13.0)
    rspec-expectations (3.13.3)
      diff-lcs (>= 1.2.0, < 2.0)
      rspec-support (~> 3.13.0)
    rspec-github (2.4.0)
      rspec-core (~> 3.0)
    rspec-mocks (3.13.2)
      diff-lcs (>= 1.2.0, < 2.0)
      rspec-support (~> 3.13.0)
    rspec-rails (7.1.0)
      actionpack (>= 7.0)
      activesupport (>= 7.0)
      railties (>= 7.0)
      rspec-core (~> 3.13)
      rspec-expectations (~> 3.13)
      rspec-mocks (~> 3.13)
      rspec-support (~> 3.13)
    rspec-sidekiq (5.0.0)
      rspec-core (~> 3.0)
      rspec-expectations (~> 3.0)
      rspec-mocks (~> 3.0)
      sidekiq (>= 5, < 8)
    rspec-support (3.13.1)
    rubocop (1.69.1)
      json (~> 2.3)
      language_server-protocol (>= 3.17.0)
      parallel (~> 1.10)
      parser (>= 3.3.0.2)
      rainbow (>= 2.2.2, < 4.0)
      regexp_parser (>= 2.9.3, < 3.0)
      rubocop-ast (>= 1.36.2, < 2.0)
      ruby-progressbar (~> 1.7)
      unicode-display_width (>= 2.4.0, < 4.0)
    rubocop-ast (1.36.2)
      parser (>= 3.3.1.0)
    rubocop-capybara (2.21.0)
      rubocop (~> 1.41)
    rubocop-performance (1.23.0)
      rubocop (>= 1.48.1, < 2.0)
      rubocop-ast (>= 1.31.1, < 2.0)
    rubocop-rails (2.27.0)
      activesupport (>= 4.2.0)
      rack (>= 1.1)
      rubocop (>= 1.52.0, < 2.0)
      rubocop-ast (>= 1.31.1, < 2.0)
    rubocop-rspec (3.2.0)
      rubocop (~> 1.61)
    rubocop-rspec_rails (2.30.0)
      rubocop (~> 1.61)
      rubocop-rspec (~> 3, >= 3.0.1)
    ruby-prof (1.7.1)
    ruby-progressbar (1.13.0)
    ruby-saml (1.17.0)
      nokogiri (>= 1.13.10)
      rexml
    ruby-vips (2.2.2)
      ffi (~> 1.12)
      logger
    rubyzip (2.3.2)
    rufus-scheduler (3.9.1)
      fugit (~> 1.1, >= 1.1.6)
    safety_net_attestation (0.4.0)
      jwt (~> 2.0)
    sanitize (6.1.3)
      crass (~> 1.0.2)
      nokogiri (>= 1.12.0)
    scenic (1.8.0)
      activerecord (>= 4.0.0)
      railties (>= 4.0.0)
    securerandom (0.3.2)
    selenium-webdriver (4.27.0)
      base64 (~> 0.2)
      logger (~> 1.4)
      rexml (~> 3.2, >= 3.2.5)
      rubyzip (>= 1.2.2, < 3.0)
      websocket (~> 1.0)
    semantic_range (3.0.0)
    shoulda-matchers (6.4.0)
      activesupport (>= 5.2.0)
    sidekiq (6.5.12)
      connection_pool (>= 2.2.5, < 3)
      rack (~> 2.0)
      redis (>= 4.5.0, < 5)
    sidekiq-bulk (0.2.0)
      sidekiq
    sidekiq-scheduler (5.0.6)
      rufus-scheduler (~> 3.2)
      sidekiq (>= 6, < 8)
      tilt (>= 1.4.0, < 3)
    sidekiq-unique-jobs (7.1.33)
      brpoplpush-redis_script (> 0.1.1, <= 2.0.0)
      concurrent-ruby (~> 1.0, >= 1.0.5)
      redis (< 5.0)
      sidekiq (>= 5.0, < 7.0)
      thor (>= 0.20, < 3.0)
    simple-navigation (4.4.0)
      activesupport (>= 2.3.2)
    simple_form (5.3.1)
      actionpack (>= 5.2)
      activemodel (>= 5.2)
    simplecov (0.22.0)
      docile (~> 1.1)
      simplecov-html (~> 0.11)
      simplecov_json_formatter (~> 0.1)
    simplecov-html (0.13.1)
    simplecov-lcov (0.8.0)
    simplecov_json_formatter (0.1.4)
    stackprof (0.2.26)
    stoplight (4.1.0)
      redlock (~> 1.0)
    stringio (3.1.2)
    strong_migrations (2.1.0)
      activerecord (>= 6.1)
    swd (1.3.0)
      activesupport (>= 3)
      attr_required (>= 0.0.5)
      httpclient (>= 2.4)
    sysexits (1.2.0)
    temple (0.10.3)
    terminal-table (3.0.2)
      unicode-display_width (>= 1.1.1, < 3)
    terrapin (1.0.1)
      climate_control
    test-prof (1.4.2)
    thor (1.3.2)
    tilt (2.4.0)
    timeout (0.4.2)
    tpm-key_attestation (0.12.1)
      bindata (~> 2.4)
      openssl (> 2.0)
      openssl-signature_algorithm (~> 1.0)
    tty-color (0.6.0)
    tty-cursor (0.7.1)
    tty-prompt (0.23.1)
      pastel (~> 0.8)
      tty-reader (~> 0.8)
    tty-reader (0.9.0)
      tty-cursor (~> 0.7)
      tty-screen (~> 0.8)
      wisper (~> 2.0)
    tty-screen (0.8.2)
    twitter-text (3.1.0)
      idn-ruby
      unf (~> 0.1.0)
    tzinfo (2.0.6)
      concurrent-ruby (~> 1.0)
    tzinfo-data (1.2024.2)
      tzinfo (>= 1.0.0)
    unf (0.1.4)
      unf_ext
    unf_ext (0.0.9.1)
    unicode-display_width (2.6.0)
    uri (0.13.1)
    useragent (0.16.11)
    validate_email (0.1.6)
      activemodel (>= 3.0)
      mail (>= 2.2.5)
    validate_url (1.0.15)
      activemodel (>= 3.0.0)
      public_suffix
    warden (1.2.9)
      rack (>= 2.0.9)
    webauthn (3.2.2)
      android_key_attestation (~> 0.3.0)
      bindata (~> 2.4)
      cbor (~> 0.5.9)
      cose (~> 1.1)
      openssl (>= 2.2)
      safety_net_attestation (~> 0.4.0)
      tpm-key_attestation (~> 0.12.0)
    webfinger (1.2.0)
      activesupport
      httpclient (>= 2.4)
    webmock (3.24.0)
      addressable (>= 2.8.0)
      crack (>= 0.3.2)
      hashdiff (>= 0.4.0, < 2.0.0)
    webrick (1.9.1)
    websocket (1.2.11)
    websocket-driver (0.7.6)
      websocket-extensions (>= 0.1.0)
    websocket-extensions (0.1.5)
    wisper (2.0.1)
    xorcist (1.1.3)
    xpath (3.2.0)
      nokogiri (~> 1.8)
    zeitwerk (2.7.1)

PLATFORMS
  ruby

DEPENDENCIES
  active_model_serializers (~> 0.10)
  addressable (~> 2.8)
  annotaterb (~> 4.13)
  aws-sdk-s3 (~> 1.123)
  better_errors (~> 2.9)
  binding_of_caller (~> 1.0)
  blurhash (~> 0.1)
  brakeman (~> 6.0)
  browser
  bundler-audit (~> 0.9)
  capybara (~> 3.39)
  charlock_holmes (~> 0.7.7)
  chewy (~> 7.3)
  climate_control
  cocoon (~> 1.2)
  color_diff (~> 0.1)
  concurrent-ruby
  connection_pool
  csv (~> 3.2)
  database_cleaner-active_record
  debug (~> 1.8)
  devise (~> 4.9)
  devise-two-factor
  devise_pam_authenticatable2 (~> 9.2)
  discard (~> 1.2)
  doorkeeper (~> 5.6)
  dotenv
  email_spec
  fabrication (~> 2.30)
  faker (~> 3.2)
  faraday-httpclient
  fast_blank (~> 1.0)
  fastimage
  flatware-rspec
  fog-core (<= 2.6.0)
  fog-openstack (~> 1.0)
  haml-rails (~> 2.0)
  haml_lint
  hcaptcha (~> 7.1)
  hiredis (~> 0.6)
  htmlentities (~> 4.3)
  http (~> 5.2.0)
  http_accept_language (~> 2.1)
  httplog (~> 1.7.0)
  i18n
  i18n-tasks (~> 1.0)
  idn-ruby
  inline_svg
  irb (~> 1.8)
  jd-paperclip-azure (~> 3.0)
  json-ld
  json-ld-preloaded (~> 3.2)
  json-schema (~> 5.0)
  kaminari (~> 1.2)
  kt-paperclip (~> 7.2)
  letter_opener (~> 1.8)
  letter_opener_web (~> 3.0)
  link_header (~> 0.0)
  lograge (~> 0.12)
  mail (~> 2.8)
  mario-redis-lock (~> 1.2)
  memory_profiler
  mime-types (~> 3.6.0)
  mutex_m
  net-http (~> 0.5.0)
  net-ldap (~> 0.18)
  nokogiri (~> 1.15)
  oj (~> 3.14)
  omniauth (~> 2.0)
  omniauth-cas (~> 3.0.0.beta.1)
  omniauth-rails_csrf_protection (~> 1.0)
  omniauth-saml (~> 2.0)
  omniauth_openid_connect (~> 0.6.1)
  opentelemetry-api (~> 1.4.0)
  opentelemetry-exporter-otlp (~> 0.29.0)
  opentelemetry-instrumentation-active_job (~> 0.7.1)
  opentelemetry-instrumentation-active_model_serializers (~> 0.20.1)
  opentelemetry-instrumentation-concurrent_ruby (~> 0.21.2)
  opentelemetry-instrumentation-excon (~> 0.22.0)
  opentelemetry-instrumentation-faraday (~> 0.24.1)
  opentelemetry-instrumentation-http (~> 0.23.2)
  opentelemetry-instrumentation-http_client (~> 0.22.3)
  opentelemetry-instrumentation-net_http (~> 0.22.4)
  opentelemetry-instrumentation-pg (~> 0.29.0)
  opentelemetry-instrumentation-rack (~> 0.25.0)
  opentelemetry-instrumentation-rails (~> 0.33.0)
  opentelemetry-instrumentation-redis (~> 0.25.3)
  opentelemetry-instrumentation-sidekiq (~> 0.25.2)
  opentelemetry-sdk (~> 1.4)
  ox (~> 2.14)
  parslet
  pg (~> 1.5)
  pghero
  premailer-rails
  propshaft
  public_suffix (~> 6.0)
  puma (~> 6.3)
  pundit (~> 2.3)
  rack (~> 2.2.7)
  rack-attack (~> 6.6)
  rack-cors (~> 2.0)
  rack-test (~> 2.1)
  rails (~> 7.2.0)
  rails-controller-testing (~> 1.0)
  rails-i18n (~> 7.0)
  rdf-normalize (~> 0.5)
  redcarpet (~> 3.6)
  redis (~> 4.5)
  redis-namespace (~> 1.10)
  rqrcode (~> 2.2)
  rspec-github (~> 2.4)
  rspec-rails (~> 7.0)
  rspec-sidekiq (~> 5.0)
  rubocop
  rubocop-capybara
  rubocop-performance
  rubocop-rails
  rubocop-rspec
  rubocop-rspec_rails
  ruby-prof
  ruby-progressbar (~> 1.13)
  ruby-vips (~> 2.2)
  rubyzip (~> 2.3)
  sanitize (~> 6.0)
  scenic (~> 1.7)
  selenium-webdriver
  shoulda-matchers
  sidekiq (~> 6.5)
  sidekiq-bulk (~> 0.2.0)
  sidekiq-scheduler (~> 5.0)
  sidekiq-unique-jobs (~> 7.1)
  simple-navigation (~> 4.4)
  simple_form (~> 5.2)
  simplecov (~> 0.22)
  simplecov-lcov (~> 0.8)
  stackprof
  stoplight (~> 4.1)
  strong_migrations
  test-prof
  thor (~> 1.2)
  tty-prompt (~> 0.23)
  twitter-text (~> 3.1.0)
  tzinfo-data (~> 1.2023)
  webauthn (~> 3.0)
  webmock (~> 3.18)
  webpacker!
  webpush!
  xorcist (~> 1.1)

CHECKSUMS
  actioncable (7.2.2.1) sha256=5b3b885075a80767d63cbf2b586cbf82466a241675b7985233f957abb01bffb4
  actionmailbox (7.2.2.1) sha256=896a47c2520f4507c75dde67c6ea1f5eec3a041fe7bfbf3568c4e0149a080e25
  actionmailer (7.2.2.1) sha256=b02ae523c32c8ad762d4db941e76f3c108c106030132247ee7a7b8c86bc7b21f
  actionpack (7.2.2.1) sha256=17b2160a7bcbd5a569d06b1ae54a4bb5ccc7ba0815d73ff5768100a79dc1f734
  actiontext (7.2.2.1) sha256=f369cee41a6674b697bf9257d917a3dce575a2c89935af437b432d6737a3f0d6
  actionview (7.2.2.1) sha256=69fc880cf3d8b1baf21b048cf7bb68f1eef08760ff8104d7d60a6a1be8b359a5
  active_model_serializers (0.10.15) sha256=08275b2083ab4e8304279d838b99af546878e0d879a8154f731b0d16cb8b0c4c
  activejob (7.2.2.1) sha256=f2f95a8573b394aa4f7c24843f0c4a6065c073a5c64d6f15ecd98d98c2c23e5b
  activemodel (7.2.2.1) sha256=8398861f9ee2c4671a8357ab39e9b38a045fd656f6685a3dd5890c2419dbfdaf
  activerecord (7.2.2.1) sha256=79a31f71c32d5138717c2104e0ff105f5d82922247c85bdca144f2720e67fab9
  activestorage (7.2.2.1) sha256=b4ec35ff94d4d6656ee6952ce439c3f80e249552d49fd2d3996ee53880c5525f
  activesupport (7.2.2.1) sha256=842bcbf8a92977f80fb4750661a237cf5dd4fdd442066b3c35e88afb488647f5
  addressable (2.8.7) sha256=462986537cf3735ab5f3c0f557f14155d778f4b43ea4f485a9deb9c8f7c58232
  aes_key_wrap (1.1.0) sha256=b935f4756b37375895db45669e79dfcdc0f7901e12d4e08974d5540c8e0776a5
  android_key_attestation (0.3.0) sha256=467eb01a99d2bb48ef9cf24cc13712669d7056cba5a52d009554ff037560570b
  annotaterb (4.13.0) sha256=6f472912002fefa735665b4132de47d0134ebf1efb76a7ef05f579cc4a6b2ff1
  ast (2.4.2) sha256=1e280232e6a33754cde542bc5ef85520b74db2aac73ec14acef453784447cc12
  attr_required (1.0.2) sha256=f0ebfc56b35e874f4d0ae799066dbc1f81efefe2364ca3803dc9ea6a4de6cb99
  aws-eventstream (1.3.0) sha256=f1434cc03ab2248756eb02cfa45e900e59a061d7fbdc4a9fd82a5dd23d796d3f
  aws-partitions (1.1017.0) sha256=d52205fd20e9929315c8d2d5c3d87b46ba98d7ac532c1478b88dd482a1167dc5
  aws-sdk-core (3.214.0) sha256=24f2a0f29dc3b5d9ee38d6ff8341a66fba48a4ebca2424688f7bac9952d8488b
  aws-sdk-kms (1.96.0) sha256=b1818e140b4d1b3cbe154e6b2df1d157f8c65aa297d488f69b5745995a6ba375
  aws-sdk-s3 (1.176.0) sha256=c1c00dd35e8896042dce589889051291d2080aa3d938cb6b9cc60496bbc6e9c1
  aws-sigv4 (1.10.1) sha256=8a140753f34de18125686b11e7adaed4ca3db06dfb50a478993bd437f7a203bb
  azure-blob (0.5.3) sha256=52b502a40eb82872e8761d5416f1fb647983efa5ed3d7fbe1470b87edbdc1259
  base64 (0.2.0) sha256=0f25e9b21a02a0cc0cea8ef92b2041035d39350946e8789c562b2d1a3da01507
  bcp47_spec (0.2.1) sha256=3fd62edf96c126bd9624e4319ac74082a966081859d1ee0ef3c3041640a37810
  bcrypt (3.1.20) sha256=8410f8c7b3ed54a3c00cd2456bf13917d695117f033218e2483b2e40b0784099
  benchmark (0.4.0) sha256=0f12f8c495545e3710c3e4f0480f63f06b4c842cc94cec7f33a956f5180e874a
  better_errors (2.10.1) sha256=f798f1bac93f3e775925b7fcb24cffbcf0bb62ee2210f5350f161a6b75fc0a73
  bigdecimal (3.1.8) sha256=a89467ed5a44f8ae01824af49cbc575871fa078332e8f77ea425725c1ffe27be
  bindata (2.5.0) sha256=29dccb8ba1cc9de148f24bb88930840c62db56715f0f80eccadd624d9f3d2623
  binding_of_caller (1.0.1) sha256=2b2902abff4246ddcfbc4da9b69bc4a019e22aeb300c2ff6289a173d4b90b29a
  blurhash (0.1.8) sha256=8ac1dbd2d136e4dfd2258ef6a4e97b8afe3cb7e671601b8ad467d12aa041d1f2
  brakeman (6.2.2) sha256=d502d653699f4d451b21225ff4d19a9ec9345d23eaab5576e246185ffd7bf618
  browser (6.2.0) sha256=281d5295788825c9396427c292c2d2be0a5c91875c93c390fde6e5d61a5ace2d
  brpoplpush-redis_script (0.1.3) sha256=3411dc086d093908bf3d3ce3923cf764238171131a7dac334d1b56ec8bfca5d9
  builder (3.3.0) sha256=497918d2f9dca528fdca4b88d84e4ef4387256d984b8154e9d5d3fe5a9c8835f
  bundler-audit (0.9.2) sha256=73051daa09865c436450a35c4d87ceef15f3f9777f4aad4fd015cc6f1f2b1048
  capybara (3.40.0) sha256=42dba720578ea1ca65fd7a41d163dd368502c191804558f6e0f71b391054aeef
  case_transform (0.2) sha256=e2ad4418dceeb227cf474cc332cd5004c95c136c04186c1cceaad8ab8de6fe3b
  cbor (0.5.9.8) sha256=9ee097fc58d9bc5e406d112cd2d4e112c7354ec16f8b6ff34e4732c1e44b4eb7
  charlock_holmes (0.7.9) sha256=b49e8a11ce1921e2c5b65511bb864ae51720ce9bd1c336ccf0e89e6c8ae62db0
  chewy (7.6.0) sha256=4bd43de074e1516a7793fbfb2cc0943f23e05dec41b71ce2b13401cde091f84d
  childprocess (5.1.0) sha256=9a8d484be2fd4096a0e90a0cd3e449a05bc3aa33f8ac9e4d6dcef6ac1455b6ec
  chunky_png (1.4.0) sha256=89d5b31b55c0cf4da3cf89a2b4ebc3178d8abe8cbaf116a1dba95668502fdcfe
  climate_control (1.2.0) sha256=36b21896193fa8c8536fa1cd843a07cf8ddbd03aaba43665e26c53ec1bd70aa5
  cocoon (1.2.15) sha256=d08f14e69653287d7a060ee43389b8c824e55191dffbca0c5c586f38ef491f0d
  color_diff (0.1) sha256=99dc39f4453e42aa3bbc6d738f82194870b974993135cee61deb2eff29deb705
  concurrent-ruby (1.3.4) sha256=d4aa926339b0a86b5b5054a0a8c580163e6f5dcbdfd0f4bb916b1a2570731c32
  connection_pool (2.4.1) sha256=0f40cf997091f1f04ff66da67eabd61a9fe0d4928b9a3645228532512fab62f4
  cose (1.3.1) sha256=d5d4dbcd6b035d513edc4e1ab9bc10e9ce13b4011c96e3d1b8fe5e6413fd6de5
  crack (1.0.0) sha256=c83aefdb428cdc7b66c7f287e488c796f055c0839e6e545fec2c7047743c4a49
  crass (1.0.6) sha256=dc516022a56e7b3b156099abc81b6d2b08ea1ed12676ac7a5657617f012bd45d
  css_parser (1.19.1) sha256=1940dce01e3b9be18d6880e6d65162d984cc04ff28998cf4759beb999275209e
  csv (3.3.0) sha256=0bbd1defdc31134abefed027a639b3723c2753862150f4c3ee61cab71b20d67d
  database_cleaner-active_record (2.2.0) sha256=3228d6d8ec1f2103fd6ab468dae923424318bcfabcf5dd5b02e5fcb0c486e1c7
  database_cleaner-core (2.0.1) sha256=8646574c32162e59ed7b5258a97a208d3c44551b854e510994f24683865d846c
  date (3.4.1) sha256=bf268e14ef7158009bfeaec40b5fa3c7271906e88b196d958a89d4b408abe64f
  debug (1.9.2) sha256=48e026c0852c7a10c60263e2e527968308958e266231e36d64e3efcabec7e7fc
  debug_inspector (1.2.0) sha256=9bdfa02eebc3da163833e6a89b154084232f5766087e59573b70521c77ea68a2
  devise (4.9.4) sha256=920042fe5e704c548aa4eb65ebdd65980b83ffae67feb32c697206bfd975a7f8
  devise-two-factor (6.1.0) sha256=90389ea00e6eab999f1868311972b6f4c84e6d7d6d1e90990eea8fcaf3372c10
  devise_pam_authenticatable2 (9.2.0) sha256=e21ee4ac213de01e5d5863ba25e23a4304b079dc6128866edf86c17945a1378e
  diff-lcs (1.5.1) sha256=273223dfb40685548436d32b4733aa67351769c7dea621da7d9dd4813e63ddfe
  discard (1.4.0) sha256=6efcd2a53ddf96781f81b825d398f1c88ab88c0faa84e131bea6e16ef95d65d0
  docile (1.4.1) sha256=96159be799bfa73cdb721b840e9802126e4e03dfc26863db73647204c727f21e
  domain_name (0.6.20240107) sha256=5f693b2215708476517479bf2b3802e49068ad82167bcd2286f899536a17d933
  doorkeeper (5.8.1) sha256=6d54f3c36755d8cfcb7e4f04fbcf1ff3492c816090ad78126ec8a722c292d26c
  dotenv (3.1.4) sha256=6dc502e718ea0d3542673345da05c7a69039840898e251757adb3405d2b35629
  drb (2.2.1) sha256=e9d472bf785f558b96b25358bae115646da0dbfd45107ad858b0bc0d935cb340
  elasticsearch (7.17.11) sha256=ed080f085d939f21d07f424ebcea95326e4bdb5f770a8f33aac699374f2ffc86
  elasticsearch-api (7.17.11) sha256=fed8f7b64493c97cf3984a33396a798204b54b8e1b01c5b6c099fa3fd4209107
  elasticsearch-dsl (0.1.10) sha256=d3756e40916e3338cbbb1bd59234515b1d2ce9c67575f1e45c5cd551b91b959c
  elasticsearch-transport (7.17.11) sha256=d18057d5295e4c39fe80084ede9e00e9c0e0d74580348985f8677b2fb7f70f03
  email_spec (2.3.0) sha256=df23be7a131186f7a3d5be3b35eaac9196f9ac13bd26c9c3d59341e13d852d11
  erubi (1.13.0) sha256=fca61b47daefd865d0fb50d168634f27ad40181867445badf6427c459c33cd62
  et-orbi (1.2.11) sha256=d26e868cc21db88280a9ec1a50aa3da5d267eb9b2037ba7b831d6c2731f5df64
  excon (0.112.0) sha256=daf9ac3a4c2fc9aa48383a33da77ecb44fa395111e973084d5c52f6f214ae0f0
  fabrication (2.31.0) sha256=2c79f10d1b88034a2ebd47ce77acba66847fc4636581c8282b3408adc68e85aa
  faker (3.5.1) sha256=1ad1fbea279d882f486059c23fe3ddb816ccd1d7052c05a45014b4450d859bfc
  faraday (2.12.0) sha256=d106d0b1bc2548a8c0c34619a657a5e4aeae2780f951b0e095c8f803bbbf4517
  faraday-httpclient (2.0.1) sha256=2c4a378ba807dd5e360982d383584272cab4a0d682d097026df1167f516dfc5d
  faraday-net_http (3.3.0) sha256=93e6b0f679b1e8e358bcb4e983a52328dfc47ebbe6a232e4f9e8aba9c924e565
  fast_blank (1.0.1) sha256=269fc30414fed4e6403bc4a49081e1ea539f8b9226e59276ed1efaefabaa17ea
  fastimage (2.3.1) sha256=23c629f1f3e7d61bcfcc06c25b3d2418bc6bf41d2e615dbf5132c0e3b63ecce9
  ffi (1.17.0) sha256=51630e43425078311c056ca75f961bb3bda1641ab36e44ad4c455e0b0e4a231c
  ffi-compiler (1.3.2) sha256=a94f3d81d12caf5c5d4ecf13980a70d0aeaa72268f3b9cc13358bcc6509184a0
  flatware (2.3.3) sha256=3754f635ff8963961a12564a2434d551eaff15a3bcfb8b77975a85de6ee38c8f
  flatware-rspec (2.3.3) sha256=0caedfa7e1aea9a743bb395c28fdce397949110958a66d3ce3b1a8142b10f435
  fog-core (2.5.0) sha256=b47b80647a6e5817455ec2baa8f5ca5e3f431d9518e876d55330d08b450cc2ed
  fog-json (1.2.0) sha256=dd4f5ab362dbc72b687240bba9d2dd841d5dfe888a285797533f85c03ea548fe
  fog-openstack (1.1.3) sha256=b8c14d8b9fd960ee7beedc2183dfd353a3e8ddfdbac49de7bfbeac95a81af3fc
  formatador (1.1.0) sha256=54e23e2af4d60bb9327c7fac62b29968e4cf28cee0111f726d0bdeadc85e06d0
  fugit (1.11.1) sha256=e89485e7be22226d8e9c6da411664d0660284b4b1c08cacb540f505907869868
  globalid (1.2.1) sha256=70bf76711871f843dbba72beb8613229a49429d1866828476f9c9d6ccc327ce9
  google-protobuf (3.25.5) sha256=4333fe2e9009131d8bec9b4ffcfae7b5a0a2d1bd18061e8aaaf0fd3d5c835639
  googleapis-common-protos-types (1.15.0) sha256=57b1600c271fa3312096e55a3040d20d2c0f9a5d65d0fde1f16e5cd99bab156b
  haml (6.3.0) sha256=8e6eb87d869639e348852009e74a2a1663d79663ed7e7dbcb38beb1f12bcdd97
  haml-rails (2.1.0) sha256=273ba0189e2f82ce4b2385019dd9138884017e3103cc2eaebeee7f45186f59ea
  haml_lint (0.59.0) sha256=22e82b548f2fe33f231261b2c40fe5dccfd2a6f2c774d092592a3ab0ec2f84b1
  hashdiff (1.1.1) sha256=c7966316726e0ceefe9f5c6aef107ebc3ccfef8b6db55fe3934f046b2cf0936a
  hashie (5.0.0) sha256=9d6c4e51f2a36d4616cbc8a322d619a162d8f42815a792596039fc95595603da
  hcaptcha (7.1.0) sha256=a2a28431175f330df8fb0ba99664985b8509ceaafe0989ff9e516cfa431a063a
  highline (3.1.1) sha256=7a82487e35e057ce3355a0767c67d0dc7750af3647d037d2d58294e87e3c0ee0
  hiredis (0.6.3) sha256=7f052e320f7d24b5c2a9fdf67c6ff6facdf6e256394a703511bce34ecf445212
  hkdf (0.3.0) sha256=34c62c7708451aaccbbafde62c471d837aa174dc30302381dfc486a2c0ebd111
  htmlentities (4.3.4) sha256=125a73c6c9f2d1b62100b7c3c401e3624441b663762afa7fe428476435a673da
  http (5.2.0) sha256=b99ed3c65376e0fd8107647fbaf5a8ab4f66c347d1271fb74cea757e209c6115
  http-cookie (1.0.5) sha256=73756d46c7dbdc7023deecdb8a171348ea95a1b99810b31cfe8b4fb4e9a6318f
  http-form_data (2.3.0) sha256=cc4eeb1361d9876821e31d7b1cf0b68f1cf874b201d27903480479d86448a5f3
  http_accept_language (2.1.1) sha256=0043f0d55a148cf45b604dbdd197cb36437133e990016c68c892d49dbea31634
  httpclient (2.8.3) sha256=2951e4991214464c3e92107e46438527d23048e634f3aee91c719e0bdfaebda6
  httplog (1.7.0) sha256=892c959888961cb1e163f03f09e34b912efafa3c018ae262aaabf9585d231625
  i18n (1.14.6) sha256=dc229a74f5d181f09942dd60ab5d6e667f7392c4ee826f35096db36d1fe3614c
  i18n-tasks (1.0.14) sha256=3ad8daef2a3268d6dc2232aad2b12941b353d884cd30fd3b418a73e7001a03ec
  idn-ruby (0.1.5) sha256=3076fa1aac170e92310d02822badf6b11e74e17915a045c8f9ad053bba24c037
  inline_svg (1.10.0) sha256=5b652934236fd9f8adc61f3fd6e208b7ca3282698b19f28659971da84bf9a10f
  io-console (0.7.2) sha256=f0dccff252f877a4f60d04a4dc6b442b185ebffb4b320ab69212a92b48a7a221
  irb (1.14.1) sha256=5975003b58d36efaf492380baa982ceedf5aed36967a4d5b40996bc5c66e80f8
  jd-paperclip-azure (3.0.0) sha256=6976a27e89e7932f2d082c609863ba33e6a162ddde4dc137be299b8d699e91bd
  jmespath (1.6.2) sha256=238d774a58723d6c090494c8879b5e9918c19485f7e840f2c1c7532cf84ebcb1
  json (2.9.0) sha256=7c0ebdad9d030e6d572cd6f1b4e93d1d81b32c4c7dff611c1ef7825110fc6bcf
  json-canonicalization (1.0.0) sha256=d4848a8cca7534455c6721f2d9fc9e5e9adca49486864a898810024f67d59446
  json-jwt (1.15.3.1) sha256=92b27378212b6aa72aba93a537eabd7f7ac7ad38e12b638863cd7727e0dcb08f
  json-ld (3.3.2) sha256=b9531893bf5bdc01db428e96953845a23adb1097125ce918ae0f97c4a6e1ab27
  json-ld-preloaded (3.3.1) sha256=afd5bf1a3b7d8f8a80dfd407185f41458c69ebe3b2d2e353890f76cd95cc6250
  json-schema (5.1.1) sha256=b3829ad9bcdfc5010d8a160c4c2bebb8fed8d05d22de65648f6ba646b071f9bf
  jsonapi-renderer (0.2.2) sha256=b5c44b033d61b4abdb6500fa4ab84807ca0b36ea0e59e47a2c3ca7095a6e447b
  jwt (2.9.3) sha256=55fd07ccdd64c622d36859748f2290fb9c119ce30b482867504e9f12654d6a65
  kaminari (1.2.2) sha256=c4076ff9adccc6109408333f87b5c4abbda5e39dc464bd4c66d06d9f73442a3e
  kaminari-actionview (1.2.2) sha256=1330f6fc8b59a4a4ef6a549ff8a224797289ebf7a3a503e8c1652535287cc909
  kaminari-activerecord (1.2.2) sha256=0dd3a67bab356a356f36b3b7236bcb81cef313095365befe8e98057dd2472430
  kaminari-core (1.2.2) sha256=3bd26fec7370645af40ca73b9426a448d09b8a8ba7afa9ba3c3e0d39cdbb83ff
  kt-paperclip (7.2.2) sha256=95b023b36748f5e4451fa4e4511a88a51bc86034ed37f888a793ac7cca011fc9
  language_server-protocol (3.17.0.3) sha256=3d5c58c02f44a20d972957a9febe386d7e7468ab3900ce6bd2b563dd910c6b3f
  launchy (3.0.1) sha256=b7fa60bda0197cf57614e271a250a8ca1f6a34ab889a3c73f67ec5d57c8a7f2c
  letter_opener (1.10.0) sha256=2ff33f2e3b5c3c26d1959be54b395c086ca6d44826e8bf41a14ff96fdf1bdbb2
  letter_opener_web (3.0.0) sha256=3f391efe0e8b9b24becfab5537dfb17a5cf5eb532038f947daab58cb4b749860
  link_header (0.0.8) sha256=15c65ce43b29f739b30d05e5f25c22c23797e89cf6f905dbb595fb4c70cb55f9
  llhttp-ffi (0.5.0) sha256=496f40ad44bcbf99de02da1f26b1ad64e6593cd487b931508a86228e2a3af0fa
  logger (1.6.2) sha256=9dfe7ced6d81c3a26b8ab0695b43d5ac0dceb87cc7079570136976fc2fa93261
  lograge (0.14.0) sha256=42371a75823775f166f727639f5ddce73dd149452a55fc94b90c303213dc9ae1
  loofah (2.23.1) sha256=d0a07422cb3b69272e124afa914ef6d517e30d5496b7f1c1fc5b95481f13f75e
  mail (2.8.1) sha256=ec3b9fadcf2b3755c78785cb17bc9a0ca9ee9857108a64b6f5cfc9c0b5bfc9ad
  marcel (1.0.4) sha256=0d5649feb64b8f19f3d3468b96c680bae9746335d02194270287868a661516a4
  mario-redis-lock (1.2.1) sha256=27307e2a16120b3c3e5e307207e28d55204e5651e4f617abd0f67e2c996c3ced
  matrix (0.4.2) sha256=71083ccbd67a14a43bfa78d3e4dc0f4b503b9cc18e5b4b1d686dc0f9ef7c4cc0
  memory_profiler (1.1.0) sha256=79a17df7980a140c83c469785905409d3027ca614c42c086089d128b805aa8f8
  mime-types (3.6.0) sha256=6f71db957840ceae44211531eff3e2f7e0dd4645fefb5f535dbaeb6307ab6464
  mime-types-data (3.2024.1105) sha256=1f6fc1b0744205c0ec6d4cdda207b748b4d28879fa51a35ac73203daa884c4c1
  mini_mime (1.1.5) sha256=8681b7e2e4215f2a159f9400b5816d85e9d8c6c6b491e96a12797e798f8bccef
  mini_portile2 (2.8.8) sha256=8e47136cdac04ce81750bb6c09733b37895bf06962554e4b4056d78168d70a75
  minitest (5.25.4) sha256=9cf2cae25ac4dfc90c988ebc3b917f53c054978b673273da1bd20bcb0778f947
  multi_json (1.15.0) sha256=1fd04138b6e4a90017e8d1b804c039031399866ff3fbabb7822aea367c78615d
  mutex_m (0.3.0) sha256=cfcb04ac16b69c4813777022fdceda24e9f798e48092a2b817eb4c0a782b0751
  net-http (0.5.0) sha256=ed7f88205afe03bf53142a4b81ded91f2c01522dcf03089cb6ad4acb476ce1da
  net-imap (0.5.1) sha256=c0ceb85d8459f7081d5ed1ac86159f8e80d25e704eb52dbf0d9f703b7bc838d7
  net-ldap (0.19.0) sha256=be2a379ccbd28fc75fb70a94af74e3a9a6866b84574247fc243e0abdd2f82f3d
  net-pop (0.1.2) sha256=848b4e982013c15b2f0382792268763b748cce91c9e91e36b0f27ed26420dff3
  net-protocol (0.2.2) sha256=aa73e0cba6a125369de9837b8d8ef82a61849360eba0521900e2c3713aa162a8
  net-smtp (0.5.0) sha256=5fc0415e6ea1cc0b3dfea7270438ec22b278ca8d524986a3ae4e5ae8d087b42a
  nio4r (2.7.4) sha256=d95dee68e0bb251b8ff90ac3423a511e3b784124e5db7ff5f4813a220ae73ca9
  nokogiri (1.17.1) sha256=910fe0f194db99677f7ddb21b19a1d071ceffc4a0e39d44c08736d9b1e558cfc
  oj (3.16.7) sha256=f199c24dbc8fbb1afc01f8be443b8ae0440c0fc4c7a5ca0d898199d0c8e4013d
  omniauth (2.1.2) sha256=def03277298b8f8a5d3ff16cdb2eb5edb9bffed60ee7dda24cc0c89b3ae6a0ce
  omniauth-cas (3.0.0) sha256=7ad169d8066a58aceade1dfb8f15fb59c2ad9a2f6482551aa95ab7599b41e68f
  omniauth-rails_csrf_protection (1.0.2) sha256=1170fd672aff092b9b7ebebc1453559f073ed001e3ce62a1df616e32f8dc5fe0
  omniauth-saml (2.2.1) sha256=8abb6bf8d38a50f52c7cc905d32877c7b2c79dbc9c225fcc3d3e56723411d602
  omniauth_openid_connect (0.6.1) sha256=5f1318f5b19b05e339ff494def060b57a503b1e3ea83c3a0ced6cc014407d423
  openid_connect (1.4.2) sha256=887dab7309d559bcbe5a89130a85940f9dd1e07785dadc3edc661772776c33cd
  openssl (3.2.0) sha256=3c4bb8760977b4becd2819c6c2569bcf5c6f48b32b9f7a4ce1fd37f996378d14
  openssl-signature_algorithm (1.3.0) sha256=a3b40b5e8276162d4a6e50c7c97cdaf1446f9b2c3946a6fa2c14628e0c957e80
  opentelemetry-api (1.4.0) sha256=a733dee4d56c2140e946eb5ba99993575d4e96dd97e07ac948823af03b664036
  opentelemetry-common (0.21.0) sha256=fe891a44583a20bc3217b324aec76d066504494951682d391cfd57d40cd01c98
  opentelemetry-exporter-otlp (0.29.1) sha256=3244c5f489f4ee1900dbb197a15e8ed49d0c777aaa52a5cd1d1fb3cb0a190eb0
  opentelemetry-helpers-sql-obfuscation (0.2.1) sha256=f435d52bec97f8951cbfbfdf7006b3bbe7ca918c0d4e1c8976745010c4de2502
  opentelemetry-instrumentation-action_mailer (0.2.0) sha256=88f2dd8cff27886e84bbf522b698f0bf86b83f0f0adb0d3d27b3fa8211b1cb0e
  opentelemetry-instrumentation-action_pack (0.10.0) sha256=2d821a45be4c2a281cfa42ec96562268b50ff5d5fac77386e7e39e792bceab02
  opentelemetry-instrumentation-action_view (0.7.3) sha256=6da829154e751bd88f5369b97a6346e12c3583a784f58178ccaa0b46d301ea21
  opentelemetry-instrumentation-active_job (0.7.8) sha256=281b3d9bace7aac9f1e121b75f294e7ee8beaedd1f20405539c54df2e6763942
  opentelemetry-instrumentation-active_model_serializers (0.20.3) sha256=13334c0d9f37873ef33ae09d380c17ab16c81591a513d66ffbf5f746cb685b06
  opentelemetry-instrumentation-active_record (0.8.1) sha256=be580547b5653f05c0b12cb34d8d9a22e480292ee3d1214f74c57e2d38ca4a91
  opentelemetry-instrumentation-active_support (0.6.0) sha256=4fe71e2be21135c4a6eb8086998c508deec50080900829fb695ee01b93b507e0
  opentelemetry-instrumentation-base (0.22.6) sha256=3ee56109b4d5c563ef95cf1ac404dce99c9cdc97a4b419fc74609ef822be525f
  opentelemetry-instrumentation-concurrent_ruby (0.21.4) sha256=04efc8114459bbd5d104b559c413aef42e12a1a489e41df2b7b89eb1f88714ce
  opentelemetry-instrumentation-excon (0.22.5) sha256=ec0f1b5b5a808e65d75bc3914c90108eba6c29dd6eb997c6de6ba3ffc3a989f4
  opentelemetry-instrumentation-faraday (0.24.7) sha256=36df85d6d944d287a45726634e9a67d3426ab6e7aaf88623937551e3c6b2ebab
  opentelemetry-instrumentation-http (0.23.5) sha256=71f1b4f9a722a7447e75b731835b832536739d683fbc6b61532cb318d1635e1e
  opentelemetry-instrumentation-http_client (0.22.8) sha256=411f45781b897fc1a21a04af4d9de7e2e9b7259b8a500f5c230709c9de8f456b
  opentelemetry-instrumentation-net_http (0.22.8) sha256=023bd68b6824b8fae5cf905f4c80f734c32395ac2d7911cadba126779730042e
  opentelemetry-instrumentation-pg (0.29.1) sha256=8cbfc1728cd7522da58ff5e7bf5eba4e5b149ecad41076a68e7af983889a8252
  opentelemetry-instrumentation-rack (0.25.0) sha256=539c8b4f6b818e16495e9016126537b4d1cc53292219f1acc35006fe30ce243d
  opentelemetry-instrumentation-rails (0.33.1) sha256=510699dc0acde3ad41ebfd10938413b69ecda5b2d27bb09bda49804b23216d96
  opentelemetry-instrumentation-redis (0.25.7) sha256=2ea0f2d45fe1af0689aeadc08f5b335a2b6d9463de9d855fd25313d3c5b42fe3
  opentelemetry-instrumentation-sidekiq (0.25.7) sha256=d6a6e2cadddfda0a0b641f9dc918e35a77bfc62bc90b80776f5194bd55e0df31
  opentelemetry-registry (0.3.1) sha256=73a48234635b0ed1c75e4b5fb267fb3004baf616d43fe38e8380ecbb933d88df
  opentelemetry-sdk (1.6.0) sha256=b2d960f54c5aa19e2a1ba6b102796f9386bacffe2a0b5dddb21211ec8d4fc492
  opentelemetry-semantic_conventions (1.10.1) sha256=fe9cf823a846cbbbb0300cb5a090c4072b57b2ed21ac8db82de85d330eef5681
  orm_adapter (0.5.0) sha256=aa5d0be5d540cbb46d3a93e88061f4ece6a25f6e97d6a47122beb84fe595e9b9
  ostruct (0.6.1) sha256=09a3fb7ecc1fa4039f25418cc05ae9c82bd520472c5c6a6f515f03e4988cb817
  ox (2.14.18) sha256=993e0290491bab6bbd4946d2fa98711b052634bbb25d7812b931b29de5562f71
  parallel (1.26.3) sha256=d86babb7a2b814be9f4b81587bf0b6ce2da7d45969fab24d8ae4bf2bb4d4c7ef
  parser (3.3.6.0) sha256=25d4e67cc4f0f7cab9a2ae1f38e2005b6904d2ea13c34734511d0faad038bc3b
  parslet (2.0.0) sha256=d45130695d39b43d7e6a91f4d2ec66b388a8d822bae38de9b4de9a5fbde1f606
  pastel (0.8.0) sha256=481da9fb7d2f6e6b1a08faf11fa10363172dc40fd47848f096ae21209f805a75
  pg (1.5.9) sha256=761efbdf73b66516f0c26fcbe6515dc7500c3f0aa1a1b853feae245433c64fdc
  pghero (3.6.1) sha256=e6d4f6ec3979d4828dafcd1eaa4214e70279fe2502b9fe5bd632d8333aa79cd4
  premailer (1.27.0) sha256=0fe2348cd82738855c482b31c915a06ecb1d3ad004578c19042905196ddbd1e7
  premailer-rails (1.12.0) sha256=c13815d161b9bc7f7d3d81396b0bb0a61a90fa9bd89931548bf4e537c7710400
  propshaft (1.1.0) sha256=d389361faf66aeb17e8d204828962c1e506edd14a1a17adb3fa475435c070f6b
  psych (5.2.1) sha256=f6c8441d21e9df3f9790586eaf80ea472d7c98d1e89c92e68e1b6a85fb6eab66
  public_suffix (6.0.1) sha256=61d44e1cab5cbbbe5b31068481cf16976dd0dc1b6b07bd95617ef8c5e3e00c6f
  puma (6.5.0) sha256=94d1b75cab7f356d52e4f1b17b9040a090889b341dbeee6ee3703f441dc189f2
  pundit (2.4.0) sha256=43e6d27a9df082c04f0020999ce4dcf6742ecc5775d102ef2bfe9df041417572
  raabro (1.4.0) sha256=d4fa9ff5172391edb92b242eed8be802d1934b1464061ae5e70d80962c5da882
  racc (1.8.1) sha256=4a7f6929691dbec8b5209a0b373bc2614882b55fc5d2e447a21aaa691303d62f
  rack (2.2.10) sha256=e4a5ee3f8f2ba45614a4498114d6dc7da1c51a0f0dd810d891906ea71d3aa72b
  rack-attack (6.7.0) sha256=3ca47e8f66cd33b2c96af53ea4754525cd928ed3fa8da10ee6dad0277791d77c
  rack-cors (2.0.2) sha256=415d4e1599891760c5dc9ef0349c7fecdf94f7c6a03e75b2e7c2b54b82adda1b
  rack-oauth2 (1.21.3) sha256=4e72a79dd6a866692e84422a552b27c38a5a1918ded06661e04910f2bbe676ba
  rack-protection (3.2.0) sha256=3c74ba7fc59066453d61af9bcba5b6fe7a9b3dab6f445418d3b391d5ea8efbff
  rack-proxy (0.7.7) sha256=446a4b57001022145d5c3ba73b775f66a2260eaf7420c6907483141900395c8a
  rack-session (1.0.2) sha256=a02115e5420b4de036839b9811e3f7967d73446a554b42aa45106af335851d76
  rack-test (2.1.0) sha256=0c61fc61904049d691922ea4bb99e28004ed3f43aa5cfd495024cc345f125dfb
  rackup (1.0.1) sha256=ba86604a28989fe1043bff20d819b360944ca08156406812dca6742b24b3c249
  rails (7.2.2.1) sha256=aedb1604b40f4e43b5e8066e5a1aa34dae02c33aa9669b21fd4497d0f8c9bb40
  rails-controller-testing (1.0.5) sha256=741448db59366073e86fc965ba403f881c636b79a2c39a48d0486f2607182e94
  rails-dom-testing (2.2.0) sha256=e515712e48df1f687a1d7c380fd7b07b8558faa26464474da64183a7426fa93b
  rails-html-sanitizer (1.6.1) sha256=e3d2fb10339f03b802e39c7f6cac28c54fd404d3f65ae39c31cca9d150c5cbf0
  rails-i18n (7.0.10) sha256=efae16e0ac28c0f42e98555c8db1327d69ab02058c8b535e0933cb106dd931ca
  railties (7.2.2.1) sha256=e3f11bf116dd6d0d874522843ccc70ec0f89fbfed3e9c2ee48a4778cd042fe1f
  rainbow (3.1.1) sha256=039491aa3a89f42efa1d6dec2fc4e62ede96eb6acd95e52f1ad581182b79bc6a
  rake (13.2.1) sha256=46cb38dae65d7d74b6020a4ac9d48afed8eb8149c040eccf0523bec91907059d
  rdf (3.3.2) sha256=960eeb22fb4434ec5b6f4dacf65256725db043dac789a4a0dc7cf22057a58ad6
  rdf-normalize (0.7.0) sha256=92374497dddb61c2910b50bfc12bb0ace33dcf23c8edbd0e0f78fd4acf839ebe
  rdoc (6.7.0) sha256=b17d5f0f57b0853d7b880d4360a32c7caf8dbb81f8503a36426df809e617f379
  redcarpet (3.6.0) sha256=8ad1889c0355ff4c47174af14edd06d62f45a326da1da6e8a121d59bdcd2e9e9
  redis (4.8.1) sha256=387ee086694fffc9632aaeb1efe4a7b1627ca783bf373320346a8a20cd93333a
  redis-namespace (1.11.0) sha256=e91a1aa2b2d888b6dea1d4ab8d39e1ae6fac3426161feb9d91dd5cca598a2239
  redlock (1.3.2) sha256=6c7cea3d62c6e31e8df6b1924fdf89e35e5576e52dce10c62412e783bfe37277
  regexp_parser (2.9.3) sha256=4b620657ed8349d82e1331a076415c79b9dd714a5546162ddd790ea9988f6379
  reline (0.5.12) sha256=41ab36d3fd2aaa169e99f8b82a93b9585f51130529360e24388fcccc20a055a2
  request_store (1.6.0) sha256=2d2c4d341ca515ae7ba40ae7aaa43bd90cd320bf69e814562a7369a0d4e1a44d
  responders (3.1.1) sha256=92f2a87e09028347368639cfb468f5fefa745cb0dc2377ef060db1cdd79a341a
  rexml (3.3.9) sha256=d71875b85299f341edf47d44df0212e7658cbdf35aeb69cefdb63f57af3137c9
  rotp (6.3.0) sha256=75d40087e65ed0d8022c33055a6306c1c400d1c12261932533b5d6cbcd868854
  rouge (4.5.1) sha256=2ac81c6dee7019bbc6600d4c2d641d730d65c165941400ebd924259067e690dd
  rpam2 (4.0.2) sha256=6338bf6e56264ad3555c300ec6bccdd2a9114b9d2c3aff0e150e864ff48874ff
  rqrcode (2.2.0) sha256=23eea88bb44c7ee6d6cab9354d08c287f7ebcdc6112e1fe7bcc2d010d1ffefc1
  rqrcode_core (1.2.0) sha256=cf4989dc82d24e2877984738c4ee569308625fed2a810960f1b02d68d0308d1a
  rspec (3.13.0) sha256=d490914ac1d5a5a64a0e1400c1d54ddd2a501324d703b8cfe83f458337bab993
  rspec-core (3.13.2) sha256=94fbda6e4738e478f1c7532b7cc241272fcdc8b9eac03a97338b1122e4573300
  rspec-expectations (3.13.3) sha256=0e6b5af59b900147698ea0ff80456c4f2e69cac4394fbd392fbd1ca561f66c58
  rspec-github (2.4.0) sha256=555a01de3fbe6e0ebe1d1ed5fa027b11b850581ba467d00c58d7895d50ab124f
  rspec-mocks (3.13.2) sha256=2327335def0e1665325a9b617e3af9ae20272741d80ac550336309a7c59abdef
  rspec-rails (7.1.0) sha256=94585b69c4086ca79afae5cc8d2c5e314f6ad32a88c927f9c065b99596e3ee47
  rspec-sidekiq (5.0.0) sha256=bd5d0958a9b6270ef4a3dd172cb2b064e572ccc97f93212b90fd1ad8d8884b23
  rspec-support (3.13.1) sha256=48877d4f15b772b7538f3693c22225f2eda490ba65a0515c4e7cf6f2f17de70f
  rubocop (1.69.1) sha256=339d1b884f5c86be9c70a24c635988679f129996d14048e9ffcde8924a14a2e8
  rubocop-ast (1.36.2) sha256=566405b7f983eb9aa3b91d28aca6bc6566e356a97f59e89851dd910aef1dd1ca
  rubocop-capybara (2.21.0) sha256=5d264efdd8b6c7081a3d4889decf1451a1cfaaec204d81534e236bc825b280ab
  rubocop-performance (1.23.0) sha256=34ae78cb1bc5f1a0b34a34a1f9f6eec2cb8b8b9cafa2ce37982021e86fa49171
  rubocop-rails (2.27.0) sha256=c3a6cef509539cdefe5043992ab3530610b1fecc3d67befe3ff0215b96f2f4fe
  rubocop-rspec (3.2.0) sha256=d2c8568c7790ab62dd380c703b3067e78a248fb25d8c7d8d70c268de2eb243de
  rubocop-rspec_rails (2.30.0) sha256=888112e83f9d7ef7ad2397e9d69a0b9614a4bae24f072c399804a180f80c4c46
  ruby-prof (1.7.1) sha256=026393448cf92fd24a91739bf71ccd2bfe88fe8a1401ee8afc4948a16d62ea24
  ruby-progressbar (1.13.0) sha256=80fc9c47a9b640d6834e0dc7b3c94c9df37f08cb072b7761e4a71e22cff29b33
  ruby-saml (1.17.0) sha256=0419839ba3312d255e35fe3cc7ae155e4a241fd468796caebcf61164aa01b8a9
  ruby-vips (2.2.2) sha256=af5be8e9f2857a98424d7606ecfc2c21c5e107d0802915190dcc093f56e4dd5b
  rubyzip (2.3.2) sha256=3f57e3935dc2255c414484fbf8d673b4909d8a6a57007ed754dde39342d2373f
  rufus-scheduler (3.9.1) sha256=5fca077ca039a0025fa77fcc7484fa64e47a112124babc75d4c072ad05439992
  safety_net_attestation (0.4.0) sha256=96be2d74e7ed26453a51894913449bea0e072f44490021545ac2d1c38b0718ce
  sanitize (6.1.3) sha256=a42ce5f933d82765a8243599d5ab2e8867237e76cf5a699caaddfe60bb944152
  scenic (1.8.0) sha256=31920ab1f3aa00e8b39aa273ebcb10727806a2e2fc100146b57afc079e530d70
  securerandom (0.3.2) sha256=e8b2ffa651dfbbb26eb4bfb8ddcfff94221a93e3f118f39e0f7f94c14fea9dc0
  selenium-webdriver (4.27.0) sha256=8821f4ad60b935cfcdc5954c0a6642d894e936250aece8bf37a6fcbebe5eb6e0
  semantic_range (3.0.0) sha256=3066777ba546f807060d3c93892d5c52eff40f45fd48ac94cef496f4f64997b6
  shoulda-matchers (6.4.0) sha256=9055bb7f4bb342125fb860809798855c630e05ef5e75837b3168b8e6ee1608b0
  sidekiq (6.5.12) sha256=b4f93b2204c42220d0b526a7b8e0c49b5f9da82c1ce1a05d2baf1e8f744c197f
  sidekiq-bulk (0.2.0) sha256=bb13385f0e8542e211a4bf01a8b7bf4593968074840eef548e821cf7eaefde22
  sidekiq-scheduler (5.0.6) sha256=aa49fa982fb0d58e3e94d6bc2e2187be000414b9354a9f35e0cd06de204ad5be
  sidekiq-unique-jobs (7.1.33) sha256=20054bf240a78ee0583585c45ad2e2acb2aca46720e1ae530f7f08d01d3fa1aa
  simple-navigation (4.4.0) sha256=987c79cfb942468470554da8a6bafb16fab519a9ead1da9d64d563c8afca81f1
  simple_form (5.3.1) sha256=3891a36a89a7f8c69f1361624c5357591578a9e9c318257cd7b9cc7b6ce47460
  simplecov (0.22.0) sha256=fe2622c7834ff23b98066bb0a854284b2729a569ac659f82621fc22ef36213a5
  simplecov-html (0.13.1) sha256=5dab0b7ee612e60e9887ad57693832fdf4695b4c0c859eaea5f95c18791ef10b
  simplecov-lcov (0.8.0) sha256=0115f31cb7ef5ec4334f5d9382c67fd43de2e5270e21b65bfc693da82dd713c1
  simplecov_json_formatter (0.1.4) sha256=529418fbe8de1713ac2b2d612aa3daa56d316975d307244399fa4838c601b428
  stackprof (0.2.26) sha256=ee408cbcccd9422aabd66edff8b76a77d67955f2ee1b674961b5dfaa2cc7b8bd
  stoplight (4.1.0) sha256=a81bb0d999cf0a33d0c26e84bd98c7570e13518abd5f98d6c041bec5abf90363
  stringio (3.1.2) sha256=204f1828f85cdb39d57cac4abc6dc44b04505a223f131587f2e20ae3729ba131
  strong_migrations (2.1.0) sha256=d48015334c4f9276a2e82e0ed6a2f610424afdbccae64a761b8c900aa10092f9
  swd (1.3.0) sha256=bc382a19e1d36a95529b25152976db61b80376c3d486b21c8dd60ac2b5c06389
  sysexits (1.2.0) sha256=598241c4ae57baa403c125182dfdcc0d1ac4c0fb606dd47fbed57e4aaf795662
  temple (0.10.3) sha256=df3145fe6577af1e25387eb7f7122d32ed51bdb6f2e7bb0f4fbf07b66151913b
  terminal-table (3.0.2) sha256=f951b6af5f3e00203fb290a669e0a85c5dd5b051b3b023392ccfd67ba5abae91
  terrapin (1.0.1) sha256=dde2f5840c2f9754ed26e3d36413910c5d7ed8a6b165eabe489eb4aa7e47264d
  test-prof (1.4.2) sha256=965c1c2142b2204005116b12c8b78c251a56f91dd473214600a5545259ddcdd7
  thor (1.3.2) sha256=eef0293b9e24158ccad7ab383ae83534b7ad4ed99c09f96f1a6b036550abbeda
  tilt (2.4.0) sha256=df74f29a451daed26591a85e8e0cebb198892cb75b6573394303acda273fba4d
  timeout (0.4.2) sha256=8aca2d5ff98eb2f7a501c03f8c3622065932cc58bc58f725cd50a09e63b4cc19
  tpm-key_attestation (0.12.1) sha256=3c1315bed06ba3563aee98ff69c270d9b45b586a43ac2da250b23cad3c3caca3
  tty-color (0.6.0) sha256=6f9c37ca3a4e2367fb2e6d09722762647d6f455c111f05b59f35730eeb24332a
  tty-cursor (0.7.1) sha256=79534185e6a777888d88628b14b6a1fdf5154a603f285f80b1753e1908e0bf48
  tty-prompt (0.23.1) sha256=fcdbce905238993f27eecfdf67597a636bc839d92192f6a0eef22b8166449ec8
  tty-reader (0.9.0) sha256=c62972c985c0b1566f0e56743b6a7882f979d3dc32ff491ed490a076f899c2b1
  tty-screen (0.8.2) sha256=c090652115beae764336c28802d633f204fb84da93c6a968aa5d8e319e819b50
  twitter-text (3.1.0) sha256=7fa4b3abf380ba26f3b4d310f41c6fecab0c0f137e7d51d6b201d02117b8d5b6
  tzinfo (2.0.6) sha256=8daf828cc77bcf7d63b0e3bdb6caa47e2272dcfaf4fbfe46f8c3a9df087a829b
  tzinfo-data (1.2024.2) sha256=722822b015d711ad57a8f98e323a6f814585cc497809208e66b588a2d2ee86b3
  unf (0.1.4) sha256=4999517a531f2a955750f8831941891f6158498ec9b6cb1c81ce89388e63022e
  unf_ext (0.0.9.1) sha256=926114a858934126c6bbfd3254347dadb5dae354711869368c0f75e3765fc6e9
  unicode-display_width (2.6.0) sha256=12279874bba6d5e4d2728cef814b19197dbb10d7a7837a869bab65da943b7f5a
  uri (0.13.1) sha256=df2d8b13e3e8c8a43432637e2ace4f9de7b42674361b4dd26302b40f7d7fcd1e
  useragent (0.16.11) sha256=700e6413ad4bb954bb63547fa098dddf7b0ebe75b40cc6f93b8d54255b173844
  validate_email (0.1.6) sha256=9dfe9016d527b17a8d3a6e95e4dc50a125400eef899d13d4cc2a254393f82ee4
  validate_url (1.0.15) sha256=72fe164c0713d63a9970bd6700bea948babbfbdcec392f2342b6704042f57451
  warden (1.2.9) sha256=46684f885d35a69dbb883deabf85a222c8e427a957804719e143005df7a1efd0
  webauthn (3.2.2) sha256=46e70b234963c85bbf8ea8febc9a3cbf04569e34a73a570d86f68556f3f36a38
  webfinger (1.2.0) sha256=7814ef1c85da47514f65c6e5ca14205fa9ce41ea2a70785e0c872842162852a2
  webmock (3.24.0) sha256=be01357f6fc773606337ca79f3ba332b7d52cbe5c27587671abc0572dbec7122
  webpacker (5.4.4)
  webpush (0.3.8)
  webrick (1.9.1) sha256=b42d3c94f166f3fb73d87e9b359def9b5836c426fc8beacf38f2184a21b2a989
  websocket (1.2.11) sha256=b7e7a74e2410b5e85c25858b26b3322f29161e300935f70a0e0d3c35e0462737
  websocket-driver (0.7.6) sha256=f69400be7bc197879726ad8e6f5869a61823147372fd8928836a53c2c741d0db
  websocket-extensions (0.1.5) sha256=1c6ba63092cda343eb53fc657110c71c754c56484aad42578495227d717a8241
  wisper (2.0.1) sha256=ce17bc5c3a166f241a2e6613848b025c8146fce2defba505920c1d1f3f88fae6
  xorcist (1.1.3) sha256=690c97d9a3bb7271ee5cbfd739158f944496cb72fd0c1d55b2db31da918f6bb5
  xpath (3.2.0) sha256=6dfda79d91bb3b949b947ecc5919f042ef2f399b904013eb3ef6d20dd3a4082e
  zeitwerk (2.7.1) sha256=0945986050e4907140895378e74df1fe882a2271ed087cc6c6d6b00d415a2756

RUBY VERSION
   ruby 3.3.6p108

BUNDLED WITH
   2.5.23
